STORAGE: NONE
RESTRICTION: || (== netcoreapp2.1) (== netstandard2.0)
NUGET
  remote: https://www.nuget.org/api/v2
    Argu (5.1)
      FSharp.Core (>= 4.3.2)
      System.Configuration.ConfigurationManager (>= 4.4)
    AtkSharp (3.22.24.36)
      GLibSharp (>= 3.22.24.36)
    CairoSharp (3.22.24.36)
    Elmish (2.0)
      FSharp.Core (>= 4.5.2)
    Elmish.XamarinForms (0.17)
      FSharp.Core (>= 4.5)
      Xamarin.Forms (>= 3.0.0.482510)
    Eto.Forms (2.4.1)
      System.ComponentModel (>= 4.3)
      System.Runtime.Serialization.Primitives (>= 4.3)
    Eto.Platform.Gtk (2.4.1)
      Eto.Forms (2.4.1)
      GtkSharp (>= 3.22.24.29)
    Fable.JsonConverter (1.0.8)
      FSharp.Core (>= 4.2.3)
      Newtonsoft.Json (>= 11.0.1)
    FSharp.Control.AsyncSeq (2.0.21)
      FSharp.Core (>= 4.3.2)
    FSharp.Core (4.5.2)
    FSharp.Data (3.0.0-beta4)
      FSharp.Core (>= 4.3.4)
    GdkSharp (3.22.24.36)
      CairoSharp (>= 3.22.24.36)
      GioSharp (>= 3.22.24.36)
      GLibSharp (>= 3.22.24.36)
      PangoSharp (>= 3.22.24.36)
    GioSharp (3.22.24.36)
      GLibSharp (>= 3.22.24.36)
    Giraffe (3.1)
      FSharp.Core (>= 4.5.2)
      Microsoft.AspNetCore.Authentication (>= 2.1.2)
      Microsoft.AspNetCore.Authorization (>= 2.1.2)
      Microsoft.AspNetCore.Diagnostics (>= 2.1.1)
      Microsoft.AspNetCore.Hosting.Abstractions (>= 2.1.1)
      Microsoft.AspNetCore.ResponseCaching (>= 2.1.1)
      Newtonsoft.Json (>= 11.0.2)
      System.Text.RegularExpressions (>= 4.3)
      System.Xml.XmlSerializer (>= 4.3)
      TaskBuilder.fs (>= 2.1)
      Utf8Json (>= 1.3.7)
    GLibSharp (3.22.24.36)
    GtkSharp (3.22.24.36)
      AtkSharp (>= 3.22.24.36)
      CairoSharp (>= 3.22.24.36)
      GdkSharp (>= 3.22.24.36)
      GioSharp (>= 3.22.24.36)
      GLibSharp (>= 3.22.24.36)
      PangoSharp (>= 3.22.24.36)
    jose-jwt (2.4)
      Newtonsoft.Json (>= 9.0.1)
      System.IO.Compression (>= 4.3)
      System.Runtime.InteropServices (>= 4.3)
      System.Runtime.Serialization.Primitives (>= 4.3)
      System.Security.Cryptography.Algorithms (>= 4.3)
      System.Security.Cryptography.Cng (>= 4.3)
      System.Security.Cryptography.Csp (>= 4.3)
      System.Security.Cryptography.X509Certificates (>= 4.3)
    Microsoft.AspNetCore (2.1.4)
      Microsoft.AspNetCore.Diagnostics (>= 2.1.1)
      Microsoft.AspNetCore.HostFiltering (>= 2.1.1)
      Microsoft.AspNetCore.Hosting (>= 2.1.1)
      Microsoft.AspNetCore.Routing (>= 2.1.1)
      Microsoft.AspNetCore.Server.IISIntegration (>= 2.1.2)
      Microsoft.AspNetCore.Server.Kestrel (>= 2.1.3)
      Microsoft.AspNetCore.Server.Kestrel.Https (>= 2.1.3)
      Microsoft.Extensions.Configuration.CommandLine (>= 2.1.1)
      Microsoft.Extensions.Configuration.EnvironmentVariables (>= 2.1.1)
      Microsoft.Extensions.Configuration.FileExtensions (>= 2.1.1)
      Microsoft.Extensions.Configuration.Json (>= 2.1.1)
      Microsoft.Extensions.Configuration.UserSecrets (>= 2.1.1)
      Microsoft.Extensions.Logging (>= 2.1.1)
      Microsoft.Extensions.Logging.Configuration (>= 2.1.1)
      Microsoft.Extensions.Logging.Console (>= 2.1.1)
      Microsoft.Extensions.Logging.Debug (>= 2.1.1)
    Microsoft.AspNetCore.Antiforgery (2.1.1)
      Microsoft.AspNetCore.DataProtection (>= 2.1.1)
      Microsoft.AspNetCore.Http.Abstractions (>= 2.1.1)
      Microsoft.AspNetCore.Http.Extensions (>= 2.1.1)
      Microsoft.AspNetCore.WebUtilities (>= 2.1.1)
      Microsoft.Extensions.ObjectPool (>= 2.1.1)
    Microsoft.AspNetCore.Authentication (2.1.2)
      Microsoft.AspNetCore.Authentication.Core (>= 2.1.1)
      Microsoft.AspNetCore.DataProtection (>= 2.1.1)
      Microsoft.AspNetCore.Http (>= 2.1.1)
      Microsoft.AspNetCore.Http.Extensions (>= 2.1.1)
      Microsoft.Extensions.Logging.Abstractions (>= 2.1.1)
      Microsoft.Extensions.Options (>= 2.1.1)
      Microsoft.Extensions.WebEncoders (>= 2.1.1)
    Microsoft.AspNetCore.Authentication.Abstractions (2.1.1)
      Microsoft.AspNetCore.Http.Abstractions (>= 2.1.1)
      Microsoft.Extensions.Logging.Abstractions (>= 2.1.1)
      Microsoft.Extensions.Options (>= 2.1.1)
    Microsoft.AspNetCore.Authentication.Cookies (2.1.2)
      Microsoft.AspNetCore.Authentication (>= 2.1.2)
    Microsoft.AspNetCore.Authentication.Core (2.1.1)
      Microsoft.AspNetCore.Authentication.Abstractions (>= 2.1.1)
      Microsoft.AspNetCore.Http (>= 2.1.1)
      Microsoft.AspNetCore.Http.Extensions (>= 2.1.1)
    Microsoft.AspNetCore.Authentication.JwtBearer (2.1.2)
      Microsoft.AspNetCore.Authentication (>= 2.1.2)
      Microsoft.IdentityModel.Protocols.OpenIdConnect (>= 5.2)
    Microsoft.AspNetCore.Authentication.OAuth (2.1.2)
      Microsoft.AspNetCore.Authentication (>= 2.1.2)
      Newtonsoft.Json (>= 11.0.2)
    Microsoft.AspNetCore.Authorization (2.1.2)
      Microsoft.Extensions.Logging.Abstractions (>= 2.1.1)
      Microsoft.Extensions.Options (>= 2.1.1)
    Microsoft.AspNetCore.Connections.Abstractions (2.1.3)
      Microsoft.AspNetCore.Http.Features (>= 2.1.1)
      System.IO.Pipelines (>= 4.5)
    Microsoft.AspNetCore.Cors (2.1.1)
      Microsoft.AspNetCore.Http.Extensions (>= 2.1.1)
      Microsoft.Extensions.Configuration.Abstractions (>= 2.1.1)
      Microsoft.Extensions.DependencyInjection.Abstractions (>= 2.1.1)
      Microsoft.Extensions.Logging.Abstractions (>= 2.1.1)
      Microsoft.Extensions.Options (>= 2.1.1)
    Microsoft.AspNetCore.Cryptography.Internal (2.1.1)
    Microsoft.AspNetCore.DataProtection (2.1.1)
      Microsoft.AspNetCore.Cryptography.Internal (>= 2.1.1)
      Microsoft.AspNetCore.DataProtection.Abstractions (>= 2.1.1)
      Microsoft.AspNetCore.Hosting.Abstractions (>= 2.1.1)
      Microsoft.Extensions.DependencyInjection.Abstractions (>= 2.1.1)
      Microsoft.Extensions.Logging.Abstractions (>= 2.1.1)
      Microsoft.Extensions.Options (>= 2.1.1)
      Microsoft.Win32.Registry (>= 4.5)
      System.Security.Cryptography.Xml (>= 4.5)
      System.Security.Principal.Windows (>= 4.5)
    Microsoft.AspNetCore.DataProtection.Abstractions (2.1.1)
    Microsoft.AspNetCore.Diagnostics (2.1.1)
      Microsoft.AspNetCore.Diagnostics.Abstractions (>= 2.1.1)
      Microsoft.AspNetCore.Hosting.Abstractions (>= 2.1.1)
      Microsoft.AspNetCore.Http.Extensions (>= 2.1.1)
      Microsoft.AspNetCore.WebUtilities (>= 2.1.1)
      Microsoft.Extensions.FileProviders.Physical (>= 2.1.1)
      Microsoft.Extensions.Logging.Abstractions (>= 2.1.1)
      Microsoft.Extensions.Options (>= 2.1.1)
      System.Diagnostics.DiagnosticSource (>= 4.5)
      System.Reflection.Metadata (>= 1.6)
    Microsoft.AspNetCore.Diagnostics.Abstractions (2.1.1)
    Microsoft.AspNetCore.HostFiltering (2.1.1)
      Microsoft.AspNetCore.Hosting.Abstractions (>= 2.1.1)
      Microsoft.AspNetCore.Http (>= 2.1.1)
      Microsoft.AspNetCore.Http.Extensions (>= 2.1.1)
      Microsoft.Extensions.Options (>= 2.1.1)
    Microsoft.AspNetCore.Hosting (2.1.1)
      Microsoft.AspNetCore.Hosting.Abstractions (>= 2.1.1)
      Microsoft.AspNetCore.Http (>= 2.1.1)
      Microsoft.AspNetCore.Http.Extensions (>= 2.1.1)
      Microsoft.Extensions.Configuration (>= 2.1.1)
      Microsoft.Extensions.Configuration.EnvironmentVariables (>= 2.1.1)
      Microsoft.Extensions.Configuration.FileExtensions (>= 2.1.1)
      Microsoft.Extensions.DependencyInjection (>= 2.1.1)
      Microsoft.Extensions.FileProviders.Physical (>= 2.1.1)
      Microsoft.Extensions.Hosting.Abstractions (>= 2.1.1)
      Microsoft.Extensions.Logging (>= 2.1.1)
      Microsoft.Extensions.Options (>= 2.1.1)
      System.Diagnostics.DiagnosticSource (>= 4.5)
      System.Reflection.Metadata (>= 1.6)
    Microsoft.AspNetCore.Hosting.Abstractions (2.1.1)
      Microsoft.AspNetCore.Hosting.Server.Abstractions (>= 2.1.1)
      Microsoft.AspNetCore.Http.Abstractions (>= 2.1.1)
      Microsoft.Extensions.Hosting.Abstractions (>= 2.1.1)
    Microsoft.AspNetCore.Hosting.Server.Abstractions (2.1.1)
      Microsoft.AspNetCore.Http.Features (>= 2.1.1)
      Microsoft.Extensions.Configuration.Abstractions (>= 2.1.1)
    Microsoft.AspNetCore.Http (2.1.1)
      Microsoft.AspNetCore.Http.Abstractions (>= 2.1.1)
      Microsoft.AspNetCore.WebUtilities (>= 2.1.1)
      Microsoft.Extensions.ObjectPool (>= 2.1.1)
      Microsoft.Extensions.Options (>= 2.1.1)
      Microsoft.Net.Http.Headers (>= 2.1.1)
    Microsoft.AspNetCore.Http.Abstractions (2.1.1)
      Microsoft.AspNetCore.Http.Features (>= 2.1.1)
      System.Text.Encodings.Web (>= 4.5)
    Microsoft.AspNetCore.Http.Extensions (2.1.1)
      Microsoft.AspNetCore.Http.Abstractions (>= 2.1.1)
      Microsoft.Extensions.FileProviders.Abstractions (>= 2.1.1)
      Microsoft.Net.Http.Headers (>= 2.1.1)
      System.Buffers (>= 4.5)
    Microsoft.AspNetCore.Http.Features (2.1.1)
      Microsoft.Extensions.Primitives (>= 2.1.1)
    Microsoft.AspNetCore.HttpOverrides (2.1.1)
      Microsoft.AspNetCore.Http.Extensions (>= 2.1.1)
      Microsoft.Extensions.Logging.Abstractions (>= 2.1.1)
      Microsoft.Extensions.Options (>= 2.1.1)
    Microsoft.AspNetCore.ResponseCaching (2.1.1)
      Microsoft.AspNetCore.Http (>= 2.1.1)
      Microsoft.AspNetCore.Http.Extensions (>= 2.1.1)
      Microsoft.AspNetCore.ResponseCaching.Abstractions (>= 2.1.1)
      Microsoft.Extensions.Caching.Memory (>= 2.1.1)
      Microsoft.Extensions.Logging.Abstractions (>= 2.1.1)
    Microsoft.AspNetCore.ResponseCaching.Abstractions (2.1.1)
      Microsoft.Extensions.Primitives (>= 2.1.1)
    Microsoft.AspNetCore.ResponseCompression (2.1.1)
      Microsoft.AspNetCore.Http.Extensions (>= 2.1.1)
      Microsoft.Extensions.Options (>= 2.1.1)
    Microsoft.AspNetCore.Rewrite (2.1.1)
      Microsoft.AspNetCore.Hosting.Abstractions (>= 2.1.1)
      Microsoft.AspNetCore.Http.Extensions (>= 2.1.1)
      Microsoft.Extensions.Configuration.Abstractions (>= 2.1.1)
      Microsoft.Extensions.FileProviders.Abstractions (>= 2.1.1)
      Microsoft.Extensions.Logging.Abstractions (>= 2.1.1)
      Microsoft.Extensions.Options (>= 2.1.1)
    Microsoft.AspNetCore.Routing (2.1.1)
      Microsoft.AspNetCore.Http.Extensions (>= 2.1.1)
      Microsoft.AspNetCore.Routing.Abstractions (>= 2.1.1)
      Microsoft.Extensions.Logging.Abstractions (>= 2.1.1)
      Microsoft.Extensions.ObjectPool (>= 2.1.1)
      Microsoft.Extensions.Options (>= 2.1.1)
    Microsoft.AspNetCore.Routing.Abstractions (2.1.1)
      Microsoft.AspNetCore.Http.Abstractions (>= 2.1.1)
    Microsoft.AspNetCore.Server.IISIntegration (2.1.2)
      Microsoft.AspNetCore.Authentication.Core (>= 2.1.1)
      Microsoft.AspNetCore.Hosting.Abstractions (>= 2.1.1)
      Microsoft.AspNetCore.Http (>= 2.1.1)
      Microsoft.AspNetCore.Http.Extensions (>= 2.1.1)
      Microsoft.AspNetCore.HttpOverrides (>= 2.1.1)
      Microsoft.Extensions.Logging.Abstractions (>= 2.1.1)
      Microsoft.Extensions.Options (>= 2.1.1)
      System.Buffers (>= 4.5)
      System.IO.Pipelines (>= 4.5.2)
      System.Memory (>= 4.5.1)
      System.Numerics.Vectors (>= 4.5)
      System.Runtime.CompilerServices.Unsafe (>= 4.5.2)
      System.Security.Principal.Windows (>= 4.5.1)
    Microsoft.AspNetCore.Server.Kestrel (2.1.3)
      Microsoft.AspNetCore.Hosting (>= 2.1.1)
      Microsoft.AspNetCore.Server.Kestrel.Core (>= 2.1.3)
      Microsoft.AspNetCore.Server.Kestrel.Https (>= 2.1.3)
      Microsoft.AspNetCore.Server.Kestrel.Transport.Sockets (>= 2.1.3)
    Microsoft.AspNetCore.Server.Kestrel.Core (2.1.3)
      Microsoft.AspNetCore.Hosting.Abstractions (>= 2.1.1)
      Microsoft.AspNetCore.Server.Kestrel.Transport.Abstractions (>= 2.1.3)
      Microsoft.AspNetCore.WebUtilities (>= 2.1.1)
      Microsoft.Extensions.Configuration.Binder (>= 2.1.1)
      Microsoft.Extensions.Logging.Abstractions (>= 2.1.1)
      Microsoft.Extensions.Options (>= 2.1.1)
      Microsoft.Net.Http.Headers (>= 2.1.1)
      System.Memory (>= 4.5.1)
      System.Numerics.Vectors (>= 4.5)
      System.Runtime.CompilerServices.Unsafe (>= 4.5.1)
      System.Security.Cryptography.Cng (>= 4.5)
      System.Threading.Tasks.Extensions (>= 4.5.1)
    Microsoft.AspNetCore.Server.Kestrel.Https (2.1.3)
      Microsoft.AspNetCore.Http.Abstractions (>= 2.1.1)
      Microsoft.AspNetCore.Server.Kestrel.Core (>= 2.1.3)
    Microsoft.AspNetCore.Server.Kestrel.Transport.Abstractions (2.1.3)
      Microsoft.AspNetCore.Connections.Abstractions (>= 2.1.3)
    Microsoft.AspNetCore.Server.Kestrel.Transport.Sockets (2.1.3)
      Microsoft.AspNetCore.Hosting.Abstractions (>= 2.1.1)
      Microsoft.AspNetCore.Server.Kestrel.Transport.Abstractions (>= 2.1.3)
      Microsoft.Extensions.Options (>= 2.1.1)
    Microsoft.AspNetCore.Session (2.1.1)
      Microsoft.AspNetCore.DataProtection (>= 2.1.1)
      Microsoft.AspNetCore.Http.Abstractions (>= 2.1.1)
      Microsoft.Extensions.Caching.Abstractions (>= 2.1.1)
      Microsoft.Extensions.Logging.Abstractions (>= 2.1.1)
      Microsoft.Extensions.Options (>= 2.1.1)
    Microsoft.AspNetCore.StaticFiles (2.1.1)
      Microsoft.AspNetCore.Hosting.Abstractions (>= 2.1.1)
      Microsoft.AspNetCore.Http.Extensions (>= 2.1.1)
      Microsoft.Extensions.FileProviders.Abstractions (>= 2.1.1)
      Microsoft.Extensions.Logging.Abstractions (>= 2.1.1)
      Microsoft.Extensions.WebEncoders (>= 2.1.1)
    Microsoft.AspNetCore.WebSockets (2.1.1)
      Microsoft.AspNetCore.Http.Extensions (>= 2.1.1)
      Microsoft.Extensions.Options (>= 2.1.1)
      System.Net.WebSockets.WebSocketProtocol (>= 4.5.1)
    Microsoft.AspNetCore.WebUtilities (2.1.1)
      Microsoft.Net.Http.Headers (>= 2.1.1)
      System.Text.Encodings.Web (>= 4.5)
    Microsoft.Extensions.Caching.Abstractions (2.1.2)
      Microsoft.Extensions.Primitives (>= 2.1.1)
    Microsoft.Extensions.Caching.Memory (2.1.2)
      Microsoft.Extensions.Caching.Abstractions (>= 2.1.2)
      Microsoft.Extensions.DependencyInjection.Abstractions (>= 2.1.1)
      Microsoft.Extensions.Options (>= 2.1.1)
    Microsoft.Extensions.Configuration (2.1.1)
      Microsoft.Extensions.Configuration.Abstractions (>= 2.1.1)
    Microsoft.Extensions.Configuration.Abstractions (2.1.1)
      Microsoft.Extensions.Primitives (>= 2.1.1)
    Microsoft.Extensions.Configuration.Binder (2.1.1)
      Microsoft.Extensions.Configuration (>= 2.1.1)
    Microsoft.Extensions.Configuration.CommandLine (2.1.1)
      Microsoft.Extensions.Configuration (>= 2.1.1)
    Microsoft.Extensions.Configuration.EnvironmentVariables (2.1.1)
      Microsoft.Extensions.Configuration (>= 2.1.1)
    Microsoft.Extensions.Configuration.FileExtensions (2.1.1)
      Microsoft.Extensions.Configuration (>= 2.1.1)
      Microsoft.Extensions.FileProviders.Physical (>= 2.1.1)
    Microsoft.Extensions.Configuration.Json (2.1.1)
      Microsoft.Extensions.Configuration (>= 2.1.1)
      Microsoft.Extensions.Configuration.FileExtensions (>= 2.1.1)
      Newtonsoft.Json (>= 11.0.2)
    Microsoft.Extensions.Configuration.UserSecrets (2.1.1)
      Microsoft.Extensions.Configuration.Json (>= 2.1.1)
    Microsoft.Extensions.DependencyInjection (2.1.1)
      Microsoft.Extensions.DependencyInjection.Abstractions (>= 2.1.1)
    Microsoft.Extensions.DependencyInjection.Abstractions (2.1.1)
    Microsoft.Extensions.FileProviders.Abstractions (2.1.1)
      Microsoft.Extensions.Primitives (>= 2.1.1)
    Microsoft.Extensions.FileProviders.Physical (2.1.1)
      Microsoft.Extensions.FileProviders.Abstractions (>= 2.1.1)
      Microsoft.Extensions.FileSystemGlobbing (>= 2.1.1)
    Microsoft.Extensions.FileSystemGlobbing (2.1.1)
    Microsoft.Extensions.Hosting.Abstractions (2.1.1)
      Microsoft.Extensions.Configuration.Abstractions (>= 2.1.1)
      Microsoft.Extensions.DependencyInjection.Abstractions (>= 2.1.1)
      Microsoft.Extensions.FileProviders.Abstractions (>= 2.1.1)
      Microsoft.Extensions.Logging.Abstractions (>= 2.1.1)
    Microsoft.Extensions.Logging (2.1.1)
      Microsoft.Extensions.Configuration.Binder (>= 2.1.1)
      Microsoft.Extensions.DependencyInjection.Abstractions (>= 2.1.1)
      Microsoft.Extensions.Logging.Abstractions (>= 2.1.1)
      Microsoft.Extensions.Options (>= 2.1.1)
    Microsoft.Extensions.Logging.Abstractions (2.1.1)
    Microsoft.Extensions.Logging.Configuration (2.1.1)
      Microsoft.Extensions.Logging (>= 2.1.1)
      Microsoft.Extensions.Options.ConfigurationExtensions (>= 2.1.1)
    Microsoft.Extensions.Logging.Console (2.1.1)
      Microsoft.Extensions.Configuration.Abstractions (>= 2.1.1)
      Microsoft.Extensions.Logging (>= 2.1.1)
      Microsoft.Extensions.Logging.Configuration (>= 2.1.1)
    Microsoft.Extensions.Logging.Debug (2.1.1)
      Microsoft.Extensions.Logging (>= 2.1.1)
    Microsoft.Extensions.ObjectPool (2.1.1)
    Microsoft.Extensions.Options (2.1.1)
      Microsoft.Extensions.DependencyInjection.Abstractions (>= 2.1.1)
      Microsoft.Extensions.Primitives (>= 2.1.1)
    Microsoft.Extensions.Options.ConfigurationExtensions (2.1.1)
      Microsoft.Extensions.Configuration.Abstractions (>= 2.1.1)
      Microsoft.Extensions.Configuration.Binder (>= 2.1.1)
      Microsoft.Extensions.DependencyInjection.Abstractions (>= 2.1.1)
      Microsoft.Extensions.Options (>= 2.1.1)
    Microsoft.Extensions.Primitives (2.1.1)
      System.Memory (>= 4.5.1)
      System.Runtime.CompilerServices.Unsafe (>= 4.5.1)
    Microsoft.Extensions.WebEncoders (2.1.1)
      Microsoft.Extensions.DependencyInjection.Abstractions (>= 2.1.1)
      Microsoft.Extensions.Options (>= 2.1.1)
      System.Text.Encodings.Web (>= 4.5)
    Microsoft.IdentityModel.JsonWebTokens (5.3)
      Microsoft.IdentityModel.Tokens (>= 5.3)
      Newtonsoft.Json (>= 10.0.1)
    Microsoft.IdentityModel.Logging (5.3)
      System.Diagnostics.Tracing (>= 4.3)
      System.Globalization (>= 4.3)
      System.IO (>= 4.3)
      System.IO.FileSystem (>= 4.3)
    Microsoft.IdentityModel.Protocols (5.3)
      Microsoft.IdentityModel.Logging (>= 5.3)
      Microsoft.IdentityModel.Tokens (>= 5.3)
      System.Collections.Specialized (>= 4.3)
      System.Diagnostics.Contracts (>= 4.3)
      System.Net.Http (>= 4.3)
    Microsoft.IdentityModel.Protocols.OpenIdConnect (5.3)
      Microsoft.IdentityModel.Protocols (>= 5.3)
      Newtonsoft.Json (>= 10.0.1)
      System.Dynamic.Runtime (>= 4.3)
      System.IdentityModel.Tokens.Jwt (>= 5.3)
    Microsoft.IdentityModel.Tokens (5.3)
      Microsoft.IdentityModel.Logging (>= 5.3)
      Newtonsoft.Json (>= 10.0.1)
      System.Collections (>= 4.3)
      System.Diagnostics.Tools (>= 4.3)
      System.Reflection (>= 4.3)
      System.Runtime (>= 4.3)
      System.Runtime.Extensions (>= 4.3)
      System.Runtime.InteropServices (>= 4.3)
      System.Runtime.InteropServices.RuntimeInformation (>= 4.3)
      System.Runtime.Serialization.Xml (>= 4.3)
      System.Security.Claims (>= 4.3)
      System.Security.Cryptography.Algorithms (>= 4.3)
      System.Security.Cryptography.X509Certificates (>= 4.3)
      System.Text.RegularExpressions (>= 4.3)
      System.Threading (>= 4.3)
    Microsoft.Net.Http.Headers (2.1.1)
      Microsoft.Extensions.Primitives (>= 2.1.1)
      System.Buffers (>= 4.5)
    Microsoft.NETCore.Platforms (2.1.1)
    Microsoft.NETCore.Targets (2.1)
    Microsoft.Win32.Registry (4.5)
      System.Buffers (>= 4.4) - restriction: || (&& (== netcoreapp2.1) (>= monoandroid) (< netstandard2.0)) (&& (== netcoreapp2.1) (>= monotouch)) (&& (== netcoreapp2.1) (< netcoreapp2.0)) (&& (== netcoreapp2.1) (>= xamarinios)) (&& (== netcoreapp2.1) (>= xamarinmac)) (&& (== netcoreapp2.1) (>= xamarintvos)) (&& (== netcoreapp2.1) (>= xamarinwatchos)) (== netstandard2.0)
      System.Memory (>= 4.5) - restriction: || (&& (== netcoreapp2.1) (< netcoreapp2.0)) (&& (== netcoreapp2.1) (>= uap10.1)) (== netstandard2.0)
      System.Security.AccessControl (>= 4.5)
      System.Security.Principal.Windows (>= 4.5)
    NETStandard.Library (2.0.3)
      Microsoft.NETCore.Platforms (>= 1.1)
    Newtonsoft.Json (11.0.2)
    NodaTime (2.4)
    Ooui (0.10.222)
      Newtonsoft.Json (>= 10.0.2)
    Ooui.Forms (0.10.222)
      Ooui (>= 0.10.222)
      Xamarin.Forms (>= 2.5.0.122203)
    PangoSharp (3.22.24.36)
      CairoSharp (>= 3.22.24.36)
      GLibSharp (>= 3.22.24.36)
    runtime.debian.8-x64.runtime.native.System.Security.Cryptography.OpenSsl (4.3.3)
    runtime.debian.9-x64.runtime.native.System.Security.Cryptography.OpenSsl (4.3.3)
    runtime.fedora.23-x64.runtime.native.System.Security.Cryptography.OpenSsl (4.3.3)
    runtime.fedora.24-x64.runtime.native.System.Security.Cryptography.OpenSsl (4.3.3)
    runtime.fedora.27-x64.runtime.native.System.Security.Cryptography.OpenSsl (4.3.3)
    runtime.fedora.28-x64.runtime.native.System.Security.Cryptography.OpenSsl (4.3.3)
    runtime.native.System (4.3.1)
      Microsoft.NETCore.Platforms (>= 1.1.1)
      Microsoft.NETCore.Targets (>= 1.1.3)
    runtime.native.System.IO.Compression (4.3.2)
      Microsoft.NETCore.Platforms (>= 1.1.1)
      Microsoft.NETCore.Targets (>= 1.1.3)
    runtime.native.System.Net.Http (4.3.1)
      Microsoft.NETCore.Platforms (>= 1.1.1)
      Microsoft.NETCore.Targets (>= 1.1.3)
    runtime.native.System.Security.Cryptography.Apple (4.3.1)
      runtime.osx.10.10-x64.runtime.native.System.Security.Cryptography.Apple (>= 4.3.1)
    runtime.native.System.Security.Cryptography.OpenSsl (4.3.3)
      runtime.debian.8-x64.runtime.native.System.Security.Cryptography.OpenSsl (>= 4.3.3)
      runtime.debian.9-x64.runtime.native.System.Security.Cryptography.OpenSsl (>= 4.3.3)
      runtime.fedora.23-x64.runtime.native.System.Security.Cryptography.OpenSsl (>= 4.3.3)
      runtime.fedora.24-x64.runtime.native.System.Security.Cryptography.OpenSsl (>= 4.3.3)
      runtime.fedora.27-x64.runtime.native.System.Security.Cryptography.OpenSsl (>= 4.3.3)
      runtime.fedora.28-x64.runtime.native.System.Security.Cryptography.OpenSsl (>= 4.3.3)
      runtime.opensuse.13.2-x64.runtime.native.System.Security.Cryptography.OpenSsl (>= 4.3.3)
      runtime.opensuse.42.1-x64.runtime.native.System.Security.Cryptography.OpenSsl (>= 4.3.3)
      runtime.opensuse.42.3-x64.runtime.native.System.Security.Cryptography.OpenSsl (>= 4.3.3)
      runtime.osx.10.10-x64.runtime.native.System.Security.Cryptography.OpenSsl (>= 4.3.3)
      runtime.rhel.7-x64.runtime.native.System.Security.Cryptography.OpenSsl (>= 4.3.3)
      runtime.ubuntu.14.04-x64.runtime.native.System.Security.Cryptography.OpenSsl (>= 4.3.3)
      runtime.ubuntu.16.04-x64.runtime.native.System.Security.Cryptography.OpenSsl (>= 4.3.3)
      runtime.ubuntu.16.10-x64.runtime.native.System.Security.Cryptography.OpenSsl (>= 4.3.3)
      runtime.ubuntu.18.04-x64.runtime.native.System.Security.Cryptography.OpenSsl (>= 4.3.3)
    runtime.opensuse.13.2-x64.runtime.native.System.Security.Cryptography.OpenSsl (4.3.3)
    runtime.opensuse.42.1-x64.runtime.native.System.Security.Cryptography.OpenSsl (4.3.3)
    runtime.opensuse.42.3-x64.runtime.native.System.Security.Cryptography.OpenSsl (4.3.3)
    runtime.osx.10.10-x64.runtime.native.System.Security.Cryptography.Apple (4.3.1)
    runtime.osx.10.10-x64.runtime.native.System.Security.Cryptography.OpenSsl (4.3.3)
    runtime.rhel.7-x64.runtime.native.System.Security.Cryptography.OpenSsl (4.3.3)
    runtime.ubuntu.14.04-x64.runtime.native.System.Security.Cryptography.OpenSsl (4.3.3)
    runtime.ubuntu.16.04-x64.runtime.native.System.Security.Cryptography.OpenSsl (4.3.3)
    runtime.ubuntu.16.10-x64.runtime.native.System.Security.Cryptography.OpenSsl (4.3.3)
    runtime.ubuntu.18.04-x64.runtime.native.System.Security.Cryptography.OpenSsl (4.3.3)
    Saturn (0.7.5)
      FSharp.Core (>= 4.2.3)
      Giraffe (>= 1.1)
      Microsoft.AspNetCore (>= 2.1)
      Microsoft.AspNetCore.Antiforgery (>= 2.1)
      Microsoft.AspNetCore.Authentication.Cookies (>= 2.1)
      Microsoft.AspNetCore.Authentication.JwtBearer (>= 2.1)
      Microsoft.AspNetCore.Authentication.OAuth (>= 2.1)
      Microsoft.AspNetCore.Authorization (>= 2.1)
      Microsoft.AspNetCore.Cors (>= 2.1)
      Microsoft.AspNetCore.ResponseCompression (>= 2.1)
      Microsoft.AspNetCore.Rewrite (>= 2.1)
      Microsoft.AspNetCore.Session (>= 2.1)
      Microsoft.AspNetCore.StaticFiles (>= 2.1)
      Microsoft.Extensions.Caching.Memory (>= 2.1)
    Serilog (2.7.1)
      NETStandard.Library (>= 1.6.1)
      System.Collections.NonGeneric (>= 4.3)
    Serilog.Enrichers.Thread (3.0)
      Serilog (>= 2.0)
    Serilog.Formatting.Compact (1.0)
      Serilog (>= 2.0)
    Serilog.Sinks.Console (3.1.1)
      Serilog (>= 2.5)
      System.Console (>= 4.3)
      System.Runtime.InteropServices (>= 4.3) - restriction: || (== netcoreapp2.1) (&& (== netstandard2.0) (>= netcoreapp1.1))
      System.Runtime.InteropServices.RuntimeInformation (>= 4.3) - restriction: || (== netcoreapp2.1) (&& (== netstandard2.0) (>= netcoreapp1.1))
    Serilog.Sinks.File (4.0)
      Serilog (>= 2.5)
      System.IO (>= 4.1)
      System.IO.FileSystem (>= 4.0.1)
      System.IO.FileSystem.Primitives (>= 4.0.1)
      System.Runtime.InteropServices (>= 4.1)
      System.Text.Encoding.Extensions (>= 4.0.11)
      System.Threading (>= 4.0.11)
      System.Threading.Timer (>= 4.0.1)
    Serilog.Sinks.PeriodicBatching (2.1.1)
      Serilog (>= 2.0)
      System.Collections.Concurrent (>= 4.0.12)
      System.Threading.Timer (>= 4.0.1)
    Serilog.Sinks.Seq (4.0)
      NETStandard.Library (>= 1.6.1)
      Serilog (>= 2.5)
      Serilog.Formatting.Compact (>= 1.0)
      Serilog.Sinks.File (>= 4.0)
      Serilog.Sinks.PeriodicBatching (>= 2.1.1)
      System.Net.Http (>= 4.3.2)
    System.Buffers (4.5)
    System.Collections (4.3)
      Microsoft.NETCore.Platforms (>= 1.1)
      Microsoft.NETCore.Targets (>= 1.1)
      System.Runtime (>= 4.3)
    System.Collections.Concurrent (4.3)
      System.Collections (>= 4.3)
      System.Diagnostics.Debug (>= 4.3)
      System.Diagnostics.Tracing (>= 4.3)
      System.Globalization (>= 4.3)
      System.Reflection (>= 4.3)
      System.Resources.ResourceManager (>= 4.3)
      System.Runtime (>= 4.3)
      System.Runtime.Extensions (>= 4.3)
      System.Threading (>= 4.3)
      System.Threading.Tasks (>= 4.3)
    System.Collections.Immutable (1.5) - restriction: || (&& (== netcoreapp2.1) (>= net45)) (&& (== netcoreapp2.1) (< netstandard1.1)) (&& (== netcoreapp2.1) (< netstandard2.0)) (== netstandard2.0)
    System.Collections.NonGeneric (4.3)
      System.Diagnostics.Debug (>= 4.3)
      System.Globalization (>= 4.3)
      System.Resources.ResourceManager (>= 4.3)
      System.Runtime (>= 4.3)
      System.Runtime.Extensions (>= 4.3)
      System.Threading (>= 4.3)
    System.Collections.Specialized (4.3)
      System.Collections.NonGeneric (>= 4.3)
      System.Globalization (>= 4.3)
      System.Globalization.Extensions (>= 4.3)
      System.Resources.ResourceManager (>= 4.3)
      System.Runtime (>= 4.3)
      System.Runtime.Extensions (>= 4.3)
      System.Threading (>= 4.3)
    System.ComponentModel (4.3)
      System.Runtime (>= 4.3)
    System.Configuration.ConfigurationManager (4.5)
      System.Security.Cryptography.ProtectedData (>= 4.5)
      System.Security.Permissions (>= 4.5)
    System.Console (4.3.1)
      Microsoft.NETCore.Platforms (>= 1.1)
      Microsoft.NETCore.Targets (>= 1.1.2)
      System.IO (>= 4.3)
      System.Runtime (>= 4.3)
      System.Text.Encoding (>= 4.3)
    System.Diagnostics.Contracts (4.3)
      System.Runtime (>= 4.3)
    System.Diagnostics.Debug (4.3)
      Microsoft.NETCore.Platforms (>= 1.1)
      Microsoft.NETCore.Targets (>= 1.1)
      System.Runtime (>= 4.3)
    System.Diagnostics.DiagnosticSource (4.5.1)
    System.Diagnostics.Tools (4.3)
      Microsoft.NETCore.Platforms (>= 1.1)
      Microsoft.NETCore.Targets (>= 1.1)
      System.Runtime (>= 4.3)
    System.Diagnostics.Tracing (4.3)
      Microsoft.NETCore.Platforms (>= 1.1)
      Microsoft.NETCore.Targets (>= 1.1)
      System.Runtime (>= 4.3)
    System.Dynamic.Runtime (4.3)
      System.Collections (>= 4.3)
      System.Diagnostics.Debug (>= 4.3)
      System.Linq (>= 4.3)
      System.Linq.Expressions (>= 4.3)
      System.ObjectModel (>= 4.3)
      System.Reflection (>= 4.3)
      System.Reflection.Emit (>= 4.3)
      System.Reflection.Emit.ILGeneration (>= 4.3)
      System.Reflection.Primitives (>= 4.3)
      System.Reflection.TypeExtensions (>= 4.3)
      System.Resources.ResourceManager (>= 4.3)
      System.Runtime (>= 4.3)
      System.Runtime.Extensions (>= 4.3)
      System.Threading (>= 4.3)
    System.Globalization (4.3)
      Microsoft.NETCore.Platforms (>= 1.1)
      Microsoft.NETCore.Targets (>= 1.1)
      System.Runtime (>= 4.3)
    System.Globalization.Calendars (4.3)
      Microsoft.NETCore.Platforms (>= 1.1)
      Microsoft.NETCore.Targets (>= 1.1)
      System.Globalization (>= 4.3)
      System.Runtime (>= 4.3)
    System.Globalization.Extensions (4.3)
      Microsoft.NETCore.Platforms (>= 1.1)
      System.Globalization (>= 4.3)
      System.Resources.ResourceManager (>= 4.3)
      System.Runtime (>= 4.3)
      System.Runtime.Extensions (>= 4.3)
      System.Runtime.InteropServices (>= 4.3)
    System.IdentityModel.Tokens.Jwt (5.3)
      Microsoft.IdentityModel.JsonWebTokens (>= 5.3)
      Microsoft.IdentityModel.Tokens (>= 5.3)
      Newtonsoft.Json (>= 10.0.1)
    System.IO (4.3)
      Microsoft.NETCore.Platforms (>= 1.1)
      Microsoft.NETCore.Targets (>= 1.1)
      System.Runtime (>= 4.3)
      System.Text.Encoding (>= 4.3)
      System.Threading.Tasks (>= 4.3)
    System.IO.Compression (4.3)
      Microsoft.NETCore.Platforms (>= 1.1)
      runtime.native.System (>= 4.3)
      runtime.native.System.IO.Compression (>= 4.3)
      System.Buffers (>= 4.3)
      System.Collections (>= 4.3)
      System.Diagnostics.Debug (>= 4.3)
      System.IO (>= 4.3)
      System.Resources.ResourceManager (>= 4.3)
      System.Runtime (>= 4.3)
      System.Runtime.Extensions (>= 4.3)
      System.Runtime.Handles (>= 4.3)
      System.Runtime.InteropServices (>= 4.3)
      System.Text.Encoding (>= 4.3)
      System.Threading (>= 4.3)
      System.Threading.Tasks (>= 4.3)
    System.IO.FileSystem (4.3)
      Microsoft.NETCore.Platforms (>= 1.1)
      Microsoft.NETCore.Targets (>= 1.1)
      System.IO (>= 4.3)
      System.IO.FileSystem.Primitives (>= 4.3)
      System.Runtime (>= 4.3)
      System.Runtime.Handles (>= 4.3)
      System.Text.Encoding (>= 4.3)
      System.Threading.Tasks (>= 4.3)
    System.IO.FileSystem.Primitives (4.3)
      System.Runtime (>= 4.3)
    System.IO.Pipelines (4.5.2)
      System.Buffers (>= 4.4) - restriction: || (&& (== netcoreapp2.1) (>= monotouch)) (&& (== netcoreapp2.1) (>= net46)) (&& (== netcoreapp2.1) (< netcoreapp2.0)) (&& (== netcoreapp2.1) (< netstandard2.0)) (&& (== netcoreapp2.1) (>= xamarinios)) (&& (== netcoreapp2.1) (>= xamarinmac)) (&& (== netcoreapp2.1) (>= xamarintvos)) (&& (== netcoreapp2.1) (>= xamarinwatchos)) (== netstandard2.0)
      System.Memory (>= 4.5.1) - restriction: || (&& (== netcoreapp2.1) (>= monotouch)) (&& (== netcoreapp2.1) (>= net46)) (&& (== netcoreapp2.1) (< netcoreapp2.0)) (&& (== netcoreapp2.1) (< netstandard2.0)) (&& (== netcoreapp2.1) (>= uap10.1)) (&& (== netcoreapp2.1) (>= xamarinios)) (&& (== netcoreapp2.1) (>= xamarinmac)) (&& (== netcoreapp2.1) (>= xamarintvos)) (&& (== netcoreapp2.1) (>= xamarinwatchos)) (== netstandard2.0)
      System.Threading.Tasks.Extensions (>= 4.5.1) - restriction: || (&& (== netcoreapp2.1) (>= net46)) (&& (== netcoreapp2.1) (< netcoreapp2.0)) (&& (== netcoreapp2.1) (< netstandard2.0)) (&& (== netcoreapp2.1) (>= uap10.1)) (== netstandard2.0)
    System.Linq (4.3)
      System.Collections (>= 4.3)
      System.Diagnostics.Debug (>= 4.3)
      System.Resources.ResourceManager (>= 4.3)
      System.Runtime (>= 4.3)
      System.Runtime.Extensions (>= 4.3)
    System.Linq.Expressions (4.3)
      System.Collections (>= 4.3)
      System.Diagnostics.Debug (>= 4.3)
      System.Globalization (>= 4.3)
      System.IO (>= 4.3)
      System.Linq (>= 4.3)
      System.ObjectModel (>= 4.3)
      System.Reflection (>= 4.3)
      System.Reflection.Emit (>= 4.3)
      System.Reflection.Emit.ILGeneration (>= 4.3)
      System.Reflection.Emit.Lightweight (>= 4.3)
      System.Reflection.Extensions (>= 4.3)
      System.Reflection.Primitives (>= 4.3)
      System.Reflection.TypeExtensions (>= 4.3)
      System.Resources.ResourceManager (>= 4.3)
      System.Runtime (>= 4.3)
      System.Runtime.Extensions (>= 4.3)
      System.Threading (>= 4.3)
    System.Memory (4.5.1)
      System.Buffers (>= 4.4) - restriction: || (&& (== netcoreapp2.1) (>= monotouch)) (&& (== netcoreapp2.1) (>= net461)) (&& (== netcoreapp2.1) (< netcoreapp2.0)) (&& (== netcoreapp2.1) (< netstandard1.1)) (&& (== netcoreapp2.1) (< netstandard2.0)) (&& (== netcoreapp2.1) (>= xamarinios)) (&& (== netcoreapp2.1) (>= xamarinmac)) (&& (== netcoreapp2.1) (>= xamarintvos)) (&& (== netcoreapp2.1) (>= xamarinwatchos)) (== netstandard2.0)
      System.Numerics.Vectors (>= 4.4) - restriction: || (&& (== netcoreapp2.1) (>= net461)) (&& (== netcoreapp2.1) (< netcoreapp2.0)) (== netstandard2.0)
      System.Runtime.CompilerServices.Unsafe (>= 4.5) - restriction: || (&& (== netcoreapp2.1) (>= monotouch)) (&& (== netcoreapp2.1) (>= net461)) (&& (== netcoreapp2.1) (< netcoreapp2.0)) (&& (== netcoreapp2.1) (< netstandard1.1)) (&& (== netcoreapp2.1) (< netstandard2.0)) (&& (== netcoreapp2.1) (>= uap10.1)) (&& (== netcoreapp2.1) (>= xamarinios)) (&& (== netcoreapp2.1) (>= xamarinmac)) (&& (== netcoreapp2.1) (>= xamarintvos)) (&& (== netcoreapp2.1) (>= xamarinwatchos)) (== netstandard2.0)
    System.Net.Http (4.3.3)
      Microsoft.NETCore.Platforms (>= 1.1)
      runtime.native.System (>= 4.3)
      runtime.native.System.Net.Http (>= 4.3)
      runtime.native.System.Security.Cryptography.OpenSsl (>= 4.3.2)
      System.Collections (>= 4.3)
      System.Diagnostics.Debug (>= 4.3)
      System.Diagnostics.DiagnosticSource (>= 4.3)
      System.Diagnostics.Tracing (>= 4.3)
      System.Globalization (>= 4.3)
      System.Globalization.Extensions (>= 4.3)
      System.IO (>= 4.3)
      System.IO.FileSystem (>= 4.3)
      System.Net.Primitives (>= 4.3)
      System.Resources.ResourceManager (>= 4.3)
      System.Runtime (>= 4.3)
      System.Runtime.Extensions (>= 4.3)
      System.Runtime.Handles (>= 4.3)
      System.Runtime.InteropServices (>= 4.3)
      System.Security.Cryptography.Algorithms (>= 4.3)
      System.Security.Cryptography.Encoding (>= 4.3)
      System.Security.Cryptography.OpenSsl (>= 4.3)
      System.Security.Cryptography.Primitives (>= 4.3)
      System.Security.Cryptography.X509Certificates (>= 4.3)
      System.Text.Encoding (>= 4.3)
      System.Threading (>= 4.3)
      System.Threading.Tasks (>= 4.3)
    System.Net.Primitives (4.3)
      Microsoft.NETCore.Platforms (>= 1.1)
      Microsoft.NETCore.Targets (>= 1.1)
      System.Runtime (>= 4.3)
      System.Runtime.Handles (>= 4.3)
    System.Net.WebSockets.WebSocketProtocol (4.5.2)
      System.Buffers (>= 4.4) - restriction: || (&& (== netcoreapp2.1) (>= monoandroid) (< netstandard2.0)) (&& (== netcoreapp2.1) (>= monotouch)) (&& (== netcoreapp2.1) (< netcoreapp2.0)) (&& (== netcoreapp2.1) (>= xamarinios)) (&& (== netcoreapp2.1) (>= xamarinmac)) (&& (== netcoreapp2.1) (>= xamarintvos)) (&& (== netcoreapp2.1) (>= xamarinwatchos)) (== netstandard2.0)
      System.Memory (>= 4.5.1) - restriction: || (&& (== netcoreapp2.1) (>= monoandroid) (< netstandard2.0)) (&& (== netcoreapp2.1) (>= monotouch)) (&& (== netcoreapp2.1) (< netcoreapp2.0)) (&& (== netcoreapp2.1) (>= uap10.1)) (&& (== netcoreapp2.1) (>= xamarinios)) (&& (== netcoreapp2.1) (>= xamarinmac)) (&& (== netcoreapp2.1) (>= xamarintvos)) (&& (== netcoreapp2.1) (>= xamarinwatchos)) (== netstandard2.0)
      System.Numerics.Vectors (>= 4.4) - restriction: || (&& (== netcoreapp2.1) (< netcoreapp2.0)) (== netstandard2.0)
      System.Runtime.CompilerServices.Unsafe (>= 4.5.2) - restriction: || (&& (== netcoreapp2.1) (>= monoandroid) (< netstandard2.0)) (&& (== netcoreapp2.1) (>= monotouch)) (&& (== netcoreapp2.1) (< netcoreapp2.0)) (&& (== netcoreapp2.1) (>= uap10.1)) (&& (== netcoreapp2.1) (>= xamarinios)) (&& (== netcoreapp2.1) (>= xamarinmac)) (&& (== netcoreapp2.1) (>= xamarintvos)) (&& (== netcoreapp2.1) (>= xamarinwatchos)) (== netstandard2.0)
      System.Threading.Tasks.Extensions (>= 4.5.1) - restriction: || (&& (== netcoreapp2.1) (< netcoreapp2.0)) (&& (== netcoreapp2.1) (>= uap10.1)) (== netstandard2.0)
    System.Numerics.Vectors (4.5)
    System.ObjectModel (4.3)
      System.Collections (>= 4.3)
      System.Diagnostics.Debug (>= 4.3)
      System.Resources.ResourceManager (>= 4.3)
      System.Runtime (>= 4.3)
      System.Threading (>= 4.3)
    System.Private.DataContractSerialization (4.3)
      System.Collections (>= 4.3)
      System.Collections.Concurrent (>= 4.3)
      System.Diagnostics.Debug (>= 4.3)
      System.Globalization (>= 4.3)
      System.IO (>= 4.3)
      System.Linq (>= 4.3)
      System.Reflection (>= 4.3)
      System.Reflection.Emit.ILGeneration (>= 4.3)
      System.Reflection.Emit.Lightweight (>= 4.3)
      System.Reflection.Extensions (>= 4.3)
      System.Reflection.Primitives (>= 4.3)
      System.Reflection.TypeExtensions (>= 4.3)
      System.Resources.ResourceManager (>= 4.3)
      System.Runtime (>= 4.3)
      System.Runtime.Extensions (>= 4.3)
      System.Runtime.Serialization.Primitives (>= 4.3)
      System.Text.Encoding (>= 4.3)
      System.Text.Encoding.Extensions (>= 4.3)
      System.Text.RegularExpressions (>= 4.3)
      System.Threading (>= 4.3)
      System.Threading.Tasks (>= 4.3)
      System.Xml.ReaderWriter (>= 4.3)
      System.Xml.XDocument (>= 4.3)
      System.Xml.XmlDocument (>= 4.3)
      System.Xml.XmlSerializer (>= 4.3)
    System.Reflection (4.3)
      Microsoft.NETCore.Platforms (>= 1.1)
      Microsoft.NETCore.Targets (>= 1.1)
      System.IO (>= 4.3)
      System.Reflection.Primitives (>= 4.3)
      System.Runtime (>= 4.3)
    System.Reflection.Emit (4.3)
      System.IO (>= 4.3)
      System.Reflection (>= 4.3)
      System.Reflection.Emit.ILGeneration (>= 4.3)
      System.Reflection.Primitives (>= 4.3)
      System.Runtime (>= 4.3)
    System.Reflection.Emit.ILGeneration (4.3)
      System.Reflection (>= 4.3)
      System.Reflection.Primitives (>= 4.3)
      System.Runtime (>= 4.3)
    System.Reflection.Emit.Lightweight (4.3)
      System.Reflection (>= 4.3)
      System.Reflection.Emit.ILGeneration (>= 4.3)
      System.Reflection.Primitives (>= 4.3)
      System.Runtime (>= 4.3)
    System.Reflection.Extensions (4.3)
      Microsoft.NETCore.Platforms (>= 1.1)
      Microsoft.NETCore.Targets (>= 1.1)
      System.Reflection (>= 4.3)
      System.Runtime (>= 4.3)
    System.Reflection.Metadata (1.6)
      System.Collections.Immutable (>= 1.5) - restriction: || (&& (== netcoreapp2.1) (>= net45)) (&& (== netcoreapp2.1) (< netstandard1.1)) (&& (== netcoreapp2.1) (< netstandard2.0)) (== netstandard2.0)
    System.Reflection.Primitives (4.3)
      Microsoft.NETCore.Platforms (>= 1.1)
      Microsoft.NETCore.Targets (>= 1.1)
      System.Runtime (>= 4.3)
    System.Reflection.TypeExtensions (4.5.1)
    System.Resources.ResourceManager (4.3)
      Microsoft.NETCore.Platforms (>= 1.1)
      Microsoft.NETCore.Targets (>= 1.1)
      System.Globalization (>= 4.3)
      System.Reflection (>= 4.3)
      System.Runtime (>= 4.3)
    System.Runtime (4.3)
      Microsoft.NETCore.Platforms (>= 1.1)
      Microsoft.NETCore.Targets (>= 1.1)
    System.Runtime.CompilerServices.Unsafe (4.5.2)
    System.Runtime.Extensions (4.3)
      Microsoft.NETCore.Platforms (>= 1.1)
      Microsoft.NETCore.Targets (>= 1.1)
      System.Runtime (>= 4.3)
    System.Runtime.Handles (4.3)
      Microsoft.NETCore.Platforms (>= 1.1)
      Microsoft.NETCore.Targets (>= 1.1)
      System.Runtime (>= 4.3)
    System.Runtime.InteropServices (4.3)
      Microsoft.NETCore.Platforms (>= 1.1)
      Microsoft.NETCore.Targets (>= 1.1)
      System.Reflection (>= 4.3)
      System.Reflection.Primitives (>= 4.3)
      System.Runtime (>= 4.3)
      System.Runtime.Handles (>= 4.3)
    System.Runtime.InteropServices.RuntimeInformation (4.3)
      runtime.native.System (>= 4.3)
      System.Reflection (>= 4.3)
      System.Reflection.Extensions (>= 4.3)
      System.Resources.ResourceManager (>= 4.3)
      System.Runtime (>= 4.3)
      System.Runtime.InteropServices (>= 4.3)
      System.Threading (>= 4.3)
    System.Runtime.Numerics (4.3)
      System.Globalization (>= 4.3)
      System.Resources.ResourceManager (>= 4.3)
      System.Runtime (>= 4.3)
      System.Runtime.Extensions (>= 4.3)
    System.Runtime.Serialization.Primitives (4.3)
      System.Resources.ResourceManager (>= 4.3)
      System.Runtime (>= 4.3)
    System.Runtime.Serialization.Xml (4.3)
      System.IO (>= 4.3)
      System.Private.DataContractSerialization (>= 4.3)
      System.Runtime (>= 4.3)
      System.Runtime.Serialization.Primitives (>= 4.3)
      System.Text.Encoding (>= 4.3)
      System.Xml.ReaderWriter (>= 4.3)
    System.Security.AccessControl (4.5)
      Microsoft.NETCore.Platforms (>= 2.0) - restriction: || (== netcoreapp2.1) (&& (== netstandard2.0) (>= netcoreapp2.0))
      System.Security.Principal.Windows (>= 4.5)
    System.Security.Claims (4.3)
      System.Collections (>= 4.3)
      System.Globalization (>= 4.3)
      System.IO (>= 4.3)
      System.Resources.ResourceManager (>= 4.3)
      System.Runtime (>= 4.3)
      System.Runtime.Extensions (>= 4.3)
      System.Security.Principal (>= 4.3)
    System.Security.Cryptography.Algorithms (4.3.1)
      Microsoft.NETCore.Platforms (>= 1.1)
      runtime.native.System.Security.Cryptography.Apple (>= 4.3.1)
      runtime.native.System.Security.Cryptography.OpenSsl (>= 4.3.2)
      System.Collections (>= 4.3)
      System.IO (>= 4.3)
      System.Resources.ResourceManager (>= 4.3)
      System.Runtime (>= 4.3)
      System.Runtime.Extensions (>= 4.3)
      System.Runtime.Handles (>= 4.3)
      System.Runtime.InteropServices (>= 4.3)
      System.Runtime.Numerics (>= 4.3)
      System.Security.Cryptography.Encoding (>= 4.3)
      System.Security.Cryptography.Primitives (>= 4.3)
      System.Text.Encoding (>= 4.3)
    System.Security.Cryptography.Cng (4.5)
    System.Security.Cryptography.Csp (4.3)
      Microsoft.NETCore.Platforms (>= 1.1)
      System.IO (>= 4.3)
      System.Reflection (>= 4.3)
      System.Resources.ResourceManager (>= 4.3)
      System.Runtime (>= 4.3)
      System.Runtime.Extensions (>= 4.3)
      System.Runtime.Handles (>= 4.3)
      System.Runtime.InteropServices (>= 4.3)
      System.Security.Cryptography.Algorithms (>= 4.3)
      System.Security.Cryptography.Encoding (>= 4.3)
      System.Security.Cryptography.Primitives (>= 4.3)
      System.Text.Encoding (>= 4.3)
      System.Threading (>= 4.3)
    System.Security.Cryptography.Encoding (4.3)
      Microsoft.NETCore.Platforms (>= 1.1)
      runtime.native.System.Security.Cryptography.OpenSsl (>= 4.3)
      System.Collections (>= 4.3)
      System.Collections.Concurrent (>= 4.3)
      System.Linq (>= 4.3)
      System.Resources.ResourceManager (>= 4.3)
      System.Runtime (>= 4.3)
      System.Runtime.Extensions (>= 4.3)
      System.Runtime.Handles (>= 4.3)
      System.Runtime.InteropServices (>= 4.3)
      System.Security.Cryptography.Primitives (>= 4.3)
      System.Text.Encoding (>= 4.3)
    System.Security.Cryptography.OpenSsl (4.5)
    System.Security.Cryptography.Pkcs (4.5.1)
      System.Buffers (>= 4.4) - restriction: || (&& (== netcoreapp2.1) (>= monoandroid) (< netstandard2.0)) (&& (== netcoreapp2.1) (>= monotouch)) (&& (== netcoreapp2.1) (< netcoreapp2.0)) (&& (== netcoreapp2.1) (>= xamarinios)) (&& (== netcoreapp2.1) (>= xamarinmac)) (&& (== netcoreapp2.1) (>= xamarintvos)) (&& (== netcoreapp2.1) (>= xamarinwatchos)) (== netstandard2.0)
      System.Memory (>= 4.5.1) - restriction: || (&& (== netcoreapp2.1) (>= monoandroid) (< netstandard2.0)) (&& (== netcoreapp2.1) (>= monotouch)) (&& (== netcoreapp2.1) (< netcoreapp2.0)) (&& (== netcoreapp2.1) (>= uap10.1)) (&& (== netcoreapp2.1) (>= xamarinios)) (&& (== netcoreapp2.1) (>= xamarinmac)) (&& (== netcoreapp2.1) (>= xamarintvos)) (&& (== netcoreapp2.1) (>= xamarinwatchos)) (== netstandard2.0)
      System.Security.Cryptography.Cng (>= 4.4) - restriction: || (&& (== netcoreapp2.1) (< netcoreapp2.0)) (== netstandard2.0)
      System.Security.Cryptography.Cng (>= 4.5) - restriction: || (== netcoreapp2.1) (&& (== netstandard2.0) (>= netcoreapp2.1))
    System.Security.Cryptography.Primitives (4.3)
      System.Diagnostics.Debug (>= 4.3)
      System.Globalization (>= 4.3)
      System.IO (>= 4.3)
      System.Resources.ResourceManager (>= 4.3)
      System.Runtime (>= 4.3)
      System.Threading (>= 4.3)
      System.Threading.Tasks (>= 4.3)
    System.Security.Cryptography.ProtectedData (4.5)
      System.Memory (>= 4.5) - restriction: == netstandard2.0
    System.Security.Cryptography.X509Certificates (4.3.2)
      Microsoft.NETCore.Platforms (>= 1.1)
      runtime.native.System (>= 4.3)
      runtime.native.System.Net.Http (>= 4.3)
      runtime.native.System.Security.Cryptography.OpenSsl (>= 4.3.2)
      System.Collections (>= 4.3)
      System.Diagnostics.Debug (>= 4.3)
      System.Globalization (>= 4.3)
      System.Globalization.Calendars (>= 4.3)
      System.IO (>= 4.3)
      System.IO.FileSystem (>= 4.3)
      System.IO.FileSystem.Primitives (>= 4.3)
      System.Resources.ResourceManager (>= 4.3)
      System.Runtime (>= 4.3)
      System.Runtime.Extensions (>= 4.3)
      System.Runtime.Handles (>= 4.3)
      System.Runtime.InteropServices (>= 4.3)
      System.Runtime.Numerics (>= 4.3)
      System.Security.Cryptography.Algorithms (>= 4.3)
      System.Security.Cryptography.Cng (>= 4.3)
      System.Security.Cryptography.Csp (>= 4.3)
      System.Security.Cryptography.Encoding (>= 4.3)
      System.Security.Cryptography.OpenSsl (>= 4.3)
      System.Security.Cryptography.Primitives (>= 4.3)
      System.Text.Encoding (>= 4.3)
      System.Threading (>= 4.3)
    System.Security.Cryptography.Xml (4.5)
      System.Security.Cryptography.Pkcs (>= 4.5)
      System.Security.Permissions (>= 4.5)
    System.Security.Permissions (4.5)
      System.Security.AccessControl (>= 4.5)
    System.Security.Principal (4.3)
      System.Runtime (>= 4.3)
    System.Security.Principal.Windows (4.5.1)
      Microsoft.NETCore.Platforms (>= 2.0) - restriction: || (== netcoreapp2.1) (&& (== netstandard2.0) (>= netcoreapp2.0))
    System.Text.Encoding (4.3)
      Microsoft.NETCore.Platforms (>= 1.1)
      Microsoft.NETCore.Targets (>= 1.1)
      System.Runtime (>= 4.3)
    System.Text.Encoding.Extensions (4.3)
      Microsoft.NETCore.Platforms (>= 1.1)
      Microsoft.NETCore.Targets (>= 1.1)
      System.Runtime (>= 4.3)
      System.Text.Encoding (>= 4.3)
    System.Text.Encodings.Web (4.5)
    System.Text.RegularExpressions (4.3)
      System.Collections (>= 4.3) - restriction: || (&& (== netcoreapp2.1) (< netcoreapp1.1)) (&& (== netcoreapp2.1) (< portable-net45+win8+wp8+wpa81)) (== netstandard2.0)
      System.Globalization (>= 4.3) - restriction: || (&& (== netcoreapp2.1) (< netcoreapp1.1)) (&& (== netcoreapp2.1) (< portable-net45+win8+wp8+wpa81)) (== netstandard2.0)
      System.Resources.ResourceManager (>= 4.3) - restriction: || (&& (== netcoreapp2.1) (< netcoreapp1.1)) (&& (== netcoreapp2.1) (< portable-net45+win8+wp8+wpa81)) (== netstandard2.0)
      System.Runtime (>= 4.3)
      System.Runtime.Extensions (>= 4.3) - restriction: || (&& (== netcoreapp2.1) (< netcoreapp1.1)) (&& (== netcoreapp2.1) (< portable-net45+win8+wp8+wpa81)) (== netstandard2.0)
      System.Threading (>= 4.3) - restriction: || (&& (== netcoreapp2.1) (< netcoreapp1.1)) (&& (== netcoreapp2.1) (< portable-net45+win8+wp8+wpa81)) (== netstandard2.0)
    System.Threading (4.3)
      System.Runtime (>= 4.3)
      System.Threading.Tasks (>= 4.3)
    System.Threading.Tasks (4.3)
      Microsoft.NETCore.Platforms (>= 1.1)
      Microsoft.NETCore.Targets (>= 1.1)
      System.Runtime (>= 4.3)
    System.Threading.Tasks.Extensions (4.5.1)
      System.Runtime.CompilerServices.Unsafe (>= 4.5) - restriction: || (&& (== netcoreapp2.1) (>= net45)) (&& (== netcoreapp2.1) (< netstandard1.0)) (&& (== netcoreapp2.1) (< netstandard2.0)) (&& (== netcoreapp2.1) (>= wp8)) (== netstandard2.0)
    System.Threading.Timer (4.3)
      Microsoft.NETCore.Platforms (>= 1.1)
      Microsoft.NETCore.Targets (>= 1.1)
      System.Runtime (>= 4.3)
    System.ValueTuple (4.5)
    System.Xml.ReaderWriter (4.3.1)
      System.Collections (>= 4.3)
      System.Diagnostics.Debug (>= 4.3)
      System.Globalization (>= 4.3)
      System.IO (>= 4.3)
      System.IO.FileSystem (>= 4.3)
      System.IO.FileSystem.Primitives (>= 4.3)
      System.Resources.ResourceManager (>= 4.3)
      System.Runtime (>= 4.3)
      System.Runtime.Extensions (>= 4.3)
      System.Runtime.InteropServices (>= 4.3)
      System.Text.Encoding (>= 4.3)
      System.Text.Encoding.Extensions (>= 4.3)
      System.Text.RegularExpressions (>= 4.3)
      System.Threading.Tasks (>= 4.3)
      System.Threading.Tasks.Extensions (>= 4.3)
    System.Xml.XDocument (4.3)
      System.Collections (>= 4.3)
      System.Diagnostics.Debug (>= 4.3)
      System.Diagnostics.Tools (>= 4.3)
      System.Globalization (>= 4.3)
      System.IO (>= 4.3)
      System.Reflection (>= 4.3)
      System.Resources.ResourceManager (>= 4.3)
      System.Runtime (>= 4.3)
      System.Runtime.Extensions (>= 4.3)
      System.Text.Encoding (>= 4.3)
      System.Threading (>= 4.3)
      System.Xml.ReaderWriter (>= 4.3)
    System.Xml.XmlDocument (4.3)
      System.Collections (>= 4.3)
      System.Diagnostics.Debug (>= 4.3)
      System.Globalization (>= 4.3)
      System.IO (>= 4.3)
      System.Resources.ResourceManager (>= 4.3)
      System.Runtime (>= 4.3)
      System.Runtime.Extensions (>= 4.3)
      System.Text.Encoding (>= 4.3)
      System.Threading (>= 4.3)
      System.Xml.ReaderWriter (>= 4.3)
    System.Xml.XmlSerializer (4.3)
      System.Collections (>= 4.3)
      System.Globalization (>= 4.3)
      System.IO (>= 4.3)
      System.Linq (>= 4.3)
      System.Reflection (>= 4.3)
      System.Reflection.Emit (>= 4.3)
      System.Reflection.Emit.ILGeneration (>= 4.3)
      System.Reflection.Extensions (>= 4.3)
      System.Reflection.Primitives (>= 4.3)
      System.Reflection.TypeExtensions (>= 4.3)
      System.Resources.ResourceManager (>= 4.3)
      System.Runtime (>= 4.3)
      System.Runtime.Extensions (>= 4.3)
      System.Text.RegularExpressions (>= 4.3)
      System.Threading (>= 4.3)
      System.Xml.ReaderWriter (>= 4.3)
      System.Xml.XmlDocument (>= 4.3)
    TaskBuilder.fs (2.1)
      FSharp.Core (>= 4.1.17)
      NETStandard.Library (>= 1.6.1)
      System.ValueTuple (>= 4.4)
    Thoth.Json.Net (2.1)
      FSharp.Core (>= 4.5.2)
      Newtonsoft.Json (>= 11.0.2)
    Utf8Json (1.3.7)
      System.Reflection.Emit (>= 4.3)
      System.Reflection.Emit.Lightweight (>= 4.3)
      System.Threading.Tasks.Extensions (>= 4.4)
      System.ValueTuple (>= 4.4)
    Xamarin.Essentials (0.11.0-preview)
      System.Numerics.Vectors (>= 4.5)
    Xamarin.Forms (3.1.0.637273)
    Xamarin.Plugins.Clipboard (2.2.1)
  remote: https://nuget.yjpark.org/nuget/dap
    Dap.Archive (0.6.0)
      Dap.Remote (>= 0.6)
      FSharp.Core (>= 4.5.2)
    Dap.Context (0.6.0)
      Dap.Prelude (>= 0.6)
      Thoth.Json.Net (>= 2.1)
    Dap.Eto (0.6.0)
      Dap.Gui (>= 0.6)
      Dap.Local (>= 0.6)
      Eto.Forms (>= 2.4.1)
    Dap.Eto.Gtk (0.6.0)
      Dap.Eto (>= 0.6)
      Eto.Platform.Gtk (>= 2.4.1)
    Dap.Farango (0.0.4)
      Fable.JsonConverter (>= 1.0.8)
      FSharp.Control.AsyncSeq (>= 2.0.21)
      FSharp.Core (>= 4.5.2)
      FSharp.Data (>= 3.0.0-beta4)
      Newtonsoft.Json (>= 11.0.2)
    Dap.Forms (0.6.0)
      Dap.Gui (>= 0.6)
      Dap.Local (>= 0.6)
      Elmish.XamarinForms (>= 0.17)
      Xamarin.Essentials (>= 0.10.0-preview)
    Dap.Gui (0.6.0)
      Dap.Platform (>= 0.6.4)
    Dap.Local (0.6.0)
      Dap.Archive (>= 0.6)
    Dap.Local.Farango (0.6.0)
      Dap.Archive (>= 0.6)
      Dap.Farango (>= 0.0.4)
      Dap.Local (>= 0.6)
    Dap.Platform (0.6.4)
      Dap.Context (>= 0.6)
      Elmish (>= 1.0.3)
      NodaTime (>= 2.4)
    Dap.Prelude (0.6.0)
      FSharp.Core (>= 4.5.2)
      Serilog (>= 2.7.1)
      Serilog.Enrichers.Thread (>= 3.0)
      Serilog.Formatting.Compact (>= 1.0)
      Serilog.Sinks.Console (>= 3.1.1)
      Serilog.Sinks.File (>= 4.0)
      Serilog.Sinks.Seq (>= 4.0)
      TaskBuilder.fs (>= 2.1)
    Dap.Remote (0.6.0)
      Dap.WebSocket (>= 0.6)
      Fable.JsonConverter (>= 1.0.8)
    Dap.Remote.AspNetCore (0.6.0)
      Dap.Remote (>= 0.6)
      Microsoft.AspNetCore.WebSockets (>= 2.1.1)
    Dap.Remote.FSharpData (0.6.0)
      Dap.Remote (>= 0.6)
      FSharp.Data (>= 3.0.0-beta4)
    Dap.Remote.Server (0.6.0)
      Dap.Local.Farango (>= 0.6)
      Dap.Remote (>= 0.6)
      jose-jwt (>= 2.4)
    Dap.Remote.Web (0.6.0)
      Dap.Remote (>= 0.6)
      Dap.Remote.AspNetCore (>= 0.6)
      Giraffe (>= 3.1)
      Microsoft.AspNetCore.Cors (>= 2.1.1)
      Microsoft.AspNetCore.Diagnostics (>= 2.1.1)
      Microsoft.AspNetCore.Hosting (>= 2.1.1)
      Microsoft.AspNetCore.Server.Kestrel (>= 2.1.3)
      Microsoft.AspNetCore.StaticFiles (>= 2.1.1)
      Saturn (>= 0.7.5)
    Dap.WebSocket (0.6.0)
      Dap.Platform (>= 0.6.4)
      FSharp.Core (>= 4.5.2)

GROUP Build
STORAGE: NONE
RESTRICTION: == netstandard2.0
NUGET
  remote: https://www.nuget.org/api/v2
    BlackFox.VsWhere (0.3.1)
      FSharp.Core (>= 4.2.3)
    Dap.Build (0.6.6)
      Fake.Core.Process (>= 5.7.2)
      Fake.Core.ReleaseNotes (>= 5.7.2)
      Fake.Core.String (>= 5.7.2)
      Fake.Core.Target (>= 5.7.2)
      Fake.DotNet.Cli (>= 5.7.2)
      Fake.DotNet.NuGet (>= 5.7.2)
      Fake.IO.FileSystem (>= 5.7.2)
      Fake.IO.Zip (>= 5.7.2)
      Fake.Net.Http (>= 5.7.2)
      Fake.Tools.Git (>= 5.7.2)
    dotnet-sourcelink (2.8.3) - clitool: true
    Elmish (2.0)
      FSharp.Core (>= 4.5.2)
    Elmish.XamarinForms (0.17)
      FSharp.Core (>= 4.5)
      Xamarin.Forms (>= 3.0.0.482510)
    Eto.Forms (2.4.1)
      System.ComponentModel (>= 4.3)
      System.Runtime.Serialization.Primitives (>= 4.3)
    Fable.JsonConverter (1.0.8)
      FSharp.Core (>= 4.2.3)
      Newtonsoft.Json (>= 11.0.1)
    Fake.Core.CommandLineParsing (5.7.2)
      FParsec (>= 1.0.3)
      FSharp.Core (>= 4.3.4)
    Fake.Core.Context (5.7.2)
      FSharp.Core (>= 4.3.4)
    Fake.Core.Environment (5.7.2)
      FSharp.Core (>= 4.3.4)
    Fake.Core.FakeVar (5.7.2)
      Fake.Core.Context (>= 5.7.2)
      FSharp.Core (>= 4.3.4)
    Fake.Core.Process (5.7.2)
      Fake.Core.Environment (>= 5.7.2)
      Fake.Core.FakeVar (>= 5.7.2)
      Fake.Core.String (>= 5.7.2)
      Fake.Core.Trace (>= 5.7.2)
      Fake.IO.FileSystem (>= 5.7.2)
      FSharp.Core (>= 4.3.4)
      System.Diagnostics.Process (>= 4.3)
    Fake.Core.ReleaseNotes (5.7.2)
      Fake.Core.SemVer (>= 5.7.2)
      Fake.Core.String (>= 5.7.2)
      FSharp.Core (>= 4.3.4)
    Fake.Core.SemVer (5.7.2)
      FSharp.Core (>= 4.3.4)
      System.Runtime.Numerics (>= 4.3)
    Fake.Core.String (5.7.2)
      FSharp.Core (>= 4.3.4)
    Fake.Core.Target (5.7.2)
      Fake.Core.CommandLineParsing (>= 5.7.2)
      Fake.Core.Context (>= 5.7.2)
      Fake.Core.Environment (>= 5.7.2)
      Fake.Core.FakeVar (>= 5.7.2)
      Fake.Core.Process (>= 5.7.2)
      Fake.Core.String (>= 5.7.2)
      Fake.Core.Trace (>= 5.7.2)
      FSharp.Control.Reactive (>= 4.1)
      FSharp.Core (>= 4.3.4)
      System.Reactive.Compatibility (>= 4.1)
    Fake.Core.Tasks (5.7.2)
      Fake.Core.Trace (>= 5.7.2)
      FSharp.Core (>= 4.3.4)
    Fake.Core.Trace (5.7.2)
      Fake.Core.Environment (>= 5.7.2)
      Fake.Core.FakeVar (>= 5.7.2)
      FSharp.Core (>= 4.3.4)
    Fake.Core.Xml (5.7.2)
      Fake.Core.String (>= 5.7.2)
      FSharp.Core (>= 4.3.4)
      System.Xml.ReaderWriter (>= 4.3.1)
      System.Xml.XDocument (>= 4.3)
      System.Xml.XPath (>= 4.3)
      System.Xml.XPath.XDocument (>= 4.3)
      System.Xml.XPath.XmlDocument (>= 4.3)
    Fake.DotNet.Cli (5.7.2)
      Fake.Core.Environment (>= 5.7.2)
      Fake.Core.Process (>= 5.7.2)
      Fake.Core.String (>= 5.7.2)
      Fake.Core.Trace (>= 5.7.2)
      Fake.DotNet.MSBuild (>= 5.7.2)
      Fake.IO.FileSystem (>= 5.7.2)
      FSharp.Core (>= 4.3.4)
      Newtonsoft.Json (>= 11.0.2)
    Fake.DotNet.MSBuild (5.7.2)
      BlackFox.VsWhere (>= 0.3.1)
      Fake.Core.Environment (>= 5.7.2)
      Fake.Core.Process (>= 5.7.2)
      Fake.Core.String (>= 5.7.2)
      Fake.Core.Trace (>= 5.7.2)
      Fake.IO.FileSystem (>= 5.7.2)
      FSharp.Core (>= 4.3.4)
      MSBuild.StructuredLogger (>= 2.0.4)
    Fake.DotNet.NuGet (5.7.2)
      Fake.Core.Environment (>= 5.7.2)
      Fake.Core.Process (>= 5.7.2)
      Fake.Core.SemVer (>= 5.7.2)
      Fake.Core.String (>= 5.7.2)
      Fake.Core.Tasks (>= 5.7.2)
      Fake.Core.Trace (>= 5.7.2)
      Fake.Core.Xml (>= 5.7.2)
      Fake.IO.FileSystem (>= 5.7.2)
      FSharp.Core (>= 4.3.4)
      Newtonsoft.Json (>= 11.0.2)
      System.Net.Http (>= 4.3.3)
    Fake.IO.FileSystem (5.7.2)
      Fake.Core.String (>= 5.7.2)
      FSharp.Core (>= 4.3.4)
      System.Diagnostics.FileVersionInfo (>= 4.3)
      System.IO.FileSystem.Watcher (>= 4.3)
    Fake.IO.Zip (5.7.2)
      Fake.Core.String (>= 5.7.2)
      Fake.IO.FileSystem (>= 5.7.2)
      FSharp.Core (>= 4.3.4)
      System.IO.Compression (>= 4.3)
      System.IO.Compression.ZipFile (>= 4.3)
    Fake.Net.Http (5.7.2)
      Fake.Core.Trace (>= 5.7.2)
      FSharp.Core (>= 4.3.4)
      System.Net.Http (>= 4.3.3)
    Fake.Tools.Git (5.7.2)
      Fake.Core.Environment (>= 5.7.2)
      Fake.Core.Process (>= 5.7.2)
      Fake.Core.SemVer (>= 5.7.2)
      Fake.Core.String (>= 5.7.2)
      Fake.Core.Trace (>= 5.7.2)
      Fake.IO.FileSystem (>= 5.7.2)
      FSharp.Core (>= 4.3.4)
    FParsec (1.0.3)
      FSharp.Core (>= 4.2.3)
      NETStandard.Library (>= 1.6.1)
    FSharp.Control.AsyncSeq (2.0.21)
      FSharp.Core (>= 4.3.2)
    FSharp.Control.Reactive (4.1)
      FSharp.Core (>= 4.2.3)
      System.Reactive (>= 4.0)
    FSharp.Core (4.5.2)
    FSharp.Data (3.0.0-beta4)
      FSharp.Core (>= 4.3.4)
    Microsoft.Build (15.8.166)
      Microsoft.Build.Framework (>= 15.8.166)
      Microsoft.Win32.Registry (>= 4.3)
      System.Collections.Immutable (>= 1.5)
      System.Diagnostics.TraceSource (>= 4.0)
      System.IO.Compression (>= 4.3)
      System.Reflection.Metadata (>= 1.6)
      System.Reflection.TypeExtensions (>= 4.1)
      System.Runtime.InteropServices.RuntimeInformation (>= 4.3)
      System.Runtime.Loader (>= 4.0)
      System.Text.Encoding.CodePages (>= 4.0.1)
      System.Threading.Tasks.Dataflow (>= 4.6)
    Microsoft.Build.Framework (15.8.166)
      System.Runtime.Serialization.Primitives (>= 4.1.1)
      System.Threading.Thread (>= 4.0)
    Microsoft.Build.Tasks.Core (15.8.166)
      Microsoft.Build.Framework (>= 15.8.166)
      Microsoft.Build.Utilities.Core (>= 15.8.166)
      Microsoft.Win32.Registry (>= 4.3)
      System.CodeDom (>= 4.4)
      System.Collections.Immutable (>= 1.5)
      System.Linq.Parallel (>= 4.0.1)
      System.Net.Http (>= 4.3)
      System.Reflection.Metadata (>= 1.6)
      System.Reflection.TypeExtensions (>= 4.1)
      System.Resources.Writer (>= 4.0)
      System.Threading.Tasks.Dataflow (>= 4.6)
    Microsoft.Build.Tasks.Git (1.0.0-beta-62925-02)
    Microsoft.Build.Utilities.Core (15.8.166)
      Microsoft.Build.Framework (>= 15.8.166)
      Microsoft.Win32.Registry (>= 4.3)
      System.Collections.Immutable (>= 1.5)
      System.Runtime.InteropServices.RuntimeInformation (>= 4.3)
      System.Text.Encoding.CodePages (>= 4.4)
    Microsoft.NETCore.Platforms (2.1.1)
    Microsoft.NETCore.Targets (2.1)
    Microsoft.SourceLink.Common (1.0.0-beta-62925-02)
    Microsoft.SourceLink.GitHub (1.0.0-beta-62925-02)
      Microsoft.Build.Tasks.Git (>= 1.0.0-beta-62925-02)
      Microsoft.SourceLink.Common (>= 1.0.0-beta-62925-02)
    Microsoft.Win32.Primitives (4.3)
      Microsoft.NETCore.Platforms (>= 1.1)
      Microsoft.NETCore.Targets (>= 1.1)
      System.Runtime (>= 4.3)
    Microsoft.Win32.Registry (4.5)
      System.Buffers (>= 4.4)
      System.Memory (>= 4.5)
      System.Security.AccessControl (>= 4.5)
      System.Security.Principal.Windows (>= 4.5)
    MSBuild.StructuredLogger (2.0.11)
      Microsoft.Build (>= 15.8.166)
      Microsoft.Build.Framework (>= 15.8.166)
      Microsoft.Build.Tasks.Core (>= 15.8.166)
      Microsoft.Build.Utilities.Core (>= 15.8.166)
    NETStandard.Library (2.0.3)
      Microsoft.NETCore.Platforms (>= 1.1)
    Newtonsoft.Json (11.0.2)
    NodaTime (2.4)
    runtime.debian.8-x64.runtime.native.System.Security.Cryptography.OpenSsl (4.3.3)
    runtime.debian.9-x64.runtime.native.System.Security.Cryptography.OpenSsl (4.3.3)
    runtime.fedora.23-x64.runtime.native.System.Security.Cryptography.OpenSsl (4.3.3)
    runtime.fedora.24-x64.runtime.native.System.Security.Cryptography.OpenSsl (4.3.3)
    runtime.fedora.27-x64.runtime.native.System.Security.Cryptography.OpenSsl (4.3.3)
    runtime.fedora.28-x64.runtime.native.System.Security.Cryptography.OpenSsl (4.3.3)
    runtime.native.System (4.3.1)
      Microsoft.NETCore.Platforms (>= 1.1.1)
      Microsoft.NETCore.Targets (>= 1.1.3)
    runtime.native.System.IO.Compression (4.3.2)
      Microsoft.NETCore.Platforms (>= 1.1.1)
      Microsoft.NETCore.Targets (>= 1.1.3)
    runtime.native.System.Net.Http (4.3.1)
      Microsoft.NETCore.Platforms (>= 1.1.1)
      Microsoft.NETCore.Targets (>= 1.1.3)
    runtime.native.System.Security.Cryptography.Apple (4.3.1)
      runtime.osx.10.10-x64.runtime.native.System.Security.Cryptography.Apple (>= 4.3.1)
    runtime.native.System.Security.Cryptography.OpenSsl (4.3.3)
      runtime.debian.8-x64.runtime.native.System.Security.Cryptography.OpenSsl (>= 4.3.3)
      runtime.debian.9-x64.runtime.native.System.Security.Cryptography.OpenSsl (>= 4.3.3)
      runtime.fedora.23-x64.runtime.native.System.Security.Cryptography.OpenSsl (>= 4.3.3)
      runtime.fedora.24-x64.runtime.native.System.Security.Cryptography.OpenSsl (>= 4.3.3)
      runtime.fedora.27-x64.runtime.native.System.Security.Cryptography.OpenSsl (>= 4.3.3)
      runtime.fedora.28-x64.runtime.native.System.Security.Cryptography.OpenSsl (>= 4.3.3)
      runtime.opensuse.13.2-x64.runtime.native.System.Security.Cryptography.OpenSsl (>= 4.3.3)
      runtime.opensuse.42.1-x64.runtime.native.System.Security.Cryptography.OpenSsl (>= 4.3.3)
      runtime.opensuse.42.3-x64.runtime.native.System.Security.Cryptography.OpenSsl (>= 4.3.3)
      runtime.osx.10.10-x64.runtime.native.System.Security.Cryptography.OpenSsl (>= 4.3.3)
      runtime.rhel.7-x64.runtime.native.System.Security.Cryptography.OpenSsl (>= 4.3.3)
      runtime.ubuntu.14.04-x64.runtime.native.System.Security.Cryptography.OpenSsl (>= 4.3.3)
      runtime.ubuntu.16.04-x64.runtime.native.System.Security.Cryptography.OpenSsl (>= 4.3.3)
      runtime.ubuntu.16.10-x64.runtime.native.System.Security.Cryptography.OpenSsl (>= 4.3.3)
      runtime.ubuntu.18.04-x64.runtime.native.System.Security.Cryptography.OpenSsl (>= 4.3.3)
    runtime.opensuse.13.2-x64.runtime.native.System.Security.Cryptography.OpenSsl (4.3.3)
    runtime.opensuse.42.1-x64.runtime.native.System.Security.Cryptography.OpenSsl (4.3.3)
    runtime.opensuse.42.3-x64.runtime.native.System.Security.Cryptography.OpenSsl (4.3.3)
    runtime.osx.10.10-x64.runtime.native.System.Security.Cryptography.Apple (4.3.1)
    runtime.osx.10.10-x64.runtime.native.System.Security.Cryptography.OpenSsl (4.3.3)
    runtime.rhel.7-x64.runtime.native.System.Security.Cryptography.OpenSsl (4.3.3)
    runtime.ubuntu.14.04-x64.runtime.native.System.Security.Cryptography.OpenSsl (4.3.3)
    runtime.ubuntu.16.04-x64.runtime.native.System.Security.Cryptography.OpenSsl (4.3.3)
    runtime.ubuntu.16.10-x64.runtime.native.System.Security.Cryptography.OpenSsl (4.3.3)
    runtime.ubuntu.18.04-x64.runtime.native.System.Security.Cryptography.OpenSsl (4.3.3)
    Serilog (2.7.1)
      NETStandard.Library (>= 1.6.1)
      System.Collections.NonGeneric (>= 4.3)
    Serilog.Enrichers.Thread (3.0)
      Serilog (>= 2.0)
    Serilog.Formatting.Compact (1.0)
      Serilog (>= 2.0)
    Serilog.Sinks.Console (3.1.1)
      Serilog (>= 2.5)
      System.Console (>= 4.3)
    Serilog.Sinks.File (4.0)
      Serilog (>= 2.5)
      System.IO (>= 4.1)
      System.IO.FileSystem (>= 4.0.1)
      System.IO.FileSystem.Primitives (>= 4.0.1)
      System.Runtime.InteropServices (>= 4.1)
      System.Text.Encoding.Extensions (>= 4.0.11)
      System.Threading (>= 4.0.11)
      System.Threading.Timer (>= 4.0.1)
    Serilog.Sinks.PeriodicBatching (2.1.1)
      Serilog (>= 2.0)
      System.Collections.Concurrent (>= 4.0.12)
      System.Threading.Timer (>= 4.0.1)
    Serilog.Sinks.Seq (4.0)
      NETStandard.Library (>= 1.6.1)
      Serilog (>= 2.5)
      Serilog.Formatting.Compact (>= 1.0)
      Serilog.Sinks.File (>= 4.0)
      Serilog.Sinks.PeriodicBatching (>= 2.1.1)
      System.Net.Http (>= 4.3.2)
    System.Buffers (4.5)
    System.CodeDom (4.5)
    System.Collections (4.3)
      Microsoft.NETCore.Platforms (>= 1.1)
      Microsoft.NETCore.Targets (>= 1.1)
      System.Runtime (>= 4.3)
    System.Collections.Concurrent (4.3)
      System.Collections (>= 4.3)
      System.Diagnostics.Debug (>= 4.3)
      System.Diagnostics.Tracing (>= 4.3)
      System.Globalization (>= 4.3)
      System.Reflection (>= 4.3)
      System.Resources.ResourceManager (>= 4.3)
      System.Runtime (>= 4.3)
      System.Runtime.Extensions (>= 4.3)
      System.Threading (>= 4.3)
      System.Threading.Tasks (>= 4.3)
    System.Collections.Immutable (1.5)
    System.Collections.NonGeneric (4.3)
      System.Diagnostics.Debug (>= 4.3)
      System.Globalization (>= 4.3)
      System.Resources.ResourceManager (>= 4.3)
      System.Runtime (>= 4.3)
      System.Runtime.Extensions (>= 4.3)
      System.Threading (>= 4.3)
    System.ComponentModel (4.3)
      System.Runtime (>= 4.3)
    System.Console (4.3.1)
      Microsoft.NETCore.Platforms (>= 1.1)
      Microsoft.NETCore.Targets (>= 1.1.2)
      System.IO (>= 4.3)
      System.Runtime (>= 4.3)
      System.Text.Encoding (>= 4.3)
    System.Diagnostics.Debug (4.3)
      Microsoft.NETCore.Platforms (>= 1.1)
      Microsoft.NETCore.Targets (>= 1.1)
      System.Runtime (>= 4.3)
    System.Diagnostics.DiagnosticSource (4.5.1)
    System.Diagnostics.FileVersionInfo (4.3)
      Microsoft.NETCore.Platforms (>= 1.1)
      System.Globalization (>= 4.3)
      System.IO (>= 4.3)
      System.IO.FileSystem (>= 4.3)
      System.IO.FileSystem.Primitives (>= 4.3)
      System.Reflection.Metadata (>= 1.4.1)
      System.Runtime (>= 4.3)
      System.Runtime.Extensions (>= 4.3)
      System.Runtime.InteropServices (>= 4.3)
    System.Diagnostics.Process (4.3)
      Microsoft.NETCore.Platforms (>= 1.1)
      Microsoft.Win32.Primitives (>= 4.3)
      Microsoft.Win32.Registry (>= 4.3)
      runtime.native.System (>= 4.3)
      System.Collections (>= 4.3)
      System.Diagnostics.Debug (>= 4.3)
      System.Globalization (>= 4.3)
      System.IO (>= 4.3)
      System.IO.FileSystem (>= 4.3)
      System.IO.FileSystem.Primitives (>= 4.3)
      System.Resources.ResourceManager (>= 4.3)
      System.Runtime (>= 4.3)
      System.Runtime.Extensions (>= 4.3)
      System.Runtime.Handles (>= 4.3)
      System.Runtime.InteropServices (>= 4.3)
      System.Text.Encoding (>= 4.3)
      System.Text.Encoding.Extensions (>= 4.3)
      System.Threading (>= 4.3)
      System.Threading.Tasks (>= 4.3)
      System.Threading.Thread (>= 4.3)
      System.Threading.ThreadPool (>= 4.3)
    System.Diagnostics.Tools (4.3)
      Microsoft.NETCore.Platforms (>= 1.1)
      Microsoft.NETCore.Targets (>= 1.1)
      System.Runtime (>= 4.3)
    System.Diagnostics.TraceSource (4.3)
      Microsoft.NETCore.Platforms (>= 1.1)
      runtime.native.System (>= 4.3)
      System.Collections (>= 4.3)
      System.Diagnostics.Debug (>= 4.3)
      System.Globalization (>= 4.3)
      System.Resources.ResourceManager (>= 4.3)
      System.Runtime (>= 4.3)
      System.Runtime.Extensions (>= 4.3)
      System.Threading (>= 4.3)
    System.Diagnostics.Tracing (4.3)
      Microsoft.NETCore.Platforms (>= 1.1)
      Microsoft.NETCore.Targets (>= 1.1)
      System.Runtime (>= 4.3)
    System.Globalization (4.3)
      Microsoft.NETCore.Platforms (>= 1.1)
      Microsoft.NETCore.Targets (>= 1.1)
      System.Runtime (>= 4.3)
    System.Globalization.Calendars (4.3)
      Microsoft.NETCore.Platforms (>= 1.1)
      Microsoft.NETCore.Targets (>= 1.1)
      System.Globalization (>= 4.3)
      System.Runtime (>= 4.3)
    System.Globalization.Extensions (4.3)
      Microsoft.NETCore.Platforms (>= 1.1)
      System.Globalization (>= 4.3)
      System.Resources.ResourceManager (>= 4.3)
      System.Runtime (>= 4.3)
      System.Runtime.Extensions (>= 4.3)
      System.Runtime.InteropServices (>= 4.3)
    System.IO (4.3)
      Microsoft.NETCore.Platforms (>= 1.1)
      Microsoft.NETCore.Targets (>= 1.1)
      System.Runtime (>= 4.3)
      System.Text.Encoding (>= 4.3)
      System.Threading.Tasks (>= 4.3)
    System.IO.Compression (4.3)
      Microsoft.NETCore.Platforms (>= 1.1)
      runtime.native.System (>= 4.3)
      runtime.native.System.IO.Compression (>= 4.3)
      System.Buffers (>= 4.3)
      System.Collections (>= 4.3)
      System.Diagnostics.Debug (>= 4.3)
      System.IO (>= 4.3)
      System.Resources.ResourceManager (>= 4.3)
      System.Runtime (>= 4.3)
      System.Runtime.Extensions (>= 4.3)
      System.Runtime.Handles (>= 4.3)
      System.Runtime.InteropServices (>= 4.3)
      System.Text.Encoding (>= 4.3)
      System.Threading (>= 4.3)
      System.Threading.Tasks (>= 4.3)
    System.IO.Compression.ZipFile (4.3)
      System.Buffers (>= 4.3)
      System.IO (>= 4.3)
      System.IO.Compression (>= 4.3)
      System.IO.FileSystem (>= 4.3)
      System.IO.FileSystem.Primitives (>= 4.3)
      System.Resources.ResourceManager (>= 4.3)
      System.Runtime (>= 4.3)
      System.Runtime.Extensions (>= 4.3)
      System.Text.Encoding (>= 4.3)
    System.IO.FileSystem (4.3)
      Microsoft.NETCore.Platforms (>= 1.1)
      Microsoft.NETCore.Targets (>= 1.1)
      System.IO (>= 4.3)
      System.IO.FileSystem.Primitives (>= 4.3)
      System.Runtime (>= 4.3)
      System.Runtime.Handles (>= 4.3)
      System.Text.Encoding (>= 4.3)
      System.Threading.Tasks (>= 4.3)
    System.IO.FileSystem.Primitives (4.3)
      System.Runtime (>= 4.3)
    System.IO.FileSystem.Watcher (4.3)
      Microsoft.NETCore.Platforms (>= 1.1)
      Microsoft.Win32.Primitives (>= 4.3)
      runtime.native.System (>= 4.3)
      System.Collections (>= 4.3)
      System.IO.FileSystem (>= 4.3)
      System.IO.FileSystem.Primitives (>= 4.3)
      System.Resources.ResourceManager (>= 4.3)
      System.Runtime (>= 4.3)
      System.Runtime.Extensions (>= 4.3)
      System.Runtime.Handles (>= 4.3)
      System.Runtime.InteropServices (>= 4.3)
      System.Text.Encoding (>= 4.3)
      System.Threading (>= 4.3)
      System.Threading.Overlapped (>= 4.3)
      System.Threading.Tasks (>= 4.3)
      System.Threading.Thread (>= 4.3)
    System.Linq (4.3)
      System.Collections (>= 4.3)
      System.Diagnostics.Debug (>= 4.3)
      System.Resources.ResourceManager (>= 4.3)
      System.Runtime (>= 4.3)
      System.Runtime.Extensions (>= 4.3)
    System.Linq.Parallel (4.3)
      System.Collections (>= 4.3)
      System.Collections.Concurrent (>= 4.3)
      System.Diagnostics.Debug (>= 4.3)
      System.Diagnostics.Tracing (>= 4.3)
      System.Linq (>= 4.3)
      System.Resources.ResourceManager (>= 4.3)
      System.Runtime (>= 4.3)
      System.Runtime.Extensions (>= 4.3)
      System.Threading (>= 4.3)
      System.Threading.Tasks (>= 4.3)
    System.Memory (4.5.1)
      System.Buffers (>= 4.4)
      System.Numerics.Vectors (>= 4.4)
      System.Runtime.CompilerServices.Unsafe (>= 4.5)
    System.Net.Http (4.3.3)
      Microsoft.NETCore.Platforms (>= 1.1)
      runtime.native.System (>= 4.3)
      runtime.native.System.Net.Http (>= 4.3)
      runtime.native.System.Security.Cryptography.OpenSsl (>= 4.3.2)
      System.Collections (>= 4.3)
      System.Diagnostics.Debug (>= 4.3)
      System.Diagnostics.DiagnosticSource (>= 4.3)
      System.Diagnostics.Tracing (>= 4.3)
      System.Globalization (>= 4.3)
      System.Globalization.Extensions (>= 4.3)
      System.IO (>= 4.3)
      System.IO.FileSystem (>= 4.3)
      System.Net.Primitives (>= 4.3)
      System.Resources.ResourceManager (>= 4.3)
      System.Runtime (>= 4.3)
      System.Runtime.Extensions (>= 4.3)
      System.Runtime.Handles (>= 4.3)
      System.Runtime.InteropServices (>= 4.3)
      System.Security.Cryptography.Algorithms (>= 4.3)
      System.Security.Cryptography.Encoding (>= 4.3)
      System.Security.Cryptography.OpenSsl (>= 4.3)
      System.Security.Cryptography.Primitives (>= 4.3)
      System.Security.Cryptography.X509Certificates (>= 4.3)
      System.Text.Encoding (>= 4.3)
      System.Threading (>= 4.3)
      System.Threading.Tasks (>= 4.3)
    System.Net.Primitives (4.3)
      Microsoft.NETCore.Platforms (>= 1.1)
      Microsoft.NETCore.Targets (>= 1.1)
      System.Runtime (>= 4.3)
      System.Runtime.Handles (>= 4.3)
    System.Numerics.Vectors (4.5)
    System.Reactive (4.1.1)
      System.Runtime.InteropServices.WindowsRuntime (>= 4.3)
      System.Threading.Tasks.Extensions (>= 4.5.1)
    System.Reactive.Compatibility (4.1.1)
      System.Reactive.Core (>= 4.1.1)
      System.Reactive.Interfaces (>= 4.1.1)
      System.Reactive.Linq (>= 4.1.1)
      System.Reactive.PlatformServices (>= 4.1.1)
      System.Reactive.Providers (>= 4.1.1)
    System.Reactive.Core (4.1.1)
      System.Reactive (>= 4.1.1)
      System.Threading.Tasks.Extensions (>= 4.5.1)
    System.Reactive.Interfaces (4.1.1)
      System.Reactive (>= 4.1.1)
      System.Threading.Tasks.Extensions (>= 4.5.1)
    System.Reactive.Linq (4.1.1)
      System.Reactive (>= 4.1.1)
      System.Threading.Tasks.Extensions (>= 4.5.1)
    System.Reactive.PlatformServices (4.1.1)
      System.Reactive (>= 4.1.1)
      System.Threading.Tasks.Extensions (>= 4.5.1)
    System.Reactive.Providers (4.1.1)
      System.Reactive (>= 4.1.1)
      System.Threading.Tasks.Extensions (>= 4.5.1)
    System.Reflection (4.3)
      Microsoft.NETCore.Platforms (>= 1.1)
      Microsoft.NETCore.Targets (>= 1.1)
      System.IO (>= 4.3)
      System.Reflection.Primitives (>= 4.3)
      System.Runtime (>= 4.3)
    System.Reflection.Extensions (4.3)
      Microsoft.NETCore.Platforms (>= 1.1)
      Microsoft.NETCore.Targets (>= 1.1)
      System.Reflection (>= 4.3)
      System.Runtime (>= 4.3)
    System.Reflection.Metadata (1.6)
      System.Collections.Immutable (>= 1.5)
    System.Reflection.Primitives (4.3)
      Microsoft.NETCore.Platforms (>= 1.1)
      Microsoft.NETCore.Targets (>= 1.1)
      System.Runtime (>= 4.3)
    System.Reflection.TypeExtensions (4.5.1)
    System.Resources.ResourceManager (4.3)
      Microsoft.NETCore.Platforms (>= 1.1)
      Microsoft.NETCore.Targets (>= 1.1)
      System.Globalization (>= 4.3)
      System.Reflection (>= 4.3)
      System.Runtime (>= 4.3)
    System.Resources.Writer (4.3)
      System.Collections (>= 4.3)
      System.IO (>= 4.3)
      System.Resources.ResourceManager (>= 4.3)
      System.Runtime (>= 4.3)
      System.Runtime.Extensions (>= 4.3)
      System.Text.Encoding (>= 4.3)
    System.Runtime (4.3)
      Microsoft.NETCore.Platforms (>= 1.1)
      Microsoft.NETCore.Targets (>= 1.1)
    System.Runtime.CompilerServices.Unsafe (4.5.2)
    System.Runtime.Extensions (4.3)
      Microsoft.NETCore.Platforms (>= 1.1)
      Microsoft.NETCore.Targets (>= 1.1)
      System.Runtime (>= 4.3)
    System.Runtime.Handles (4.3)
      Microsoft.NETCore.Platforms (>= 1.1)
      Microsoft.NETCore.Targets (>= 1.1)
      System.Runtime (>= 4.3)
    System.Runtime.InteropServices (4.3)
      Microsoft.NETCore.Platforms (>= 1.1)
      Microsoft.NETCore.Targets (>= 1.1)
      System.Reflection (>= 4.3)
      System.Reflection.Primitives (>= 4.3)
      System.Runtime (>= 4.3)
      System.Runtime.Handles (>= 4.3)
    System.Runtime.InteropServices.RuntimeInformation (4.3)
      runtime.native.System (>= 4.3)
      System.Reflection (>= 4.3)
      System.Reflection.Extensions (>= 4.3)
      System.Resources.ResourceManager (>= 4.3)
      System.Runtime (>= 4.3)
      System.Runtime.InteropServices (>= 4.3)
      System.Threading (>= 4.3)
    System.Runtime.InteropServices.WindowsRuntime (4.3)
      System.Runtime (>= 4.3)
    System.Runtime.Loader (4.3)
      System.IO (>= 4.3)
      System.Reflection (>= 4.3)
      System.Runtime (>= 4.3)
    System.Runtime.Numerics (4.3)
      System.Globalization (>= 4.3)
      System.Resources.ResourceManager (>= 4.3)
      System.Runtime (>= 4.3)
      System.Runtime.Extensions (>= 4.3)
    System.Runtime.Serialization.Primitives (4.3)
      System.Resources.ResourceManager (>= 4.3)
      System.Runtime (>= 4.3)
    System.Security.AccessControl (4.5)
      System.Security.Principal.Windows (>= 4.5)
    System.Security.Cryptography.Algorithms (4.3.1)
      Microsoft.NETCore.Platforms (>= 1.1)
      runtime.native.System.Security.Cryptography.Apple (>= 4.3.1)
      runtime.native.System.Security.Cryptography.OpenSsl (>= 4.3.2)
      System.Collections (>= 4.3)
      System.IO (>= 4.3)
      System.Resources.ResourceManager (>= 4.3)
      System.Runtime (>= 4.3)
      System.Runtime.Extensions (>= 4.3)
      System.Runtime.Handles (>= 4.3)
      System.Runtime.InteropServices (>= 4.3)
      System.Runtime.Numerics (>= 4.3)
      System.Security.Cryptography.Encoding (>= 4.3)
      System.Security.Cryptography.Primitives (>= 4.3)
      System.Text.Encoding (>= 4.3)
    System.Security.Cryptography.Cng (4.5)
    System.Security.Cryptography.Csp (4.3)
      Microsoft.NETCore.Platforms (>= 1.1)
      System.IO (>= 4.3)
      System.Reflection (>= 4.3)
      System.Resources.ResourceManager (>= 4.3)
      System.Runtime (>= 4.3)
      System.Runtime.Extensions (>= 4.3)
      System.Runtime.Handles (>= 4.3)
      System.Runtime.InteropServices (>= 4.3)
      System.Security.Cryptography.Algorithms (>= 4.3)
      System.Security.Cryptography.Encoding (>= 4.3)
      System.Security.Cryptography.Primitives (>= 4.3)
      System.Text.Encoding (>= 4.3)
      System.Threading (>= 4.3)
    System.Security.Cryptography.Encoding (4.3)
      Microsoft.NETCore.Platforms (>= 1.1)
      runtime.native.System.Security.Cryptography.OpenSsl (>= 4.3)
      System.Collections (>= 4.3)
      System.Collections.Concurrent (>= 4.3)
      System.Linq (>= 4.3)
      System.Resources.ResourceManager (>= 4.3)
      System.Runtime (>= 4.3)
      System.Runtime.Extensions (>= 4.3)
      System.Runtime.Handles (>= 4.3)
      System.Runtime.InteropServices (>= 4.3)
      System.Security.Cryptography.Primitives (>= 4.3)
      System.Text.Encoding (>= 4.3)
    System.Security.Cryptography.OpenSsl (4.5)
    System.Security.Cryptography.Primitives (4.3)
      System.Diagnostics.Debug (>= 4.3)
      System.Globalization (>= 4.3)
      System.IO (>= 4.3)
      System.Resources.ResourceManager (>= 4.3)
      System.Runtime (>= 4.3)
      System.Threading (>= 4.3)
      System.Threading.Tasks (>= 4.3)
    System.Security.Cryptography.X509Certificates (4.3.2)
      Microsoft.NETCore.Platforms (>= 1.1)
      runtime.native.System (>= 4.3)
      runtime.native.System.Net.Http (>= 4.3)
      runtime.native.System.Security.Cryptography.OpenSsl (>= 4.3.2)
      System.Collections (>= 4.3)
      System.Diagnostics.Debug (>= 4.3)
      System.Globalization (>= 4.3)
      System.Globalization.Calendars (>= 4.3)
      System.IO (>= 4.3)
      System.IO.FileSystem (>= 4.3)
      System.IO.FileSystem.Primitives (>= 4.3)
      System.Resources.ResourceManager (>= 4.3)
      System.Runtime (>= 4.3)
      System.Runtime.Extensions (>= 4.3)
      System.Runtime.Handles (>= 4.3)
      System.Runtime.InteropServices (>= 4.3)
      System.Runtime.Numerics (>= 4.3)
      System.Security.Cryptography.Algorithms (>= 4.3)
      System.Security.Cryptography.Cng (>= 4.3)
      System.Security.Cryptography.Csp (>= 4.3)
      System.Security.Cryptography.Encoding (>= 4.3)
      System.Security.Cryptography.OpenSsl (>= 4.3)
      System.Security.Cryptography.Primitives (>= 4.3)
      System.Text.Encoding (>= 4.3)
      System.Threading (>= 4.3)
    System.Security.Principal.Windows (4.5.1)
    System.Text.Encoding (4.3)
      Microsoft.NETCore.Platforms (>= 1.1)
      Microsoft.NETCore.Targets (>= 1.1)
      System.Runtime (>= 4.3)
    System.Text.Encoding.CodePages (4.5)
      System.Runtime.CompilerServices.Unsafe (>= 4.5)
    System.Text.Encoding.Extensions (4.3)
      Microsoft.NETCore.Platforms (>= 1.1)
      Microsoft.NETCore.Targets (>= 1.1)
      System.Runtime (>= 4.3)
      System.Text.Encoding (>= 4.3)
    System.Text.RegularExpressions (4.3)
      System.Collections (>= 4.3)
      System.Globalization (>= 4.3)
      System.Resources.ResourceManager (>= 4.3)
      System.Runtime (>= 4.3)
      System.Runtime.Extensions (>= 4.3)
      System.Threading (>= 4.3)
    System.Threading (4.3)
      System.Runtime (>= 4.3)
      System.Threading.Tasks (>= 4.3)
    System.Threading.Overlapped (4.3)
      Microsoft.NETCore.Platforms (>= 1.1)
      System.Resources.ResourceManager (>= 4.3)
      System.Runtime (>= 4.3)
      System.Runtime.Handles (>= 4.3)
    System.Threading.Tasks (4.3)
      Microsoft.NETCore.Platforms (>= 1.1)
      Microsoft.NETCore.Targets (>= 1.1)
      System.Runtime (>= 4.3)
    System.Threading.Tasks.Dataflow (4.9)
    System.Threading.Tasks.Extensions (4.5.1)
      System.Runtime.CompilerServices.Unsafe (>= 4.5)
    System.Threading.Thread (4.3)
      System.Runtime (>= 4.3)
    System.Threading.ThreadPool (4.3)
      System.Runtime (>= 4.3)
      System.Runtime.Handles (>= 4.3)
    System.Threading.Timer (4.3)
      Microsoft.NETCore.Platforms (>= 1.1)
      Microsoft.NETCore.Targets (>= 1.1)
      System.Runtime (>= 4.3)
    System.ValueTuple (4.5)
    System.Xml.ReaderWriter (4.3.1)
      System.Collections (>= 4.3)
      System.Diagnostics.Debug (>= 4.3)
      System.Globalization (>= 4.3)
      System.IO (>= 4.3)
      System.IO.FileSystem (>= 4.3)
      System.IO.FileSystem.Primitives (>= 4.3)
      System.Resources.ResourceManager (>= 4.3)
      System.Runtime (>= 4.3)
      System.Runtime.Extensions (>= 4.3)
      System.Runtime.InteropServices (>= 4.3)
      System.Text.Encoding (>= 4.3)
      System.Text.Encoding.Extensions (>= 4.3)
      System.Text.RegularExpressions (>= 4.3)
      System.Threading.Tasks (>= 4.3)
      System.Threading.Tasks.Extensions (>= 4.3)
    System.Xml.XDocument (4.3)
      System.Collections (>= 4.3)
      System.Diagnostics.Debug (>= 4.3)
      System.Diagnostics.Tools (>= 4.3)
      System.Globalization (>= 4.3)
      System.IO (>= 4.3)
      System.Reflection (>= 4.3)
      System.Resources.ResourceManager (>= 4.3)
      System.Runtime (>= 4.3)
      System.Runtime.Extensions (>= 4.3)
      System.Text.Encoding (>= 4.3)
      System.Threading (>= 4.3)
      System.Xml.ReaderWriter (>= 4.3)
    System.Xml.XmlDocument (4.3)
      System.Collections (>= 4.3)
      System.Diagnostics.Debug (>= 4.3)
      System.Globalization (>= 4.3)
      System.IO (>= 4.3)
      System.Resources.ResourceManager (>= 4.3)
      System.Runtime (>= 4.3)
      System.Runtime.Extensions (>= 4.3)
      System.Text.Encoding (>= 4.3)
      System.Threading (>= 4.3)
      System.Xml.ReaderWriter (>= 4.3)
    System.Xml.XPath (4.3)
      System.Collections (>= 4.3)
      System.Diagnostics.Debug (>= 4.3)
      System.Globalization (>= 4.3)
      System.IO (>= 4.3)
      System.Resources.ResourceManager (>= 4.3)
      System.Runtime (>= 4.3)
      System.Runtime.Extensions (>= 4.3)
      System.Threading (>= 4.3)
      System.Xml.ReaderWriter (>= 4.3)
    System.Xml.XPath.XDocument (4.3)
      System.Diagnostics.Debug (>= 4.3)
      System.Linq (>= 4.3)
      System.Resources.ResourceManager (>= 4.3)
      System.Runtime (>= 4.3)
      System.Runtime.Extensions (>= 4.3)
      System.Threading (>= 4.3)
      System.Xml.ReaderWriter (>= 4.3)
      System.Xml.XDocument (>= 4.3)
      System.Xml.XPath (>= 4.3)
    System.Xml.XPath.XmlDocument (4.3)
      System.Collections (>= 4.3)
      System.Globalization (>= 4.3)
      System.IO (>= 4.3)
      System.Resources.ResourceManager (>= 4.3)
      System.Runtime (>= 4.3)
      System.Runtime.Extensions (>= 4.3)
      System.Threading (>= 4.3)
      System.Xml.ReaderWriter (>= 4.3)
      System.Xml.XmlDocument (>= 4.3)
      System.Xml.XPath (>= 4.3)
    TaskBuilder.fs (2.1)
      FSharp.Core (>= 4.1.17)
      NETStandard.Library (>= 1.6.1)
      System.ValueTuple (>= 4.4)
    Thoth.Json.Net (2.1)
      FSharp.Core (>= 4.5.2)
      Newtonsoft.Json (>= 11.0.2)
    Xamarin.Essentials (0.10.0-preview)
      System.Numerics.Vectors (>= 4.5)
    Xamarin.Forms (3.2.0.871581)
  remote: https://nuget.yjpark.org/nuget/dap
    Dap.Archive (0.6.0)
      Dap.Remote (>= 0.6)
      FSharp.Core (>= 4.5.2)
    Dap.Context (0.6.0)
      Dap.Prelude (>= 0.6)
      Thoth.Json.Net (>= 2.1)
    Dap.Eto (0.6.0)
      Dap.Gui (>= 0.6)
      Dap.Local (>= 0.6)
      Eto.Forms (>= 2.4.1)
    Dap.Farango (0.0.4)
      Fable.JsonConverter (>= 1.0.8)
      FSharp.Control.AsyncSeq (>= 2.0.21)
      FSharp.Core (>= 4.5.2)
      FSharp.Data (>= 3.0.0-beta4)
      Newtonsoft.Json (>= 11.0.2)
    Dap.Forms (0.6.0)
      Dap.Gui (>= 0.6)
      Dap.Local (>= 0.6)
      Elmish.XamarinForms (>= 0.17)
      Xamarin.Essentials (>= 0.10.0-preview)
    Dap.Gui (0.6.0)
      Dap.Platform (>= 0.6.4)
    Dap.Local (0.6.0)
      Dap.Archive (>= 0.6)
    Dap.Local.Farango (0.6.0)
      Dap.Archive (>= 0.6)
      Dap.Farango (>= 0.0.4)
      Dap.Local (>= 0.6)
    Dap.Platform (0.6.4)
      Dap.Context (>= 0.6)
      Elmish (>= 1.0.3)
      NodaTime (>= 2.4)
    Dap.Prelude (0.6.0)
      FSharp.Core (>= 4.5.2)
      Serilog (>= 2.7.1)
      Serilog.Enrichers.Thread (>= 3.0)
      Serilog.Formatting.Compact (>= 1.0)
      Serilog.Sinks.Console (>= 3.1.1)
      Serilog.Sinks.File (>= 4.0)
      Serilog.Sinks.Seq (>= 4.0)
      TaskBuilder.fs (>= 2.1)
    Dap.Remote (0.6.0)
      Dap.WebSocket (>= 0.6)
      Fable.JsonConverter (>= 1.0.8)
    Dap.WebSocket (0.6.0)
      Dap.Platform (>= 0.6.4)
      FSharp.Core (>= 4.5.2)
