STORAGE: NONE
NUGET
  remote: https://www.nuget.org/api/v2
    Argu (5.1)
      FSharp.Core (>= 4.0.0.1) - restriction: >= net45
      FSharp.Core (>= 4.3.2) - restriction: && (< net45) (>= netstandard2.0)
      System.Configuration.ConfigurationManager (>= 4.4) - restriction: && (< net45) (>= netstandard2.0)
    Elmish (1.0.3) - restriction: >= netstandard2.0
      FSharp.Core (>= 4.2.3) - restriction: || (>= net461) (>= netstandard1.6)
    Elmish.XamarinForms (0.15.2)
      FSharp.Core (>= 4.5)
      Xamarin.Forms (>= 3.0.0.482510)
    Fable.JsonConverter (1.0.8) - restriction: >= netstandard2.0
      FSharp.Core (>= 4.2.3) - restriction: || (>= net45) (>= netstandard1.6)
      Newtonsoft.Json (>= 11.0.1) - restriction: || (>= net45) (>= netstandard1.6)
    FSharp.Core (4.5.2)
      System.Collections (>= 4.0.11) - restriction: && (< net45) (>= netstandard1.6) (< netstandard2.0)
      System.Console (>= 4.0) - restriction: && (< net45) (>= netstandard1.6) (< netstandard2.0)
      System.Diagnostics.Debug (>= 4.0.11) - restriction: && (< net45) (>= netstandard1.6) (< netstandard2.0)
      System.Diagnostics.Tools (>= 4.0.1) - restriction: && (< net45) (>= netstandard1.6) (< netstandard2.0)
      System.Globalization (>= 4.0.11) - restriction: && (< net45) (>= netstandard1.6) (< netstandard2.0)
      System.IO (>= 4.1) - restriction: && (< net45) (>= netstandard1.6) (< netstandard2.0)
      System.Linq (>= 4.1) - restriction: && (< net45) (>= netstandard1.6) (< netstandard2.0)
      System.Linq.Expressions (>= 4.1) - restriction: && (< net45) (>= netstandard1.6) (< netstandard2.0)
      System.Linq.Queryable (>= 4.0.1) - restriction: && (< net45) (>= netstandard1.6) (< netstandard2.0)
      System.Net.Requests (>= 4.0.11) - restriction: && (< net45) (>= netstandard1.6) (< netstandard2.0)
      System.Reflection (>= 4.1) - restriction: && (< net45) (>= netstandard1.6) (< netstandard2.0)
      System.Reflection.Extensions (>= 4.0.1) - restriction: && (< net45) (>= netstandard1.6) (< netstandard2.0)
      System.Resources.ResourceManager (>= 4.0.1) - restriction: && (< net45) (>= netstandard1.6) (< netstandard2.0)
      System.Runtime (>= 4.1) - restriction: && (< net45) (>= netstandard1.6) (< netstandard2.0)
      System.Runtime.Extensions (>= 4.1) - restriction: && (< net45) (>= netstandard1.6) (< netstandard2.0)
      System.Runtime.Numerics (>= 4.0.1) - restriction: && (< net45) (>= netstandard1.6) (< netstandard2.0)
      System.Text.RegularExpressions (>= 4.1) - restriction: && (< net45) (>= netstandard1.6) (< netstandard2.0)
      System.Threading (>= 4.0.11) - restriction: && (< net45) (>= netstandard1.6) (< netstandard2.0)
      System.Threading.Tasks (>= 4.0.11) - restriction: && (< net45) (>= netstandard1.6) (< netstandard2.0)
      System.Threading.Tasks.Parallel (>= 4.0.1) - restriction: && (< net45) (>= netstandard1.6) (< netstandard2.0)
      System.Threading.Thread (>= 4.0) - restriction: && (< net45) (>= netstandard1.6) (< netstandard2.0)
      System.Threading.ThreadPool (>= 4.0.10) - restriction: && (< net45) (>= netstandard1.6) (< netstandard2.0)
      System.Threading.Timer (>= 4.0.1) - restriction: && (< net45) (>= netstandard1.6) (< netstandard2.0)
    FSharp.Data (3.0.0-beta4)
      FSharp.Core (>= 4.0.0.1) - restriction: >= net45
      FSharp.Core (>= 4.3.4) - restriction: && (< net45) (>= netstandard2.0)
    Microsoft.CSharp (4.5) - restriction: || (&& (== monoandroid8.1) (>= uap10.0)) (&& (== net471) (>= uap10.0)) (&& (== netcoreapp1.0) (>= uap10.0)) (== uap10.0) (&& (== xamarinios) (>= uap10.0)) (&& (== xamarinmac) (>= uap10.0))
    Microsoft.Net.Native.Compiler (2.1.8) - restriction: || (&& (== monoandroid8.1) (>= uap10.0)) (&& (== net471) (>= uap10.0)) (&& (== netcoreapp1.0) (>= uap10.0)) (== uap10.0) (&& (== xamarinios) (>= uap10.0)) (&& (== xamarinmac) (>= uap10.0))
      runtime.win10-arm.Microsoft.Net.Native.Compiler (>= 2.1.8)
      runtime.win10-x64.Microsoft.Net.Native.Compiler (>= 2.1.8)
      runtime.win10-x86.Microsoft.Net.Native.Compiler (>= 2.1.8)
    Microsoft.NETCore (5.0.2) - restriction: || (&& (== monoandroid8.1) (>= uap10.0)) (&& (== net471) (>= uap10.0)) (&& (== netcoreapp1.0) (>= uap10.0)) (== uap10.0) (&& (== xamarinios) (>= uap10.0)) (&& (== xamarinmac) (>= uap10.0))
      Microsoft.CSharp (>= 4.0.1)
      Microsoft.NETCore.Platforms (>= 1.0.1)
      Microsoft.VisualBasic (>= 10.0.1)
      System.AppContext (>= 4.1)
      System.Collections (>= 4.0.11)
      System.Collections.Concurrent (>= 4.0.12)
      System.Collections.Immutable (>= 1.2)
      System.ComponentModel (>= 4.0.1)
      System.ComponentModel.Annotations (>= 4.1)
      System.Diagnostics.Debug (>= 4.0.11)
      System.Diagnostics.Tools (>= 4.0.1)
      System.Diagnostics.Tracing (>= 4.1)
      System.Dynamic.Runtime (>= 4.0.11)
      System.Globalization (>= 4.0.11)
      System.Globalization.Calendars (>= 4.0.1)
      System.Globalization.Extensions (>= 4.0.1)
      System.IO (>= 4.1)
      System.IO.Compression (>= 4.1.1)
      System.IO.Compression.ZipFile (>= 4.0.1)
      System.IO.FileSystem (>= 4.0.1)
      System.IO.FileSystem.Primitives (>= 4.0.1)
      System.IO.UnmanagedMemoryStream (>= 4.0.1)
      System.Linq (>= 4.1)
      System.Linq.Expressions (>= 4.1)
      System.Linq.Parallel (>= 4.0.1)
      System.Linq.Queryable (>= 4.0.1)
      System.Net.Http (>= 4.1)
      System.Net.NetworkInformation (>= 4.1)
      System.Net.Primitives (>= 4.0.11)
      System.Numerics.Vectors (>= 4.1.1)
      System.ObjectModel (>= 4.0.12)
      System.Reflection (>= 4.1)
      System.Reflection.DispatchProxy (>= 4.0.1)
      System.Reflection.Extensions (>= 4.0.1)
      System.Reflection.Metadata (>= 1.3)
      System.Reflection.Primitives (>= 4.0.1)
      System.Reflection.TypeExtensions (>= 4.1)
      System.Resources.ResourceManager (>= 4.0.1)
      System.Runtime (>= 4.1)
      System.Runtime.Extensions (>= 4.1)
      System.Runtime.Handles (>= 4.0.1)
      System.Runtime.InteropServices (>= 4.1)
      System.Runtime.Numerics (>= 4.0.1)
      System.Security.Claims (>= 4.0.1)
      System.Security.Principal (>= 4.0.1)
      System.Text.Encoding (>= 4.0.11)
      System.Text.Encoding.Extensions (>= 4.0.11)
      System.Text.RegularExpressions (>= 4.1)
      System.Threading (>= 4.0.11)
      System.Threading.Tasks (>= 4.0.11)
      System.Threading.Tasks.Dataflow (>= 4.6)
      System.Threading.Tasks.Parallel (>= 4.0.1)
      System.Threading.Timer (>= 4.0.1)
      System.Xml.ReaderWriter (>= 4.0.11)
      System.Xml.XDocument (>= 4.0.11)
    Microsoft.NETCore.Jit (2.0.8) - restriction: || (&& (== monoandroid8.1) (>= uap10.0)) (&& (== net471) (>= uap10.0)) (&& (== netcoreapp1.0) (>= uap10.0)) (== uap10.0) (&& (== xamarinios) (>= uap10.0)) (&& (== xamarinmac) (>= uap10.0))
    Microsoft.NETCore.Platforms (2.1) - restriction: || (&& (== monoandroid8.1) (>= uap10.0)) (&& (== monoandroid8.1) (>= uap10.1)) (&& (== net471) (>= uap10.0)) (&& (== net471) (>= uap10.1)) (&& (== netcoreapp1.0) (>= uap10.0)) (&& (== netcoreapp1.0) (>= uap10.1)) (== uap10.0) (&& (== xamarinios) (>= uap10.0)) (&& (== xamarinios) (>= uap10.1)) (&& (== xamarinmac) (>= uap10.0)) (&& (== xamarinmac) (>= uap10.1)) (&& (< monoandroid) (< monotouch) (< net45) (>= netstandard1.6) (< netstandard2.0) (< win8) (< wpa81) (< xamarinios) (< xamarinmac) (< xamarintvos) (< xamarinwatchos)) (&& (< monoandroid) (< net45) (< netstandard1.3) (>= netstandard1.6) (< win8) (< wpa81)) (&& (< monoandroid) (< net45) (< netstandard1.5) (>= netstandard1.6) (< win8) (< wpa81)) (>= netcoreapp2.0) (&& (>= netstandard1.6) (< portable-net45+win8+wp8+wpa81))
    Microsoft.NETCore.Portable.Compatibility (1.0.2) - restriction: || (&& (== monoandroid8.1) (>= uap10.0)) (&& (== net471) (>= uap10.0)) (&& (== netcoreapp1.0) (>= uap10.0)) (== uap10.0) (&& (== xamarinios) (>= uap10.0)) (&& (== xamarinmac) (>= uap10.0))
    Microsoft.NETCore.Runtime.CoreCLR (2.0.8) - restriction: || (&& (== monoandroid8.1) (>= uap10.0)) (&& (== net471) (>= uap10.0)) (&& (== netcoreapp1.0) (>= uap10.0)) (== uap10.0) (&& (== xamarinios) (>= uap10.0)) (&& (== xamarinmac) (>= uap10.0))
      Microsoft.NETCore.Jit (>= 2.0.8)
    Microsoft.NETCore.Targets (2.1) - restriction: || (&& (== monoandroid8.1) (>= uap10.0)) (&& (== net471) (>= uap10.0)) (&& (== netcoreapp1.0) (>= uap10.0)) (== uap10.0) (&& (== xamarinios) (>= uap10.0)) (&& (== xamarinmac) (>= uap10.0)) (&& (< monoandroid) (< monotouch) (< net45) (>= netstandard1.6) (< netstandard2.0) (< xamarinios) (< xamarinmac) (< xamarintvos) (< xamarinwatchos))
    Microsoft.NETCore.UniversalWindowsPlatform (6.1.5) - restriction: || (&& (== monoandroid8.1) (>= uap10.0)) (&& (== net471) (>= uap10.0)) (&& (== netcoreapp1.0) (>= uap10.0)) (== uap10.0) (&& (== xamarinios) (>= uap10.0)) (&& (== xamarinmac) (>= uap10.0))
      Microsoft.Net.Native.Compiler (>= 1.7.3) - restriction: < uap10.1
      Microsoft.NETCore (>= 5.0.2) - restriction: < uap10.1
      Microsoft.NETCore.Portable.Compatibility (>= 1.0.2) - restriction: < uap10.1
      Microsoft.NETCore.Runtime.CoreCLR (>= 1.0.3) - restriction: < uap10.1
      Microsoft.NETCore.Targets (>= 1.0.2) - restriction: < uap10.1
      Microsoft.Win32.Primitives (>= 4.0.1) - restriction: < uap10.1
      System.Collections.NonGeneric (>= 4.0.1) - restriction: < uap10.1
      System.Collections.Specialized (>= 4.0.1) - restriction: < uap10.1
      System.ComponentModel.EventBasedAsync (>= 4.0.11) - restriction: < uap10.1
      System.Data.Common (>= 4.1) - restriction: < uap10.1
      System.Diagnostics.Contracts (>= 4.0.1) - restriction: < uap10.1
      System.Diagnostics.StackTrace (>= 4.0.2) - restriction: < uap10.1
      System.IO.IsolatedStorage (>= 4.0.1) - restriction: < uap10.1
      System.Net.Http.Rtc (>= 4.0.1) - restriction: < uap10.1
      System.Net.NameResolution (>= 4.0) - restriction: < uap10.1
      System.Net.Requests (>= 4.0.11) - restriction: < uap10.1
      System.Net.Sockets (>= 4.1) - restriction: < uap10.1
      System.Net.WebHeaderCollection (>= 4.0.1) - restriction: < uap10.1
      System.Net.WebSockets (>= 4.0) - restriction: < uap10.1
      System.Net.WebSockets.Client (>= 4.0.2) - restriction: < uap10.1
      System.Numerics.Vectors.WindowsRuntime (>= 4.0.1) - restriction: < uap10.1
      System.Reflection.Context (>= 4.0.1) - restriction: < uap10.1
      System.Runtime.InteropServices.WindowsRuntime (>= 4.0.1) - restriction: < uap10.1
      System.Runtime.Serialization.Json (>= 4.0.3) - restriction: < uap10.1
      System.Runtime.Serialization.Primitives (>= 4.1.1) - restriction: < uap10.1
      System.Runtime.Serialization.Xml (>= 4.1.2) - restriction: < uap10.1
      System.Runtime.WindowsRuntime (>= 4.0.11) - restriction: < uap10.1
      System.Runtime.WindowsRuntime.UI.Xaml (>= 4.0.1) - restriction: < uap10.1
      System.ServiceModel.Duplex (>= 4.0.2) - restriction: < uap10.1
      System.ServiceModel.Http (>= 4.1.1) - restriction: < uap10.1
      System.ServiceModel.NetTcp (>= 4.1.1) - restriction: < uap10.1
      System.ServiceModel.Primitives (>= 4.1.1) - restriction: < uap10.1
      System.ServiceModel.Security (>= 4.0.2) - restriction: < uap10.1
      System.Text.Encoding.CodePages (>= 4.0.1) - restriction: < uap10.1
      System.Threading.Overlapped (>= 4.0.1) - restriction: < uap10.1
      System.Xml.XmlDocument (>= 4.0.1) - restriction: < uap10.1
      System.Xml.XmlSerializer (>= 4.0.11) - restriction: < uap10.1
    Microsoft.VisualBasic (10.3) - restriction: || (&& (== monoandroid8.1) (>= uap10.0)) (&& (== net471) (>= uap10.0)) (&& (== netcoreapp1.0) (>= uap10.0)) (== uap10.0) (&& (== xamarinios) (>= uap10.0)) (&& (== xamarinmac) (>= uap10.0))
    Microsoft.Win32.Primitives (4.3) - restriction: || (&& (== monoandroid8.1) (>= uap10.0)) (&& (== net471) (< netstandard1.4) (>= uap10.0)) (&& (== net471) (< netstandard1.5) (>= uap10.0)) (&& (== net471) (< netstandard1.6) (>= uap10.0)) (&& (== net471) (< netstandard2.0) (>= uap10.0)) (&& (== netcoreapp1.0) (>= uap10.0)) (== uap10.0) (&& (== xamarinios) (>= uap10.0)) (&& (== xamarinmac) (>= uap10.0))
      Microsoft.NETCore.Platforms (>= 1.1) - restriction: && (< monoandroid) (< monotouch) (< net46) (>= netstandard1.3) (< xamarinios) (< xamarinmac) (< xamarintvos) (< xamarinwatchos)
      Microsoft.NETCore.Targets (>= 1.1) - restriction: && (< monoandroid) (< monotouch) (< net46) (>= netstandard1.3) (< xamarinios) (< xamarinmac) (< xamarintvos) (< xamarinwatchos)
      System.Runtime (>= 4.3) - restriction: && (< monoandroid) (< monotouch) (< net46) (>= netstandard1.3) (< xamarinios) (< xamarinmac) (< xamarintvos) (< xamarinwatchos)
    NETStandard.Library (2.0.3) - restriction: || (&& (== monoandroid8.1) (< monoandroid)) (&& (== monoandroid8.1) (< monoandroid7.1)) (&& (== monoandroid8.1) (>= uap10.0)) (&& (== net471) (< netstandard2.0)) (&& (== net471) (>= uap10.0)) (== netcoreapp1.0) (== uap10.0) (&& (== xamarinios) (>= uap10.0)) (== xamarinmac) (&& (< net45) (>= netstandard2.0))
      Microsoft.NETCore.Platforms (>= 1.1) - restriction: || (&& (>= net45) (< netstandard1.3)) (&& (< net45) (>= netstandard1.1) (< netstandard1.2) (< win8)) (&& (< net45) (>= netstandard1.2) (< netstandard1.3) (< win8) (< wpa81)) (&& (< net45) (>= netstandard1.3) (< netstandard1.4) (< win8) (< wpa81)) (&& (< net45) (>= netstandard1.4) (< netstandard1.5) (< win8) (< wpa81)) (&& (< net45) (>= netstandard1.5) (< netstandard1.6) (< win8) (< wpa81)) (&& (< net45) (>= netstandard1.6) (< netstandard2.0) (< win8) (< wpa81)) (&& (< net45) (>= netstandard2.0)) (&& (>= net46) (< netstandard1.4)) (>= net461) (>= netcoreapp2.0) (&& (>= netstandard1.0) (< portable-net45+win8+wpa81)) (&& (< netstandard1.0) (>= portable-net45+win8) (< win8)) (&& (< netstandard1.0) (< portable-net45+win8) (>= portable-net45+win8+wpa81)) (&& (< netstandard1.0) (>= portable-net45+win8+wp8+wpa81) (< portable-net45+win8+wpa81)) (&& (< netstandard1.0) (>= win8)) (&& (< netstandard1.3) (< win8) (>= wpa81)) (&& (< netstandard1.5) (>= uap10.0)) (>= uap10.1) (>= wp8)
      Microsoft.Win32.Primitives (>= 4.3) - restriction: || (&& (< net45) (>= netstandard1.3) (< netstandard1.4) (< win8) (< wpa81)) (&& (< net45) (>= netstandard1.4) (< netstandard1.5) (< win8) (< wpa81)) (&& (< net45) (>= netstandard1.5) (< netstandard1.6) (< win8) (< wpa81)) (&& (< net45) (>= netstandard1.6) (< netstandard2.0) (< win8) (< wpa81)) (&& (>= net46) (< netstandard1.4)) (&& (< netstandard1.5) (>= uap10.0) (< uap10.1))
      System.AppContext (>= 4.3) - restriction: || (&& (< net45) (>= netstandard1.3) (< netstandard1.4) (< win8) (< wpa81)) (&& (< net45) (>= netstandard1.4) (< netstandard1.5) (< win8) (< wpa81)) (&& (< net45) (>= netstandard1.5) (< netstandard1.6) (< win8) (< wpa81)) (&& (< net45) (>= netstandard1.6) (< netstandard2.0) (< win8) (< wpa81)) (&& (>= net46) (< netstandard1.4)) (&& (< netstandard1.5) (>= uap10.0) (< uap10.1))
      System.Collections (>= 4.3) - restriction: || (&& (< net45) (>= netstandard1.1) (< netstandard1.2) (< win8)) (&& (< net45) (>= netstandard1.2) (< netstandard1.3) (< win8) (< wpa81)) (&& (< net45) (>= netstandard1.3) (< netstandard1.4) (< win8) (< wpa81)) (&& (< net45) (>= netstandard1.4) (< netstandard1.5) (< win8) (< wpa81)) (&& (< net45) (>= netstandard1.5) (< netstandard1.6) (< win8) (< wpa81)) (&& (< net45) (>= netstandard1.6) (< netstandard2.0) (< win8) (< wpa81)) (&& (>= netstandard1.0) (< portable-net45+win8+wpa81) (< wp8)) (&& (< netstandard1.5) (>= uap10.0) (< uap10.1))
      System.Collections.Concurrent (>= 4.3) - restriction: || (&& (< net45) (>= netstandard1.1) (< netstandard1.2) (< win8)) (&& (< net45) (>= netstandard1.2) (< netstandard1.3) (< win8) (< wpa81)) (&& (< net45) (>= netstandard1.3) (< netstandard1.4) (< win8) (< wpa81)) (&& (< net45) (>= netstandard1.4) (< netstandard1.5) (< win8) (< wpa81)) (&& (< net45) (>= netstandard1.5) (< netstandard1.6) (< win8) (< wpa81)) (&& (< net45) (>= netstandard1.6) (< netstandard2.0) (< win8) (< wpa81)) (&& (< netstandard1.5) (>= uap10.0) (< uap10.1))
      System.Console (>= 4.3) - restriction: || (&& (< net45) (>= netstandard1.3) (< netstandard1.4) (< win8) (< wpa81)) (&& (< net45) (>= netstandard1.4) (< netstandard1.5) (< win8) (< wpa81)) (&& (< net45) (>= netstandard1.5) (< netstandard1.6) (< win8) (< wpa81)) (&& (< net45) (>= netstandard1.6) (< netstandard2.0) (< win8) (< wpa81)) (&& (>= net46) (< netstandard1.4)) (&& (< netstandard1.5) (>= uap10.0) (< uap10.1))
      System.Diagnostics.Debug (>= 4.3) - restriction: || (&& (< net45) (>= netstandard1.1) (< netstandard1.2) (< win8)) (&& (< net45) (>= netstandard1.2) (< netstandard1.3) (< win8) (< wpa81)) (&& (< net45) (>= netstandard1.3) (< netstandard1.4) (< win8) (< wpa81)) (&& (< net45) (>= netstandard1.4) (< netstandard1.5) (< win8) (< wpa81)) (&& (< net45) (>= netstandard1.5) (< netstandard1.6) (< win8) (< wpa81)) (&& (< net45) (>= netstandard1.6) (< netstandard2.0) (< win8) (< wpa81)) (&& (>= netstandard1.0) (< portable-net45+win8+wpa81) (< wp8)) (&& (< netstandard1.5) (>= uap10.0) (< uap10.1))
      System.Diagnostics.Tools (>= 4.3) - restriction: || (&& (< net45) (>= netstandard1.1) (< netstandard1.2) (< win8)) (&& (< net45) (>= netstandard1.2) (< netstandard1.3) (< win8) (< wpa81)) (&& (< net45) (>= netstandard1.3) (< netstandard1.4) (< win8) (< wpa81)) (&& (< net45) (>= netstandard1.4) (< netstandard1.5) (< win8) (< wpa81)) (&& (< net45) (>= netstandard1.5) (< netstandard1.6) (< win8) (< wpa81)) (&& (< net45) (>= netstandard1.6) (< netstandard2.0) (< win8) (< wpa81)) (&& (>= netstandard1.0) (< portable-net45+win8+wpa81) (< wp8)) (&& (< netstandard1.5) (>= uap10.0) (< uap10.1))
      System.Diagnostics.Tracing (>= 4.3) - restriction: || (&& (< net45) (>= netstandard1.1) (< netstandard1.2) (< win8)) (&& (< net45) (>= netstandard1.2) (< netstandard1.3) (< win8) (< wpa81)) (&& (< net45) (>= netstandard1.3) (< netstandard1.4) (< win8) (< wpa81)) (&& (< net45) (>= netstandard1.4) (< netstandard1.5) (< win8) (< wpa81)) (&& (< net45) (>= netstandard1.5) (< netstandard1.6) (< win8) (< wpa81)) (&& (< net45) (>= netstandard1.6) (< netstandard2.0) (< win8) (< wpa81)) (&& (< netstandard1.5) (>= uap10.0) (< uap10.1))
      System.Globalization (>= 4.3) - restriction: || (&& (< net45) (>= netstandard1.1) (< netstandard1.2) (< win8)) (&& (< net45) (>= netstandard1.2) (< netstandard1.3) (< win8) (< wpa81)) (&& (< net45) (>= netstandard1.3) (< netstandard1.4) (< win8) (< wpa81)) (&& (< net45) (>= netstandard1.4) (< netstandard1.5) (< win8) (< wpa81)) (&& (< net45) (>= netstandard1.5) (< netstandard1.6) (< win8) (< wpa81)) (&& (< net45) (>= netstandard1.6) (< netstandard2.0) (< win8) (< wpa81)) (&& (>= netstandard1.0) (< portable-net45+win8+wpa81) (< wp8)) (&& (< netstandard1.5) (>= uap10.0) (< uap10.1))
      System.Globalization.Calendars (>= 4.3) - restriction: || (&& (< net45) (>= netstandard1.3) (< netstandard1.4) (< win8) (< wpa81)) (&& (< net45) (>= netstandard1.4) (< netstandard1.5) (< win8) (< wpa81)) (&& (< net45) (>= netstandard1.5) (< netstandard1.6) (< win8) (< wpa81)) (&& (< net45) (>= netstandard1.6) (< netstandard2.0) (< win8) (< wpa81)) (&& (>= net46) (< netstandard1.4)) (&& (< netstandard1.5) (>= uap10.0) (< uap10.1))
      System.IO (>= 4.3) - restriction: || (&& (< net45) (>= netstandard1.1) (< netstandard1.2) (< win8)) (&& (< net45) (>= netstandard1.2) (< netstandard1.3) (< win8) (< wpa81)) (&& (< net45) (>= netstandard1.3) (< netstandard1.4) (< win8) (< wpa81)) (&& (< net45) (>= netstandard1.4) (< netstandard1.5) (< win8) (< wpa81)) (&& (< net45) (>= netstandard1.5) (< netstandard1.6) (< win8) (< wpa81)) (&& (< net45) (>= netstandard1.6) (< netstandard2.0) (< win8) (< wpa81)) (&& (>= netstandard1.0) (< portable-net45+win8+wpa81) (< wp8)) (&& (< netstandard1.5) (>= uap10.0) (< uap10.1))
      System.IO.Compression (>= 4.3) - restriction: || (&& (< net45) (>= netstandard1.1) (< netstandard1.2) (< win8)) (&& (< net45) (>= netstandard1.2) (< netstandard1.3) (< win8) (< wpa81)) (&& (< net45) (>= netstandard1.3) (< netstandard1.4) (< win8) (< wpa81)) (&& (< net45) (>= netstandard1.4) (< netstandard1.5) (< win8) (< wpa81)) (&& (< net45) (>= netstandard1.5) (< netstandard1.6) (< win8) (< wpa81)) (&& (< net45) (>= netstandard1.6) (< netstandard2.0) (< win8) (< wpa81)) (&& (>= net46) (< netstandard1.4)) (&& (< netstandard1.5) (>= uap10.0) (< uap10.1))
      System.IO.Compression.ZipFile (>= 4.3) - restriction: || (&& (< net45) (>= netstandard1.3) (< netstandard1.4) (< win8) (< wpa81)) (&& (< net45) (>= netstandard1.4) (< netstandard1.5) (< win8) (< wpa81)) (&& (< net45) (>= netstandard1.5) (< netstandard1.6) (< win8) (< wpa81)) (&& (< net45) (>= netstandard1.6) (< netstandard2.0) (< win8) (< wpa81)) (&& (>= net46) (< netstandard1.4)) (&& (< netstandard1.5) (>= uap10.0) (< uap10.1))
      System.IO.FileSystem (>= 4.3) - restriction: || (&& (< net45) (>= netstandard1.3) (< netstandard1.4) (< win8) (< wpa81)) (&& (< net45) (>= netstandard1.4) (< netstandard1.5) (< win8) (< wpa81)) (&& (< net45) (>= netstandard1.5) (< netstandard1.6) (< win8) (< wpa81)) (&& (< net45) (>= netstandard1.6) (< netstandard2.0) (< win8) (< wpa81)) (&& (>= net46) (< netstandard1.4)) (&& (< netstandard1.5) (>= uap10.0) (< uap10.1))
      System.IO.FileSystem.Primitives (>= 4.3) - restriction: || (&& (< net45) (>= netstandard1.3) (< netstandard1.4) (< win8) (< wpa81)) (&& (< net45) (>= netstandard1.4) (< netstandard1.5) (< win8) (< wpa81)) (&& (< net45) (>= netstandard1.5) (< netstandard1.6) (< win8) (< wpa81)) (&& (< net45) (>= netstandard1.6) (< netstandard2.0) (< win8) (< wpa81)) (&& (>= net46) (< netstandard1.4)) (&& (< netstandard1.5) (>= uap10.0) (< uap10.1))
      System.Linq (>= 4.3) - restriction: || (&& (< net45) (>= netstandard1.1) (< netstandard1.2) (< win8)) (&& (< net45) (>= netstandard1.2) (< netstandard1.3) (< win8) (< wpa81)) (&& (< net45) (>= netstandard1.3) (< netstandard1.4) (< win8) (< wpa81)) (&& (< net45) (>= netstandard1.4) (< netstandard1.5) (< win8) (< wpa81)) (&& (< net45) (>= netstandard1.5) (< netstandard1.6) (< win8) (< wpa81)) (&& (< net45) (>= netstandard1.6) (< netstandard2.0) (< win8) (< wpa81)) (&& (>= netstandard1.0) (< portable-net45+win8+wpa81) (< wp8)) (&& (< netstandard1.5) (>= uap10.0) (< uap10.1))
      System.Linq.Expressions (>= 4.3) - restriction: || (&& (< net45) (>= netstandard1.1) (< netstandard1.2) (< win8)) (&& (< net45) (>= netstandard1.2) (< netstandard1.3) (< win8) (< wpa81)) (&& (< net45) (>= netstandard1.3) (< netstandard1.4) (< win8) (< wpa81)) (&& (< net45) (>= netstandard1.4) (< netstandard1.5) (< win8) (< wpa81)) (&& (< net45) (>= netstandard1.5) (< netstandard1.6) (< win8) (< wpa81)) (&& (< net45) (>= netstandard1.6) (< netstandard2.0) (< win8) (< wpa81)) (&& (>= netstandard1.0) (< portable-net45+win8+wpa81) (< wp8)) (&& (< netstandard1.5) (>= uap10.0) (< uap10.1))
      System.Net.Http (>= 4.3.2) - restriction: || (&& (< net45) (>= netstandard1.1) (< netstandard1.2) (< win8)) (&& (< net45) (>= netstandard1.2) (< netstandard1.3) (< win8) (< wpa81)) (&& (< net45) (>= netstandard1.3) (< netstandard1.4) (< win8) (< wpa81)) (&& (< net45) (>= netstandard1.4) (< netstandard1.5) (< win8) (< wpa81)) (&& (< net45) (>= netstandard1.5) (< netstandard1.6) (< win8) (< wpa81)) (&& (< net45) (>= netstandard1.6) (< netstandard2.0) (< win8) (< wpa81)) (&& (>= net46) (< netstandard1.4)) (&& (< netstandard1.5) (>= uap10.0) (< uap10.1))
      System.Net.Primitives (>= 4.3) - restriction: || (&& (< net45) (>= netstandard1.1) (< netstandard1.2) (< win8)) (&& (< net45) (>= netstandard1.2) (< netstandard1.3) (< win8) (< wpa81)) (&& (< net45) (>= netstandard1.3) (< netstandard1.4) (< win8) (< wpa81)) (&& (< net45) (>= netstandard1.4) (< netstandard1.5) (< win8) (< wpa81)) (&& (< net45) (>= netstandard1.5) (< netstandard1.6) (< win8) (< wpa81)) (&& (< net45) (>= netstandard1.6) (< netstandard2.0) (< win8) (< wpa81)) (&& (>= netstandard1.0) (< portable-net45+win8+wpa81) (< wp8)) (&& (< netstandard1.5) (>= uap10.0) (< uap10.1))
      System.Net.Sockets (>= 4.3) - restriction: || (&& (< net45) (>= netstandard1.3) (< netstandard1.4) (< win8) (< wpa81)) (&& (< net45) (>= netstandard1.4) (< netstandard1.5) (< win8) (< wpa81)) (&& (< net45) (>= netstandard1.5) (< netstandard1.6) (< win8) (< wpa81)) (&& (< net45) (>= netstandard1.6) (< netstandard2.0) (< win8) (< wpa81)) (&& (>= net46) (< netstandard1.4)) (&& (< netstandard1.5) (>= uap10.0) (< uap10.1))
      System.ObjectModel (>= 4.3) - restriction: || (&& (< net45) (>= netstandard1.1) (< netstandard1.2) (< win8)) (&& (< net45) (>= netstandard1.2) (< netstandard1.3) (< win8) (< wpa81)) (&& (< net45) (>= netstandard1.3) (< netstandard1.4) (< win8) (< wpa81)) (&& (< net45) (>= netstandard1.4) (< netstandard1.5) (< win8) (< wpa81)) (&& (< net45) (>= netstandard1.5) (< netstandard1.6) (< win8) (< wpa81)) (&& (< net45) (>= netstandard1.6) (< netstandard2.0) (< win8) (< wpa81)) (&& (>= netstandard1.0) (< portable-net45+win8+wpa81) (< wp8)) (&& (< netstandard1.5) (>= uap10.0) (< uap10.1))
      System.Reflection (>= 4.3) - restriction: || (&& (< net45) (>= netstandard1.1) (< netstandard1.2) (< win8)) (&& (< net45) (>= netstandard1.2) (< netstandard1.3) (< win8) (< wpa81)) (&& (< net45) (>= netstandard1.3) (< netstandard1.4) (< win8) (< wpa81)) (&& (< net45) (>= netstandard1.4) (< netstandard1.5) (< win8) (< wpa81)) (&& (< net45) (>= netstandard1.5) (< netstandard1.6) (< win8) (< wpa81)) (&& (< net45) (>= netstandard1.6) (< netstandard2.0) (< win8) (< wpa81)) (&& (>= netstandard1.0) (< portable-net45+win8+wpa81) (< wp8)) (&& (< netstandard1.5) (>= uap10.0) (< uap10.1))
      System.Reflection.Extensions (>= 4.3) - restriction: || (&& (< net45) (>= netstandard1.1) (< netstandard1.2) (< win8)) (&& (< net45) (>= netstandard1.2) (< netstandard1.3) (< win8) (< wpa81)) (&& (< net45) (>= netstandard1.3) (< netstandard1.4) (< win8) (< wpa81)) (&& (< net45) (>= netstandard1.4) (< netstandard1.5) (< win8) (< wpa81)) (&& (< net45) (>= netstandard1.5) (< netstandard1.6) (< win8) (< wpa81)) (&& (< net45) (>= netstandard1.6) (< netstandard2.0) (< win8) (< wpa81)) (&& (>= netstandard1.0) (< portable-net45+win8+wpa81) (< wp8)) (&& (< netstandard1.5) (>= uap10.0) (< uap10.1))
      System.Reflection.Primitives (>= 4.3) - restriction: || (&& (< net45) (>= netstandard1.1) (< netstandard1.2) (< win8)) (&& (< net45) (>= netstandard1.2) (< netstandard1.3) (< win8) (< wpa81)) (&& (< net45) (>= netstandard1.3) (< netstandard1.4) (< win8) (< wpa81)) (&& (< net45) (>= netstandard1.4) (< netstandard1.5) (< win8) (< wpa81)) (&& (< net45) (>= netstandard1.5) (< netstandard1.6) (< win8) (< wpa81)) (&& (< net45) (>= netstandard1.6) (< netstandard2.0) (< win8) (< wpa81)) (&& (>= netstandard1.0) (< portable-net45+win8+wpa81) (< wp8)) (&& (< netstandard1.5) (>= uap10.0) (< uap10.1))
      System.Resources.ResourceManager (>= 4.3) - restriction: || (&& (< net45) (>= netstandard1.1) (< netstandard1.2) (< win8)) (&& (< net45) (>= netstandard1.2) (< netstandard1.3) (< win8) (< wpa81)) (&& (< net45) (>= netstandard1.3) (< netstandard1.4) (< win8) (< wpa81)) (&& (< net45) (>= netstandard1.4) (< netstandard1.5) (< win8) (< wpa81)) (&& (< net45) (>= netstandard1.5) (< netstandard1.6) (< win8) (< wpa81)) (&& (< net45) (>= netstandard1.6) (< netstandard2.0) (< win8) (< wpa81)) (&& (>= netstandard1.0) (< portable-net45+win8+wpa81) (< wp8)) (&& (< netstandard1.5) (>= uap10.0) (< uap10.1))
      System.Runtime (>= 4.3) - restriction: || (&& (< net45) (>= netstandard1.1) (< netstandard1.2) (< win8)) (&& (< net45) (>= netstandard1.2) (< netstandard1.3) (< win8) (< wpa81)) (&& (< net45) (>= netstandard1.3) (< netstandard1.4) (< win8) (< wpa81)) (&& (< net45) (>= netstandard1.4) (< netstandard1.5) (< win8) (< wpa81)) (&& (< net45) (>= netstandard1.5) (< netstandard1.6) (< win8) (< wpa81)) (&& (< net45) (>= netstandard1.6) (< netstandard2.0) (< win8) (< wpa81)) (&& (>= netstandard1.0) (< portable-net45+win8+wpa81) (< wp8)) (&& (< netstandard1.5) (>= uap10.0) (< uap10.1))
      System.Runtime.Extensions (>= 4.3) - restriction: || (&& (< net45) (>= netstandard1.1) (< netstandard1.2) (< win8)) (&& (< net45) (>= netstandard1.2) (< netstandard1.3) (< win8) (< wpa81)) (&& (< net45) (>= netstandard1.3) (< netstandard1.4) (< win8) (< wpa81)) (&& (< net45) (>= netstandard1.4) (< netstandard1.5) (< win8) (< wpa81)) (&& (< net45) (>= netstandard1.5) (< netstandard1.6) (< win8) (< wpa81)) (&& (< net45) (>= netstandard1.6) (< netstandard2.0) (< win8) (< wpa81)) (&& (>= netstandard1.0) (< portable-net45+win8+wpa81) (< wp8)) (&& (< netstandard1.5) (>= uap10.0) (< uap10.1))
      System.Runtime.Handles (>= 4.3) - restriction: || (&& (< net45) (>= netstandard1.3) (< netstandard1.4) (< win8) (< wpa81)) (&& (< net45) (>= netstandard1.4) (< netstandard1.5) (< win8) (< wpa81)) (&& (< net45) (>= netstandard1.5) (< netstandard1.6) (< win8) (< wpa81)) (&& (< net45) (>= netstandard1.6) (< netstandard2.0) (< win8) (< wpa81)) (&& (< netstandard1.5) (>= uap10.0) (< uap10.1))
      System.Runtime.InteropServices (>= 4.3) - restriction: || (&& (< net45) (>= netstandard1.1) (< netstandard1.2) (< win8)) (&& (< net45) (>= netstandard1.2) (< netstandard1.3) (< win8) (< wpa81)) (&& (< net45) (>= netstandard1.3) (< netstandard1.4) (< win8) (< wpa81)) (&& (< net45) (>= netstandard1.4) (< netstandard1.5) (< win8) (< wpa81)) (&& (< net45) (>= netstandard1.5) (< netstandard1.6) (< win8) (< wpa81)) (&& (< net45) (>= netstandard1.6) (< netstandard2.0) (< win8) (< wpa81)) (&& (< netstandard1.5) (>= uap10.0) (< uap10.1))
      System.Runtime.InteropServices.RuntimeInformation (>= 4.3) - restriction: || (&& (>= net45) (< netstandard1.3)) (&& (< net45) (>= netstandard1.1) (< netstandard1.2) (< win8)) (&& (< net45) (>= netstandard1.2) (< netstandard1.3) (< win8) (< wpa81)) (&& (< net45) (>= netstandard1.3) (< netstandard1.4) (< win8) (< wpa81)) (&& (< net45) (>= netstandard1.4) (< netstandard1.5) (< win8) (< wpa81)) (&& (< net45) (>= netstandard1.5) (< netstandard1.6) (< win8) (< wpa81)) (&& (< net45) (>= netstandard1.6) (< netstandard2.0) (< win8) (< wpa81)) (&& (>= net46) (< netstandard1.4)) (&& (< netstandard1.0) (>= portable-net45+win8) (< win8)) (&& (< netstandard1.0) (< portable-net45+win8) (>= portable-net45+win8+wpa81)) (&& (< netstandard1.0) (>= win8)) (&& (< netstandard1.3) (< win8) (>= wpa81)) (&& (< netstandard1.5) (>= uap10.0) (< uap10.1))
      System.Runtime.Numerics (>= 4.3) - restriction: || (&& (< net45) (>= netstandard1.1) (< netstandard1.2) (< win8)) (&& (< net45) (>= netstandard1.2) (< netstandard1.3) (< win8) (< wpa81)) (&& (< net45) (>= netstandard1.3) (< netstandard1.4) (< win8) (< wpa81)) (&& (< net45) (>= netstandard1.4) (< netstandard1.5) (< win8) (< wpa81)) (&& (< net45) (>= netstandard1.5) (< netstandard1.6) (< win8) (< wpa81)) (&& (< net45) (>= netstandard1.6) (< netstandard2.0) (< win8) (< wpa81)) (&& (< netstandard1.5) (>= uap10.0) (< uap10.1))
      System.Security.Cryptography.Algorithms (>= 4.3) - restriction: || (&& (< net45) (>= netstandard1.3) (< netstandard1.4) (< win8) (< wpa81)) (&& (< net45) (>= netstandard1.4) (< netstandard1.5) (< win8) (< wpa81)) (&& (< net45) (>= netstandard1.5) (< netstandard1.6) (< win8) (< wpa81)) (&& (< net45) (>= netstandard1.6) (< netstandard2.0) (< win8) (< wpa81)) (&& (>= net46) (< netstandard1.4)) (&& (< netstandard1.5) (>= uap10.0) (< uap10.1))
      System.Security.Cryptography.Encoding (>= 4.3) - restriction: || (&& (< net45) (>= netstandard1.3) (< netstandard1.4) (< win8) (< wpa81)) (&& (< net45) (>= netstandard1.4) (< netstandard1.5) (< win8) (< wpa81)) (&& (< net45) (>= netstandard1.5) (< netstandard1.6) (< win8) (< wpa81)) (&& (< net45) (>= netstandard1.6) (< netstandard2.0) (< win8) (< wpa81)) (&& (>= net46) (< netstandard1.4)) (&& (< netstandard1.5) (>= uap10.0) (< uap10.1))
      System.Security.Cryptography.Primitives (>= 4.3) - restriction: || (&& (< net45) (>= netstandard1.3) (< netstandard1.4) (< win8) (< wpa81)) (&& (< net45) (>= netstandard1.4) (< netstandard1.5) (< win8) (< wpa81)) (&& (< net45) (>= netstandard1.5) (< netstandard1.6) (< win8) (< wpa81)) (&& (< net45) (>= netstandard1.6) (< netstandard2.0) (< win8) (< wpa81)) (&& (>= net46) (< netstandard1.4)) (&& (< netstandard1.5) (>= uap10.0) (< uap10.1))
      System.Security.Cryptography.X509Certificates (>= 4.3) - restriction: || (&& (< net45) (>= netstandard1.3) (< netstandard1.4) (< win8) (< wpa81)) (&& (< net45) (>= netstandard1.4) (< netstandard1.5) (< win8) (< wpa81)) (&& (< net45) (>= netstandard1.5) (< netstandard1.6) (< win8) (< wpa81)) (&& (< net45) (>= netstandard1.6) (< netstandard2.0) (< win8) (< wpa81)) (&& (>= net46) (< netstandard1.4)) (&& (< netstandard1.5) (>= uap10.0) (< uap10.1))
      System.Text.Encoding (>= 4.3) - restriction: || (&& (< net45) (>= netstandard1.1) (< netstandard1.2) (< win8)) (&& (< net45) (>= netstandard1.2) (< netstandard1.3) (< win8) (< wpa81)) (&& (< net45) (>= netstandard1.3) (< netstandard1.4) (< win8) (< wpa81)) (&& (< net45) (>= netstandard1.4) (< netstandard1.5) (< win8) (< wpa81)) (&& (< net45) (>= netstandard1.5) (< netstandard1.6) (< win8) (< wpa81)) (&& (< net45) (>= netstandard1.6) (< netstandard2.0) (< win8) (< wpa81)) (&& (>= netstandard1.0) (< portable-net45+win8+wpa81) (< wp8)) (&& (< netstandard1.5) (>= uap10.0) (< uap10.1))
      System.Text.Encoding.Extensions (>= 4.3) - restriction: || (&& (< net45) (>= netstandard1.1) (< netstandard1.2) (< win8)) (&& (< net45) (>= netstandard1.2) (< netstandard1.3) (< win8) (< wpa81)) (&& (< net45) (>= netstandard1.3) (< netstandard1.4) (< win8) (< wpa81)) (&& (< net45) (>= netstandard1.4) (< netstandard1.5) (< win8) (< wpa81)) (&& (< net45) (>= netstandard1.5) (< netstandard1.6) (< win8) (< wpa81)) (&& (< net45) (>= netstandard1.6) (< netstandard2.0) (< win8) (< wpa81)) (&& (>= netstandard1.0) (< portable-net45+win8+wpa81) (< wp8)) (&& (< netstandard1.5) (>= uap10.0) (< uap10.1))
      System.Text.RegularExpressions (>= 4.3) - restriction: || (&& (< net45) (>= netstandard1.1) (< netstandard1.2) (< win8)) (&& (< net45) (>= netstandard1.2) (< netstandard1.3) (< win8) (< wpa81)) (&& (< net45) (>= netstandard1.3) (< netstandard1.4) (< win8) (< wpa81)) (&& (< net45) (>= netstandard1.4) (< netstandard1.5) (< win8) (< wpa81)) (&& (< net45) (>= netstandard1.5) (< netstandard1.6) (< win8) (< wpa81)) (&& (< net45) (>= netstandard1.6) (< netstandard2.0) (< win8) (< wpa81)) (&& (>= netstandard1.0) (< portable-net45+win8+wpa81) (< wp8)) (&& (< netstandard1.5) (>= uap10.0) (< uap10.1))
      System.Threading (>= 4.3) - restriction: || (&& (< net45) (>= netstandard1.1) (< netstandard1.2) (< win8)) (&& (< net45) (>= netstandard1.2) (< netstandard1.3) (< win8) (< wpa81)) (&& (< net45) (>= netstandard1.3) (< netstandard1.4) (< win8) (< wpa81)) (&& (< net45) (>= netstandard1.4) (< netstandard1.5) (< win8) (< wpa81)) (&& (< net45) (>= netstandard1.5) (< netstandard1.6) (< win8) (< wpa81)) (&& (< net45) (>= netstandard1.6) (< netstandard2.0) (< win8) (< wpa81)) (&& (>= netstandard1.0) (< portable-net45+win8+wpa81) (< wp8)) (&& (< netstandard1.5) (>= uap10.0) (< uap10.1))
      System.Threading.Tasks (>= 4.3) - restriction: || (&& (< net45) (>= netstandard1.1) (< netstandard1.2) (< win8)) (&& (< net45) (>= netstandard1.2) (< netstandard1.3) (< win8) (< wpa81)) (&& (< net45) (>= netstandard1.3) (< netstandard1.4) (< win8) (< wpa81)) (&& (< net45) (>= netstandard1.4) (< netstandard1.5) (< win8) (< wpa81)) (&& (< net45) (>= netstandard1.5) (< netstandard1.6) (< win8) (< wpa81)) (&& (< net45) (>= netstandard1.6) (< netstandard2.0) (< win8) (< wpa81)) (&& (>= netstandard1.0) (< portable-net45+win8+wpa81) (< wp8)) (&& (< netstandard1.5) (>= uap10.0) (< uap10.1))
      System.Threading.Timer (>= 4.3) - restriction: || (&& (< net45) (>= netstandard1.2) (< netstandard1.3) (< win8) (< wpa81)) (&& (< net45) (>= netstandard1.3) (< netstandard1.4) (< win8) (< wpa81)) (&& (< net45) (>= netstandard1.4) (< netstandard1.5) (< win8) (< wpa81)) (&& (< net45) (>= netstandard1.5) (< netstandard1.6) (< win8) (< wpa81)) (&& (< net45) (>= netstandard1.6) (< netstandard2.0) (< win8) (< wpa81)) (&& (< netstandard1.5) (>= uap10.0) (< uap10.1))
      System.Xml.ReaderWriter (>= 4.3) - restriction: || (&& (< net45) (>= netstandard1.1) (< netstandard1.2) (< win8)) (&& (< net45) (>= netstandard1.2) (< netstandard1.3) (< win8) (< wpa81)) (&& (< net45) (>= netstandard1.3) (< netstandard1.4) (< win8) (< wpa81)) (&& (< net45) (>= netstandard1.4) (< netstandard1.5) (< win8) (< wpa81)) (&& (< net45) (>= netstandard1.5) (< netstandard1.6) (< win8) (< wpa81)) (&& (< net45) (>= netstandard1.6) (< netstandard2.0) (< win8) (< wpa81)) (&& (>= net46) (< netstandard1.4)) (&& (>= netstandard1.0) (< portable-net45+win8+wpa81) (< wp8)) (&& (< netstandard1.5) (>= uap10.0) (< uap10.1))
      System.Xml.XDocument (>= 4.3) - restriction: || (&& (< net45) (>= netstandard1.1) (< netstandard1.2) (< win8)) (&& (< net45) (>= netstandard1.2) (< netstandard1.3) (< win8) (< wpa81)) (&& (< net45) (>= netstandard1.3) (< netstandard1.4) (< win8) (< wpa81)) (&& (< net45) (>= netstandard1.4) (< netstandard1.5) (< win8) (< wpa81)) (&& (< net45) (>= netstandard1.5) (< netstandard1.6) (< win8) (< wpa81)) (&& (< net45) (>= netstandard1.6) (< netstandard2.0) (< win8) (< wpa81)) (&& (>= netstandard1.0) (< portable-net45+win8+wpa81) (< wp8)) (&& (< netstandard1.5) (>= uap10.0) (< uap10.1))
    Newtonsoft.Json (11.0.2) - restriction: >= netstandard2.0
    NodaTime (2.3) - restriction: >= netstandard2.0
      NETStandard.Library (>= 1.6.1) - restriction: && (< net45) (>= netstandard1.3)
      System.Runtime.Serialization.Xml (>= 4.1.1) - restriction: && (< net45) (>= netstandard1.3)
    Ooui (0.10.222) - restriction: >= netstandard2.0
      Newtonsoft.Json (>= 10.0.2) - restriction: >= netstandard2.0
    Ooui.Forms (0.10.222)
      Ooui (>= 0.10.222) - restriction: >= netstandard2.0
      Xamarin.Forms (>= 2.5.0.122203) - restriction: >= netstandard2.0
    runtime.debian.8-x64.runtime.native.System.Security.Cryptography.OpenSsl (4.3.3) - restriction: || (&& (== monoandroid8.1) (>= uap10.0)) (&& (== net471) (< netstandard1.4) (>= uap10.0)) (&& (== net471) (< netstandard1.5) (>= uap10.0)) (&& (== net471) (< netstandard1.6) (>= uap10.0)) (&& (== net471) (< netstandard2.0) (>= uap10.0)) (&& (== netcoreapp1.0) (>= uap10.0)) (== uap10.0) (&& (== xamarinios) (>= uap10.0)) (&& (== xamarinmac) (>= uap10.0))
    runtime.debian.9-x64.runtime.native.System.Security.Cryptography.OpenSsl (4.3.3) - restriction: || (&& (== monoandroid8.1) (>= uap10.0)) (&& (== net471) (< netstandard1.4) (>= uap10.0)) (&& (== net471) (< netstandard1.5) (>= uap10.0)) (&& (== net471) (< netstandard1.6) (>= uap10.0)) (&& (== net471) (< netstandard2.0) (>= uap10.0)) (&& (== netcoreapp1.0) (>= uap10.0)) (== uap10.0) (&& (== xamarinios) (>= uap10.0)) (&& (== xamarinmac) (>= uap10.0))
    runtime.fedora.23-x64.runtime.native.System.Security.Cryptography.OpenSsl (4.3.3) - restriction: || (&& (== monoandroid8.1) (>= uap10.0)) (&& (== net471) (< netstandard1.4) (>= uap10.0)) (&& (== net471) (< netstandard1.5) (>= uap10.0)) (&& (== net471) (< netstandard1.6) (>= uap10.0)) (&& (== net471) (< netstandard2.0) (>= uap10.0)) (&& (== netcoreapp1.0) (>= uap10.0)) (== uap10.0) (&& (== xamarinios) (>= uap10.0)) (&& (== xamarinmac) (>= uap10.0))
    runtime.fedora.24-x64.runtime.native.System.Security.Cryptography.OpenSsl (4.3.3) - restriction: || (&& (== monoandroid8.1) (>= uap10.0)) (&& (== net471) (< netstandard1.4) (>= uap10.0)) (&& (== net471) (< netstandard1.5) (>= uap10.0)) (&& (== net471) (< netstandard1.6) (>= uap10.0)) (&& (== net471) (< netstandard2.0) (>= uap10.0)) (&& (== netcoreapp1.0) (>= uap10.0)) (== uap10.0) (&& (== xamarinios) (>= uap10.0)) (&& (== xamarinmac) (>= uap10.0))
    runtime.fedora.27-x64.runtime.native.System.Security.Cryptography.OpenSsl (4.3.3) - restriction: || (&& (== monoandroid8.1) (>= uap10.0)) (&& (== net471) (< netstandard1.4) (>= uap10.0)) (&& (== net471) (< netstandard1.5) (>= uap10.0)) (&& (== net471) (< netstandard1.6) (>= uap10.0)) (&& (== net471) (< netstandard2.0) (>= uap10.0)) (&& (== netcoreapp1.0) (>= uap10.0)) (== uap10.0) (&& (== xamarinios) (>= uap10.0)) (&& (== xamarinmac) (>= uap10.0))
    runtime.fedora.28-x64.runtime.native.System.Security.Cryptography.OpenSsl (4.3.3) - restriction: || (&& (== monoandroid8.1) (>= uap10.0)) (&& (== net471) (< netstandard1.4) (>= uap10.0)) (&& (== net471) (< netstandard1.5) (>= uap10.0)) (&& (== net471) (< netstandard1.6) (>= uap10.0)) (&& (== net471) (< netstandard2.0) (>= uap10.0)) (&& (== netcoreapp1.0) (>= uap10.0)) (== uap10.0) (&& (== xamarinios) (>= uap10.0)) (&& (== xamarinmac) (>= uap10.0))
    runtime.native.System (4.3.1) - restriction: || (&& (== monoandroid8.1) (>= uap10.0)) (&& (== net471) (>= uap10.0)) (&& (== netcoreapp1.0) (>= uap10.0)) (== uap10.0) (&& (== xamarinios) (>= uap10.0)) (&& (== xamarinmac) (>= uap10.0))
      Microsoft.NETCore.Platforms (>= 1.1.1)
      Microsoft.NETCore.Targets (>= 1.1.3)
    runtime.native.System.Security.Cryptography.OpenSsl (4.3.3) - restriction: || (&& (== monoandroid8.1) (>= uap10.0)) (&& (== net471) (< netstandard1.4) (>= uap10.0)) (&& (== net471) (< netstandard1.5) (>= uap10.0)) (&& (== net471) (< netstandard1.6) (>= uap10.0)) (&& (== net471) (< netstandard2.0) (>= uap10.0)) (&& (== netcoreapp1.0) (>= uap10.0)) (== uap10.0) (&& (== xamarinios) (>= uap10.0)) (&& (== xamarinmac) (>= uap10.0))
      runtime.debian.8-x64.runtime.native.System.Security.Cryptography.OpenSsl (>= 4.3.3)
      runtime.debian.9-x64.runtime.native.System.Security.Cryptography.OpenSsl (>= 4.3.3)
      runtime.fedora.23-x64.runtime.native.System.Security.Cryptography.OpenSsl (>= 4.3.3)
      runtime.fedora.24-x64.runtime.native.System.Security.Cryptography.OpenSsl (>= 4.3.3)
      runtime.fedora.27-x64.runtime.native.System.Security.Cryptography.OpenSsl (>= 4.3.3)
      runtime.fedora.28-x64.runtime.native.System.Security.Cryptography.OpenSsl (>= 4.3.3)
      runtime.opensuse.13.2-x64.runtime.native.System.Security.Cryptography.OpenSsl (>= 4.3.3)
      runtime.opensuse.42.1-x64.runtime.native.System.Security.Cryptography.OpenSsl (>= 4.3.3)
      runtime.opensuse.42.3-x64.runtime.native.System.Security.Cryptography.OpenSsl (>= 4.3.3)
      runtime.osx.10.10-x64.runtime.native.System.Security.Cryptography.OpenSsl (>= 4.3.3)
      runtime.rhel.7-x64.runtime.native.System.Security.Cryptography.OpenSsl (>= 4.3.3)
      runtime.ubuntu.14.04-x64.runtime.native.System.Security.Cryptography.OpenSsl (>= 4.3.3)
      runtime.ubuntu.16.04-x64.runtime.native.System.Security.Cryptography.OpenSsl (>= 4.3.3)
      runtime.ubuntu.16.10-x64.runtime.native.System.Security.Cryptography.OpenSsl (>= 4.3.3)
      runtime.ubuntu.18.04-x64.runtime.native.System.Security.Cryptography.OpenSsl (>= 4.3.3)
    runtime.opensuse.13.2-x64.runtime.native.System.Security.Cryptography.OpenSsl (4.3.3) - restriction: || (&& (== monoandroid8.1) (>= uap10.0)) (&& (== net471) (< netstandard1.4) (>= uap10.0)) (&& (== net471) (< netstandard1.5) (>= uap10.0)) (&& (== net471) (< netstandard1.6) (>= uap10.0)) (&& (== net471) (< netstandard2.0) (>= uap10.0)) (&& (== netcoreapp1.0) (>= uap10.0)) (== uap10.0) (&& (== xamarinios) (>= uap10.0)) (&& (== xamarinmac) (>= uap10.0))
    runtime.opensuse.42.1-x64.runtime.native.System.Security.Cryptography.OpenSsl (4.3.3) - restriction: || (&& (== monoandroid8.1) (>= uap10.0)) (&& (== net471) (< netstandard1.4) (>= uap10.0)) (&& (== net471) (< netstandard1.5) (>= uap10.0)) (&& (== net471) (< netstandard1.6) (>= uap10.0)) (&& (== net471) (< netstandard2.0) (>= uap10.0)) (&& (== netcoreapp1.0) (>= uap10.0)) (== uap10.0) (&& (== xamarinios) (>= uap10.0)) (&& (== xamarinmac) (>= uap10.0))
    runtime.opensuse.42.3-x64.runtime.native.System.Security.Cryptography.OpenSsl (4.3.3) - restriction: || (&& (== monoandroid8.1) (>= uap10.0)) (&& (== net471) (< netstandard1.4) (>= uap10.0)) (&& (== net471) (< netstandard1.5) (>= uap10.0)) (&& (== net471) (< netstandard1.6) (>= uap10.0)) (&& (== net471) (< netstandard2.0) (>= uap10.0)) (&& (== netcoreapp1.0) (>= uap10.0)) (== uap10.0) (&& (== xamarinios) (>= uap10.0)) (&& (== xamarinmac) (>= uap10.0))
    runtime.osx.10.10-x64.runtime.native.System.Security.Cryptography.OpenSsl (4.3.3) - restriction: || (&& (== monoandroid8.1) (>= uap10.0)) (&& (== net471) (< netstandard1.4) (>= uap10.0)) (&& (== net471) (< netstandard1.5) (>= uap10.0)) (&& (== net471) (< netstandard1.6) (>= uap10.0)) (&& (== net471) (< netstandard2.0) (>= uap10.0)) (&& (== netcoreapp1.0) (>= uap10.0)) (== uap10.0) (&& (== xamarinios) (>= uap10.0)) (&& (== xamarinmac) (>= uap10.0))
    runtime.rhel.7-x64.runtime.native.System.Security.Cryptography.OpenSsl (4.3.3) - restriction: || (&& (== monoandroid8.1) (>= uap10.0)) (&& (== net471) (< netstandard1.4) (>= uap10.0)) (&& (== net471) (< netstandard1.5) (>= uap10.0)) (&& (== net471) (< netstandard1.6) (>= uap10.0)) (&& (== net471) (< netstandard2.0) (>= uap10.0)) (&& (== netcoreapp1.0) (>= uap10.0)) (== uap10.0) (&& (== xamarinios) (>= uap10.0)) (&& (== xamarinmac) (>= uap10.0))
    runtime.ubuntu.14.04-x64.runtime.native.System.Security.Cryptography.OpenSsl (4.3.3) - restriction: || (&& (== monoandroid8.1) (>= uap10.0)) (&& (== net471) (< netstandard1.4) (>= uap10.0)) (&& (== net471) (< netstandard1.5) (>= uap10.0)) (&& (== net471) (< netstandard1.6) (>= uap10.0)) (&& (== net471) (< netstandard2.0) (>= uap10.0)) (&& (== netcoreapp1.0) (>= uap10.0)) (== uap10.0) (&& (== xamarinios) (>= uap10.0)) (&& (== xamarinmac) (>= uap10.0))
    runtime.ubuntu.16.04-x64.runtime.native.System.Security.Cryptography.OpenSsl (4.3.3) - restriction: || (&& (== monoandroid8.1) (>= uap10.0)) (&& (== net471) (< netstandard1.4) (>= uap10.0)) (&& (== net471) (< netstandard1.5) (>= uap10.0)) (&& (== net471) (< netstandard1.6) (>= uap10.0)) (&& (== net471) (< netstandard2.0) (>= uap10.0)) (&& (== netcoreapp1.0) (>= uap10.0)) (== uap10.0) (&& (== xamarinios) (>= uap10.0)) (&& (== xamarinmac) (>= uap10.0))
    runtime.ubuntu.16.10-x64.runtime.native.System.Security.Cryptography.OpenSsl (4.3.3) - restriction: || (&& (== monoandroid8.1) (>= uap10.0)) (&& (== net471) (< netstandard1.4) (>= uap10.0)) (&& (== net471) (< netstandard1.5) (>= uap10.0)) (&& (== net471) (< netstandard1.6) (>= uap10.0)) (&& (== net471) (< netstandard2.0) (>= uap10.0)) (&& (== netcoreapp1.0) (>= uap10.0)) (== uap10.0) (&& (== xamarinios) (>= uap10.0)) (&& (== xamarinmac) (>= uap10.0))
    runtime.ubuntu.18.04-x64.runtime.native.System.Security.Cryptography.OpenSsl (4.3.3) - restriction: || (&& (== monoandroid8.1) (>= uap10.0)) (&& (== net471) (< netstandard1.4) (>= uap10.0)) (&& (== net471) (< netstandard1.5) (>= uap10.0)) (&& (== net471) (< netstandard1.6) (>= uap10.0)) (&& (== net471) (< netstandard2.0) (>= uap10.0)) (&& (== netcoreapp1.0) (>= uap10.0)) (== uap10.0) (&& (== xamarinios) (>= uap10.0)) (&& (== xamarinmac) (>= uap10.0))
    runtime.win10-arm.Microsoft.Net.Native.Compiler (2.1.8) - restriction: || (&& (== monoandroid8.1) (>= uap10.0)) (&& (== net471) (>= uap10.0)) (&& (== netcoreapp1.0) (>= uap10.0)) (== uap10.0) (&& (== xamarinios) (>= uap10.0)) (&& (== xamarinmac) (>= uap10.0))
      runtime.win10-arm.Microsoft.Net.Native.SharedLibrary (>= 2.1.8)
    runtime.win10-arm.Microsoft.Net.Native.SharedLibrary (2.1.8) - restriction: || (&& (== monoandroid8.1) (>= uap10.0)) (&& (== net471) (>= uap10.0)) (&& (== netcoreapp1.0) (>= uap10.0)) (== uap10.0) (&& (== xamarinios) (>= uap10.0)) (&& (== xamarinmac) (>= uap10.0))
    runtime.win10-x64.Microsoft.Net.Native.Compiler (2.1.8) - restriction: || (&& (== monoandroid8.1) (>= uap10.0)) (&& (== net471) (>= uap10.0)) (&& (== netcoreapp1.0) (>= uap10.0)) (== uap10.0) (&& (== xamarinios) (>= uap10.0)) (&& (== xamarinmac) (>= uap10.0))
      runtime.win10-x64.Microsoft.Net.Native.SharedLibrary (>= 2.1.8)
    runtime.win10-x64.Microsoft.Net.Native.SharedLibrary (2.1.8) - restriction: || (&& (== monoandroid8.1) (>= uap10.0)) (&& (== net471) (>= uap10.0)) (&& (== netcoreapp1.0) (>= uap10.0)) (== uap10.0) (&& (== xamarinios) (>= uap10.0)) (&& (== xamarinmac) (>= uap10.0))
    runtime.win10-x86.Microsoft.Net.Native.Compiler (2.1.8) - restriction: || (&& (== monoandroid8.1) (>= uap10.0)) (&& (== net471) (>= uap10.0)) (&& (== netcoreapp1.0) (>= uap10.0)) (== uap10.0) (&& (== xamarinios) (>= uap10.0)) (&& (== xamarinmac) (>= uap10.0))
      runtime.win10-x86.Microsoft.Net.Native.SharedLibrary (>= 2.1.8)
    runtime.win10-x86.Microsoft.Net.Native.SharedLibrary (2.1.8) - restriction: || (&& (== monoandroid8.1) (>= uap10.0)) (&& (== net471) (>= uap10.0)) (&& (== netcoreapp1.0) (>= uap10.0)) (== uap10.0) (&& (== xamarinios) (>= uap10.0)) (&& (== xamarinmac) (>= uap10.0))
    Serilog (2.7.1) - restriction: >= netstandard2.0
      NETStandard.Library (>= 1.6.1) - restriction: || (&& (< net45) (>= netstandard1.0) (< netstandard1.3)) (&& (< net45) (>= netstandard1.3))
      System.Collections.NonGeneric (>= 4.3) - restriction: && (< net45) (>= netstandard1.3)
    Serilog.Enrichers.Thread (3.0) - restriction: >= netstandard2.0
      Serilog (>= 2.0) - restriction: >= netstandard1.0
    Serilog.Formatting.Compact (1.0) - restriction: >= netstandard2.0
      Serilog (>= 2.0) - restriction: >= netstandard1.1
    Serilog.Sinks.Console (3.1.1) - restriction: >= netstandard2.0
      Serilog (>= 2.5) - restriction: || (>= net45) (>= netstandard1.3)
      System.Console (>= 4.3) - restriction: || (&& (< net45) (>= netstandard1.3)) (>= netcoreapp1.1)
      System.Runtime.InteropServices (>= 4.3) - restriction: >= netcoreapp1.1
      System.Runtime.InteropServices.RuntimeInformation (>= 4.3) - restriction: >= netcoreapp1.1
    Serilog.Sinks.File (4.0) - restriction: >= netstandard2.0
      Serilog (>= 2.5) - restriction: || (>= net45) (>= netstandard1.3)
      System.IO (>= 4.1) - restriction: && (< net45) (>= netstandard1.3)
      System.IO.FileSystem (>= 4.0.1) - restriction: && (< net45) (>= netstandard1.3)
      System.IO.FileSystem.Primitives (>= 4.0.1) - restriction: && (< net45) (>= netstandard1.3)
      System.Runtime.InteropServices (>= 4.1) - restriction: && (< net45) (>= netstandard1.3)
      System.Text.Encoding.Extensions (>= 4.0.11) - restriction: && (< net45) (>= netstandard1.3)
      System.Threading (>= 4.0.11) - restriction: && (< net45) (>= netstandard1.3)
      System.Threading.Timer (>= 4.0.1) - restriction: && (< net45) (>= netstandard1.3)
    Serilog.Sinks.PeriodicBatching (2.1.1) - restriction: >= netstandard2.0
      Serilog (>= 2.0) - restriction: >= netstandard1.1
      System.Collections.Concurrent (>= 4.0.12) - restriction: || (&& (< net45) (>= netstandard1.1) (< netstandard1.2)) (&& (< net45) (>= netstandard1.2))
      System.Threading.Timer (>= 4.0.1) - restriction: && (< net45) (>= netstandard1.2)
    Serilog.Sinks.Seq (4.0) - restriction: >= netstandard2.0
      NETStandard.Library (>= 1.6.1) - restriction: || (&& (< net45) (>= netstandard1.1) (< netstandard1.3)) (&& (< net45) (>= netstandard1.3))
      Serilog (>= 2.5) - restriction: >= netstandard1.1
      Serilog.Formatting.Compact (>= 1.0) - restriction: >= netstandard1.1
      Serilog.Sinks.File (>= 4.0) - restriction: || (>= net45) (>= netstandard1.3)
      Serilog.Sinks.PeriodicBatching (>= 2.1.1) - restriction: >= netstandard1.1
      System.Net.Http (>= 4.3.2) - restriction: || (&& (< net45) (>= netstandard1.1) (< netstandard1.3)) (&& (< net45) (>= netstandard1.3))
    System.AppContext (4.3) - restriction: || (&& (== monoandroid8.1) (>= uap10.0)) (&& (== net471) (< netstandard1.4) (>= uap10.0)) (&& (== net471) (< netstandard1.5) (>= uap10.0)) (&& (== net471) (< netstandard1.6) (>= uap10.0)) (&& (== net471) (< netstandard2.0) (>= uap10.0)) (&& (== netcoreapp1.0) (>= uap10.0)) (== uap10.0) (&& (== xamarinios) (>= uap10.0)) (&& (== xamarinmac) (>= uap10.0))
      System.Runtime (>= 4.3) - restriction: || (&& (< monoandroid) (< monotouch) (< net46) (>= netstandard1.6) (< xamarinios) (< xamarinmac) (< xamarintvos) (< xamarinwatchos)) (&& (< monoandroid) (< net46) (>= netstandard1.3) (< netstandard1.6)) (&& (< monoandroid) (< netstandard1.3))
    System.Buffers (4.5) - restriction: || (&& (== monoandroid8.1) (>= uap10.0)) (&& (== net471) (< netstandard1.4) (>= uap10.0)) (&& (== net471) (< netstandard1.5) (>= uap10.0)) (&& (== net471) (< netstandard1.6) (>= uap10.0)) (&& (== net471) (< netstandard2.0) (>= uap10.0)) (&& (== netcoreapp1.0) (>= uap10.0)) (== uap10.0) (&& (== xamarinios) (>= uap10.0)) (&& (== xamarinmac) (>= uap10.0)) (&& (>= monoandroid) (>= netstandard2.0)) (&& (>= monotouch) (>= netstandard2.0)) (&& (< net45) (>= net461) (>= netstandard2.0)) (&& (< net45) (< netcoreapp2.0) (< netcoreapp2.1) (>= netstandard2.0)) (&& (< netstandard1.1) (>= netstandard2.0) (>= win8)) (&& (< netstandard1.1) (>= netstandard2.0) (< win8)) (&& (>= netstandard2.0) (>= xamarinios)) (&& (>= netstandard2.0) (>= xamarinmac)) (&& (>= netstandard2.0) (>= xamarintvos)) (&& (>= netstandard2.0) (>= xamarinwatchos))
    System.Collections (4.3) - restriction: || (&& (== monoandroid8.1) (>= uap10.0)) (&& (== net471) (< netstandard1.2) (>= uap10.0)) (&& (== net471) (< netstandard1.3) (>= uap10.0)) (&& (== net471) (< netstandard1.4) (>= uap10.0)) (&& (== net471) (< netstandard1.5) (>= uap10.0)) (&& (== net471) (< netstandard1.6) (>= uap10.0)) (&& (== net471) (< netstandard2.0) (>= uap10.0)) (&& (== net471) (< portable-net45+win8+wpa81) (>= uap10.0)) (&& (== netcoreapp1.0) (>= uap10.0)) (== uap10.0) (&& (== xamarinios) (>= uap10.0)) (&& (== xamarinmac) (>= uap10.0)) (&& (< net45) (>= netstandard1.6) (< netstandard2.0)) (&& (>= netstandard1.6) (< portable-net45+win8+wp8+wpa81))
      Microsoft.NETCore.Platforms (>= 1.1) - restriction: || (&& (< monoandroid) (< monotouch) (< net45) (>= netstandard1.3) (< win8) (< wpa81) (< xamarinios) (< xamarinmac) (< xamarintvos) (< xamarinwatchos)) (&& (< monoandroid) (< net45) (>= netstandard1.0) (< netstandard1.3) (< win8) (< wp8) (< wpa81)) (< portable-net45+win8+wp8+wpa81)
      Microsoft.NETCore.Targets (>= 1.1) - restriction: || (&& (< monoandroid) (< monotouch) (< net45) (>= netstandard1.3) (< win8) (< wpa81) (< xamarinios) (< xamarinmac) (< xamarintvos) (< xamarinwatchos)) (&& (< monoandroid) (< net45) (>= netstandard1.0) (< netstandard1.3) (< win8) (< wp8) (< wpa81)) (< portable-net45+win8+wp8+wpa81)
      System.Runtime (>= 4.3) - restriction: || (&& (< monoandroid) (< monotouch) (< net45) (>= netstandard1.3) (< win8) (< wpa81) (< xamarinios) (< xamarinmac) (< xamarintvos) (< xamarinwatchos)) (&& (< monoandroid) (< net45) (>= netstandard1.0) (< netstandard1.3) (< win8) (< wp8) (< wpa81)) (< portable-net45+win8+wp8+wpa81)
    System.Collections.Concurrent (4.3) - restriction: || (&& (== monoandroid8.1) (>= uap10.0)) (&& (== net471) (< netstandard1.2) (>= uap10.0)) (&& (== net471) (< netstandard1.3) (>= uap10.0)) (&& (== net471) (< netstandard1.4) (>= uap10.0)) (&& (== net471) (< netstandard1.5) (>= uap10.0)) (&& (== net471) (< netstandard1.6) (>= uap10.0)) (&& (== net471) (< netstandard2.0) (>= uap10.0)) (&& (== netcoreapp1.0) (>= uap10.0)) (== uap10.0) (&& (== xamarinios) (>= uap10.0)) (&& (== xamarinmac) (>= uap10.0)) (&& (< monoandroid) (< monotouch) (< net45) (>= netstandard1.6) (< netstandard2.0) (< win8) (< wpa81) (< xamarinios) (< xamarinmac) (< xamarintvos) (< xamarinwatchos)) (&& (< monoandroid) (< net45) (< netstandard1.3) (>= netstandard1.6) (< win8) (< wpa81)) (&& (< net45) (>= netstandard2.0)) (&& (>= netstandard1.6) (< portable-net45+win8+wpa81))
    System.Collections.Immutable (1.5) - restriction: || (&& (== monoandroid8.1) (>= uap10.0)) (&& (== net471) (>= uap10.0)) (&& (== netcoreapp1.0) (>= uap10.0)) (== uap10.0) (&& (== xamarinios) (>= uap10.0)) (&& (== xamarinmac) (>= uap10.0))
    System.Collections.NonGeneric (4.3) - restriction: || (&& (== monoandroid8.1) (>= uap10.0)) (&& (== net471) (>= uap10.0)) (&& (== netcoreapp1.0) (>= uap10.0)) (== uap10.0) (&& (== xamarinios) (>= uap10.0)) (&& (== xamarinmac) (>= uap10.0)) (&& (< net45) (>= netstandard2.0))
      System.Diagnostics.Debug (>= 4.3) - restriction: && (< monoandroid) (< monotouch) (< net46) (>= netstandard1.3) (< xamarinios) (< xamarinmac) (< xamarintvos) (< xamarinwatchos)
      System.Globalization (>= 4.3) - restriction: && (< monoandroid) (< monotouch) (< net46) (>= netstandard1.3) (< xamarinios) (< xamarinmac) (< xamarintvos) (< xamarinwatchos)
      System.Resources.ResourceManager (>= 4.3) - restriction: && (< monoandroid) (< monotouch) (< net46) (>= netstandard1.3) (< xamarinios) (< xamarinmac) (< xamarintvos) (< xamarinwatchos)
      System.Runtime (>= 4.3) - restriction: && (< monoandroid) (< monotouch) (< net46) (>= netstandard1.3) (< xamarinios) (< xamarinmac) (< xamarintvos) (< xamarinwatchos)
      System.Runtime.Extensions (>= 4.3) - restriction: && (< monoandroid) (< monotouch) (< net46) (>= netstandard1.3) (< xamarinios) (< xamarinmac) (< xamarintvos) (< xamarinwatchos)
      System.Threading (>= 4.3) - restriction: && (< monoandroid) (< monotouch) (< net46) (>= netstandard1.3) (< xamarinios) (< xamarinmac) (< xamarintvos) (< xamarinwatchos)
    System.Collections.Specialized (4.3) - restriction: || (&& (== monoandroid8.1) (>= uap10.0)) (&& (== monoandroid8.1) (>= uap10.1)) (&& (== net471) (>= uap10.0)) (&& (== net471) (>= uap10.1)) (&& (== netcoreapp1.0) (>= uap10.0)) (&& (== netcoreapp1.0) (>= uap10.1)) (== uap10.0) (&& (== xamarinios) (>= uap10.0)) (&& (== xamarinios) (>= uap10.1)) (&& (== xamarinmac) (>= uap10.0)) (&& (== xamarinmac) (>= uap10.1))
      System.Collections.NonGeneric (>= 4.3) - restriction: && (< monoandroid) (< monotouch) (< net46) (>= netstandard1.3) (< xamarinios) (< xamarinmac) (< xamarintvos) (< xamarinwatchos)
      System.Globalization (>= 4.3) - restriction: && (< monoandroid) (< monotouch) (< net46) (>= netstandard1.3) (< xamarinios) (< xamarinmac) (< xamarintvos) (< xamarinwatchos)
      System.Globalization.Extensions (>= 4.3) - restriction: && (< monoandroid) (< monotouch) (< net46) (>= netstandard1.3) (< xamarinios) (< xamarinmac) (< xamarintvos) (< xamarinwatchos)
      System.Resources.ResourceManager (>= 4.3) - restriction: && (< monoandroid) (< monotouch) (< net46) (>= netstandard1.3) (< xamarinios) (< xamarinmac) (< xamarintvos) (< xamarinwatchos)
      System.Runtime (>= 4.3) - restriction: && (< monoandroid) (< monotouch) (< net46) (>= netstandard1.3) (< xamarinios) (< xamarinmac) (< xamarintvos) (< xamarinwatchos)
      System.Runtime.Extensions (>= 4.3) - restriction: && (< monoandroid) (< monotouch) (< net46) (>= netstandard1.3) (< xamarinios) (< xamarinmac) (< xamarintvos) (< xamarinwatchos)
      System.Threading (>= 4.3) - restriction: && (< monoandroid) (< monotouch) (< net46) (>= netstandard1.3) (< xamarinios) (< xamarinmac) (< xamarintvos) (< xamarinwatchos)
    System.ComponentModel (4.3) - restriction: || (&& (== monoandroid8.1) (>= uap10.0)) (&& (== net471) (< netstandard1.4) (>= uap10.0)) (&& (== net471) (< netstandard2.0) (>= uap10.0)) (&& (== net471) (< portable-net45+win8) (>= uap10.0)) (&& (== netcoreapp1.0) (>= uap10.0)) (== uap10.0) (&& (== xamarinios) (>= uap10.0)) (&& (== xamarinmac) (>= uap10.0))
    System.ComponentModel.Annotations (4.5) - restriction: || (&& (== monoandroid8.1) (>= uap10.0)) (&& (== net471) (>= uap10.0)) (&& (== netcoreapp1.0) (>= uap10.0)) (== uap10.0) (&& (== xamarinios) (>= uap10.0)) (&& (== xamarinmac) (>= uap10.0))
      NETStandard.Library (>= 1.6.1) - restriction: || (&& (< monoandroid) (< monotouch) (< net45) (>= netstandard1.4) (< netstandard2.0) (< uap10.1) (< xamarinios) (< xamarinmac) (< xamarintvos) (< xamarinwatchos)) (&& (< monoandroid) (< net45) (>= netstandard1.1) (< netstandard1.3) (< win8)) (&& (< monoandroid) (< net45) (>= netstandard1.3) (< netstandard1.4) (< win8)) (< portable-net45+win8)
      System.ComponentModel (>= 4.3) - restriction: || (&& (< monoandroid) (< monotouch) (< net45) (>= netstandard1.4) (< netstandard2.0) (< uap10.1) (< xamarinios) (< xamarinmac) (< xamarintvos) (< xamarinwatchos)) (&& (< monoandroid) (< net45) (>= netstandard1.3) (< netstandard1.4) (< win8)) (< portable-net45+win8)
    System.ComponentModel.EventBasedAsync (4.3) - restriction: || (&& (== monoandroid8.1) (>= uap10.0)) (&& (== monoandroid8.1) (>= uap10.1)) (&& (== net471) (>= uap10.0)) (&& (== net471) (>= uap10.1)) (&& (== netcoreapp1.0) (>= uap10.0)) (&& (== netcoreapp1.0) (>= uap10.1)) (== uap10.0) (&& (== xamarinios) (>= uap10.0)) (&& (== xamarinios) (>= uap10.1)) (&& (== xamarinmac) (>= uap10.0)) (&& (== xamarinmac) (>= uap10.1))
    System.Configuration.ConfigurationManager (4.5) - restriction: && (< net45) (>= netstandard2.0)
      System.Security.Cryptography.ProtectedData (>= 4.5) - restriction: && (< net461) (>= netstandard2.0)
      System.Security.Permissions (>= 4.5) - restriction: || (>= monoandroid) (>= monotouch) (>= net461) (>= netstandard2.0) (>= xamarinios) (>= xamarinmac) (>= xamarintvos) (>= xamarinwatchos)
    System.Console (4.3.1) - restriction: || (&& (== monoandroid8.1) (>= uap10.0)) (&& (== net471) (< netstandard1.4) (>= uap10.0)) (&& (== net471) (< netstandard1.5) (>= uap10.0)) (&& (== net471) (< netstandard1.6) (>= uap10.0)) (&& (== net471) (< netstandard2.0) (>= uap10.0)) (&& (== netcoreapp1.0) (>= uap10.0)) (== uap10.0) (&& (== xamarinios) (>= uap10.0)) (&& (== xamarinmac) (>= uap10.0)) (&& (< net45) (>= netstandard1.6) (< netstandard2.0)) (&& (< net45) (>= netstandard2.0)) (&& (>= netcoreapp1.1) (>= netstandard2.0))
      Microsoft.NETCore.Platforms (>= 1.1) - restriction: && (< monoandroid) (< monotouch) (< net46) (>= netstandard1.3) (< xamarinios) (< xamarinmac) (< xamarintvos) (< xamarinwatchos)
      Microsoft.NETCore.Targets (>= 1.1.2) - restriction: && (< monoandroid) (< monotouch) (< net46) (>= netstandard1.3) (< xamarinios) (< xamarinmac) (< xamarintvos) (< xamarinwatchos)
      System.IO (>= 4.3) - restriction: && (< monoandroid) (< monotouch) (< net46) (>= netstandard1.3) (< xamarinios) (< xamarinmac) (< xamarintvos) (< xamarinwatchos)
      System.Runtime (>= 4.3) - restriction: && (< monoandroid) (< monotouch) (< net46) (>= netstandard1.3) (< xamarinios) (< xamarinmac) (< xamarintvos) (< xamarinwatchos)
      System.Text.Encoding (>= 4.3) - restriction: && (< monoandroid) (< monotouch) (< net46) (>= netstandard1.3) (< xamarinios) (< xamarinmac) (< xamarintvos) (< xamarinwatchos)
    System.Data.Common (4.3) - restriction: || (&& (== monoandroid8.1) (>= uap10.0)) (&& (== net471) (>= uap10.0)) (&& (== netcoreapp1.0) (>= uap10.0)) (== uap10.0) (&& (== xamarinios) (>= uap10.0)) (&& (== xamarinmac) (>= uap10.0))
    System.Diagnostics.Contracts (4.3) - restriction: || (&& (== monoandroid8.1) (>= uap10.0)) (&& (== net471) (>= uap10.0)) (&& (== netcoreapp1.0) (>= uap10.0)) (== uap10.0) (&& (== xamarinios) (>= uap10.0)) (&& (== xamarinmac) (>= uap10.0))
    System.Diagnostics.Debug (4.3) - restriction: || (&& (== monoandroid8.1) (>= uap10.0)) (&& (== net471) (< netstandard1.2) (>= uap10.0)) (&& (== net471) (< netstandard1.3) (>= uap10.0)) (&& (== net471) (< netstandard1.4) (>= uap10.0)) (&& (== net471) (< netstandard1.5) (>= uap10.0)) (&& (== net471) (< netstandard1.6) (>= uap10.0)) (&& (== net471) (< netstandard2.0) (>= uap10.0)) (&& (== net471) (< portable-net45+win8+wpa81) (>= uap10.0)) (&& (== netcoreapp1.0) (>= uap10.0)) (== uap10.0) (&& (== xamarinios) (>= uap10.0)) (&& (== xamarinmac) (>= uap10.0)) (&& (< net45) (>= netstandard1.6) (< netstandard2.0)) (&& (>= netstandard1.6) (< portable-net45+win8+wp8+wpa81))
      Microsoft.NETCore.Platforms (>= 1.1) - restriction: || (&& (< monoandroid) (< monotouch) (< net45) (>= netstandard1.3) (< win8) (< wpa81) (< xamarinios) (< xamarinmac) (< xamarintvos) (< xamarinwatchos)) (&& (< monoandroid) (< net45) (>= netstandard1.0) (< netstandard1.3) (< win8) (< wp8) (< wpa81)) (< portable-net45+win8+wp8+wpa81)
      Microsoft.NETCore.Targets (>= 1.1) - restriction: || (&& (< monoandroid) (< monotouch) (< net45) (>= netstandard1.3) (< win8) (< wpa81) (< xamarinios) (< xamarinmac) (< xamarintvos) (< xamarinwatchos)) (&& (< monoandroid) (< net45) (>= netstandard1.0) (< netstandard1.3) (< win8) (< wp8) (< wpa81)) (< portable-net45+win8+wp8+wpa81)
      System.Runtime (>= 4.3) - restriction: || (&& (< monoandroid) (< monotouch) (< net45) (>= netstandard1.3) (< win8) (< wpa81) (< xamarinios) (< xamarinmac) (< xamarintvos) (< xamarinwatchos)) (&& (< monoandroid) (< net45) (>= netstandard1.0) (< netstandard1.3) (< win8) (< wp8) (< wpa81)) (< portable-net45+win8+wp8+wpa81)
    System.Diagnostics.StackTrace (4.3) - restriction: || (&& (== monoandroid8.1) (>= uap10.0)) (&& (== net471) (>= uap10.0)) (&& (== netcoreapp1.0) (>= uap10.0)) (== uap10.0) (&& (== xamarinios) (>= uap10.0)) (&& (== xamarinmac) (>= uap10.0))
      System.IO.FileSystem (>= 4.3) - restriction: && (< monoandroid) (< monotouch) (< net46) (>= netstandard1.3) (< xamarinios) (< xamarinmac) (< xamarintvos) (< xamarinwatchos)
      System.Reflection (>= 4.3) - restriction: && (< monoandroid) (< monotouch) (< net46) (>= netstandard1.3) (< xamarinios) (< xamarinmac) (< xamarintvos) (< xamarinwatchos)
      System.Reflection.Metadata (>= 1.4.1) - restriction: && (< monoandroid) (< monotouch) (< net46) (>= netstandard1.3) (< xamarinios) (< xamarinmac) (< xamarintvos) (< xamarinwatchos)
      System.Runtime (>= 4.3) - restriction: && (< monoandroid) (< monotouch) (< net46) (>= netstandard1.3) (< xamarinios) (< xamarinmac) (< xamarintvos) (< xamarinwatchos)
    System.Diagnostics.Tools (4.3) - restriction: || (&& (== monoandroid8.1) (>= uap10.0)) (&& (== net471) (< netstandard1.2) (>= uap10.0)) (&& (== net471) (< netstandard1.3) (>= uap10.0)) (&& (== net471) (< netstandard1.4) (>= uap10.0)) (&& (== net471) (< netstandard1.5) (>= uap10.0)) (&& (== net471) (< netstandard1.6) (>= uap10.0)) (&& (== net471) (< netstandard2.0) (>= uap10.0)) (&& (== net471) (< portable-net45+win8+wpa81) (>= uap10.0)) (&& (== netcoreapp1.0) (>= uap10.0)) (== uap10.0) (&& (== xamarinios) (>= uap10.0)) (&& (== xamarinmac) (>= uap10.0)) (&& (< net45) (>= netstandard1.6) (< netstandard2.0))
      Microsoft.NETCore.Platforms (>= 1.1) - restriction: || (&& (< monoandroid) (< monotouch) (< net45) (>= netstandard1.0) (< win8) (< wp8) (< wpa81) (< xamarinios) (< xamarinmac) (< xamarintvos) (< xamarinwatchos)) (< portable-net45+win8+wp8+wpa81)
      Microsoft.NETCore.Targets (>= 1.1) - restriction: || (&& (< monoandroid) (< monotouch) (< net45) (>= netstandard1.0) (< win8) (< wp8) (< wpa81) (< xamarinios) (< xamarinmac) (< xamarintvos) (< xamarinwatchos)) (< portable-net45+win8+wp8+wpa81)
      System.Runtime (>= 4.3) - restriction: || (&& (< monoandroid) (< monotouch) (< net45) (>= netstandard1.0) (< win8) (< wp8) (< wpa81) (< xamarinios) (< xamarinmac) (< xamarintvos) (< xamarinwatchos)) (< portable-net45+win8+wp8+wpa81)
    System.Diagnostics.Tracing (4.3) - restriction: || (&& (== monoandroid8.1) (>= uap10.0)) (&& (== net471) (< netstandard1.2) (>= uap10.0)) (&& (== net471) (< netstandard1.3) (>= uap10.0)) (&& (== net471) (< netstandard1.4) (>= uap10.0)) (&& (== net471) (< netstandard1.5) (>= uap10.0)) (&& (== net471) (< netstandard1.6) (>= uap10.0)) (&& (== net471) (< netstandard2.0) (>= uap10.0)) (&& (== netcoreapp1.0) (>= uap10.0)) (== uap10.0) (&& (== xamarinios) (>= uap10.0)) (&& (== xamarinmac) (>= uap10.0)) (&& (< monoandroid) (< monotouch) (< net45) (>= netstandard1.6) (< netstandard2.0) (< win8) (< wpa81) (< xamarinios) (< xamarinmac) (< xamarintvos) (< xamarinwatchos)) (&& (>= netstandard1.6) (< portable-net45+win8+wp8+wpa81))
    System.Dynamic.Runtime (4.3) - restriction: || (&& (== monoandroid8.1) (>= uap10.0)) (&& (== net471) (>= uap10.0)) (&& (== netcoreapp1.0) (>= uap10.0)) (== uap10.0) (&& (== xamarinios) (>= uap10.0)) (&& (== xamarinmac) (>= uap10.0))
    System.Globalization (4.3) - restriction: || (&& (== monoandroid8.1) (>= uap10.0)) (&& (== net471) (< netstandard1.2) (>= uap10.0)) (&& (== net471) (< netstandard1.3) (>= uap10.0)) (&& (== net471) (< netstandard1.4) (>= uap10.0)) (&& (== net471) (< netstandard1.5) (>= uap10.0)) (&& (== net471) (< netstandard1.6) (>= uap10.0)) (&& (== net471) (< netstandard2.0) (>= uap10.0)) (&& (== net471) (< portable-net45+win8+wpa81) (>= uap10.0)) (&& (== netcoreapp1.0) (>= uap10.0)) (== uap10.0) (&& (== xamarinios) (>= uap10.0)) (&& (== xamarinmac) (>= uap10.0)) (&& (< net45) (>= netstandard1.6) (< netstandard2.0)) (&& (>= netstandard1.6) (< portable-net45+win8+wp8+wpa81))
      Microsoft.NETCore.Platforms (>= 1.1) - restriction: || (&& (< monoandroid) (< monotouch) (< net45) (>= netstandard1.3) (< win8) (< wpa81) (< xamarinios) (< xamarinmac) (< xamarintvos) (< xamarinwatchos)) (&& (< monoandroid) (< net45) (>= netstandard1.0) (< netstandard1.3) (< win8) (< wp8) (< wpa81)) (< portable-net45+win8+wp8+wpa81)
      Microsoft.NETCore.Targets (>= 1.1) - restriction: || (&& (< monoandroid) (< monotouch) (< net45) (>= netstandard1.3) (< win8) (< wpa81) (< xamarinios) (< xamarinmac) (< xamarintvos) (< xamarinwatchos)) (&& (< monoandroid) (< net45) (>= netstandard1.0) (< netstandard1.3) (< win8) (< wp8) (< wpa81)) (< portable-net45+win8+wp8+wpa81)
      System.Runtime (>= 4.3) - restriction: || (&& (< monoandroid) (< monotouch) (< net45) (>= netstandard1.3) (< win8) (< wpa81) (< xamarinios) (< xamarinmac) (< xamarintvos) (< xamarinwatchos)) (&& (< monoandroid) (< net45) (>= netstandard1.0) (< netstandard1.3) (< win8) (< wp8) (< wpa81)) (< portable-net45+win8+wp8+wpa81)
    System.Globalization.Calendars (4.3) - restriction: || (&& (== monoandroid8.1) (>= uap10.0)) (&& (== net471) (< netstandard1.4) (>= uap10.0)) (&& (== net471) (< netstandard1.5) (>= uap10.0)) (&& (== net471) (< netstandard1.6) (>= uap10.0)) (&& (== net471) (< netstandard2.0) (>= uap10.0)) (&& (== netcoreapp1.0) (>= uap10.0)) (== uap10.0) (&& (== xamarinios) (>= uap10.0)) (&& (== xamarinmac) (>= uap10.0))
      Microsoft.NETCore.Platforms (>= 1.1) - restriction: && (< monoandroid) (< monotouch) (< net46) (>= netstandard1.3) (< xamarinios) (< xamarinmac) (< xamarintvos) (< xamarinwatchos)
      Microsoft.NETCore.Targets (>= 1.1) - restriction: && (< monoandroid) (< monotouch) (< net46) (>= netstandard1.3) (< xamarinios) (< xamarinmac) (< xamarintvos) (< xamarinwatchos)
      System.Globalization (>= 4.3) - restriction: && (< monoandroid) (< monotouch) (< net46) (>= netstandard1.3) (< xamarinios) (< xamarinmac) (< xamarintvos) (< xamarinwatchos)
      System.Runtime (>= 4.3) - restriction: && (< monoandroid) (< monotouch) (< net46) (>= netstandard1.3) (< xamarinios) (< xamarinmac) (< xamarintvos) (< xamarinwatchos)
    System.Globalization.Extensions (4.3) - restriction: || (&& (== monoandroid8.1) (>= uap10.0)) (&& (== net471) (>= uap10.0)) (&& (== netcoreapp1.0) (>= uap10.0)) (== uap10.0) (&& (== xamarinios) (>= uap10.0)) (&& (== xamarinmac) (>= uap10.0))
      Microsoft.NETCore.Platforms (>= 1.1) - restriction: && (< monoandroid) (< monotouch) (< net46) (>= netstandard1.3) (< xamarinios) (< xamarinmac) (< xamarintvos) (< xamarinwatchos)
      System.Globalization (>= 4.3) - restriction: && (< monoandroid) (< monotouch) (< net46) (>= netstandard1.3) (< xamarinios) (< xamarinmac) (< xamarintvos) (< xamarinwatchos)
      System.Resources.ResourceManager (>= 4.3) - restriction: && (< monoandroid) (< monotouch) (< net46) (>= netstandard1.3) (< xamarinios) (< xamarinmac) (< xamarintvos) (< xamarinwatchos)
      System.Runtime (>= 4.3) - restriction: && (< monoandroid) (< monotouch) (< net46) (>= netstandard1.3) (< xamarinios) (< xamarinmac) (< xamarintvos) (< xamarinwatchos)
      System.Runtime.Extensions (>= 4.3) - restriction: && (< monoandroid) (< monotouch) (< net46) (>= netstandard1.3) (< xamarinios) (< xamarinmac) (< xamarintvos) (< xamarinwatchos)
      System.Runtime.InteropServices (>= 4.3) - restriction: && (< monoandroid) (< monotouch) (< net46) (>= netstandard1.3) (< xamarinios) (< xamarinmac) (< xamarintvos) (< xamarinwatchos)
    System.IO (4.3) - restriction: || (&& (== monoandroid8.1) (>= uap10.0)) (&& (== net471) (< netstandard1.2) (>= uap10.0)) (&& (== net471) (< netstandard1.3) (>= uap10.0)) (&& (== net471) (< netstandard1.4) (>= uap10.0)) (&& (== net471) (< netstandard1.5) (>= uap10.0)) (&& (== net471) (< netstandard1.6) (>= uap10.0)) (&& (== net471) (< netstandard2.0) (>= uap10.0)) (&& (== net471) (< portable-net45+win8+wpa81) (>= uap10.0)) (&& (== netcoreapp1.0) (>= uap10.0)) (== uap10.0) (&& (== xamarinios) (>= uap10.0)) (&& (== xamarinmac) (>= uap10.0)) (&& (< net45) (>= netstandard1.6) (< netstandard2.0)) (&& (< net45) (>= netstandard2.0)) (&& (>= netstandard1.6) (< portable-net45+win8+wp8+wpa81))
      Microsoft.NETCore.Platforms (>= 1.1) - restriction: || (&& (< monoandroid) (< monotouch) (< net45) (>= netstandard1.5) (< win8) (< wpa81) (< xamarinios) (< xamarinmac) (< xamarintvos) (< xamarinwatchos)) (&& (< monoandroid) (< net45) (>= netstandard1.0) (< netstandard1.3) (< win8) (< wp8) (< wpa81)) (&& (< monoandroid) (< net45) (>= netstandard1.3) (< netstandard1.5) (< win8) (< wpa81)) (< portable-net45+win8+wp8+wpa81)
      Microsoft.NETCore.Targets (>= 1.1) - restriction: || (&& (< monoandroid) (< monotouch) (< net45) (>= netstandard1.5) (< win8) (< wpa81) (< xamarinios) (< xamarinmac) (< xamarintvos) (< xamarinwatchos)) (&& (< monoandroid) (< net45) (>= netstandard1.0) (< netstandard1.3) (< win8) (< wp8) (< wpa81)) (&& (< monoandroid) (< net45) (>= netstandard1.3) (< netstandard1.5) (< win8) (< wpa81)) (< portable-net45+win8+wp8+wpa81)
      System.Runtime (>= 4.3) - restriction: || (&& (< monoandroid) (< monotouch) (< net45) (>= netstandard1.5) (< win8) (< wpa81) (< xamarinios) (< xamarinmac) (< xamarintvos) (< xamarinwatchos)) (&& (< monoandroid) (< net45) (>= netstandard1.0) (< netstandard1.3) (< win8) (< wp8) (< wpa81)) (&& (< monoandroid) (< net45) (>= netstandard1.3) (< netstandard1.5) (< win8) (< wpa81)) (< portable-net45+win8+wp8+wpa81)
      System.Text.Encoding (>= 4.3) - restriction: || (&& (< monoandroid) (< monotouch) (< net45) (>= netstandard1.5) (< win8) (< wpa81) (< xamarinios) (< xamarinmac) (< xamarintvos) (< xamarinwatchos)) (&& (< monoandroid) (< net45) (>= netstandard1.0) (< netstandard1.3) (< win8) (< wp8) (< wpa81)) (&& (< monoandroid) (< net45) (>= netstandard1.3) (< netstandard1.5) (< win8) (< wpa81)) (< portable-net45+win8+wp8+wpa81)
      System.Threading.Tasks (>= 4.3) - restriction: || (&& (< monoandroid) (< monotouch) (< net45) (>= netstandard1.5) (< win8) (< wpa81) (< xamarinios) (< xamarinmac) (< xamarintvos) (< xamarinwatchos)) (&& (< monoandroid) (< net45) (>= netstandard1.0) (< netstandard1.3) (< win8) (< wp8) (< wpa81)) (&& (< monoandroid) (< net45) (>= netstandard1.3) (< netstandard1.5) (< win8) (< wpa81)) (< portable-net45+win8+wp8+wpa81)
    System.IO.Compression (4.3) - restriction: || (&& (== monoandroid8.1) (>= uap10.0)) (&& (== net471) (< netstandard1.2) (>= uap10.0)) (&& (== net471) (< netstandard1.3) (>= uap10.0)) (&& (== net471) (< netstandard1.4) (>= uap10.0)) (&& (== net471) (< netstandard1.5) (>= uap10.0)) (&& (== net471) (< netstandard1.6) (>= uap10.0)) (&& (== net471) (< netstandard2.0) (>= uap10.0)) (&& (== netcoreapp1.0) (>= uap10.0)) (== uap10.0) (&& (== xamarinios) (>= uap10.0)) (&& (== xamarinmac) (>= uap10.0))
    System.IO.Compression.ZipFile (4.3) - restriction: || (&& (== monoandroid8.1) (>= uap10.0)) (&& (== net471) (< netstandard1.4) (>= uap10.0)) (&& (== net471) (< netstandard1.5) (>= uap10.0)) (&& (== net471) (< netstandard1.6) (>= uap10.0)) (&& (== net471) (< netstandard2.0) (>= uap10.0)) (&& (== netcoreapp1.0) (>= uap10.0)) (== uap10.0) (&& (== xamarinios) (>= uap10.0)) (&& (== xamarinmac) (>= uap10.0))
      System.Buffers (>= 4.3) - restriction: && (< monoandroid) (< monotouch) (< net46) (>= netstandard1.3) (< xamarinios) (< xamarinmac) (< xamarintvos) (< xamarinwatchos)
      System.IO (>= 4.3) - restriction: && (< monoandroid) (< monotouch) (< net46) (>= netstandard1.3) (< xamarinios) (< xamarinmac) (< xamarintvos) (< xamarinwatchos)
      System.IO.Compression (>= 4.3) - restriction: && (< monoandroid) (< monotouch) (< net46) (>= netstandard1.3) (< xamarinios) (< xamarinmac) (< xamarintvos) (< xamarinwatchos)
      System.IO.FileSystem (>= 4.3) - restriction: && (< monoandroid) (< monotouch) (< net46) (>= netstandard1.3) (< xamarinios) (< xamarinmac) (< xamarintvos) (< xamarinwatchos)
      System.IO.FileSystem.Primitives (>= 4.3) - restriction: && (< monoandroid) (< monotouch) (< net46) (>= netstandard1.3) (< xamarinios) (< xamarinmac) (< xamarintvos) (< xamarinwatchos)
      System.Resources.ResourceManager (>= 4.3) - restriction: && (< monoandroid) (< monotouch) (< net46) (>= netstandard1.3) (< xamarinios) (< xamarinmac) (< xamarintvos) (< xamarinwatchos)
      System.Runtime (>= 4.3) - restriction: && (< monoandroid) (< monotouch) (< net46) (>= netstandard1.3) (< xamarinios) (< xamarinmac) (< xamarintvos) (< xamarinwatchos)
      System.Runtime.Extensions (>= 4.3) - restriction: && (< monoandroid) (< monotouch) (< net46) (>= netstandard1.3) (< xamarinios) (< xamarinmac) (< xamarintvos) (< xamarinwatchos)
      System.Text.Encoding (>= 4.3) - restriction: && (< monoandroid) (< monotouch) (< net46) (>= netstandard1.3) (< xamarinios) (< xamarinmac) (< xamarintvos) (< xamarinwatchos)
    System.IO.FileSystem (4.3) - restriction: || (&& (== monoandroid8.1) (>= uap10.0)) (&& (== net471) (< netstandard1.4) (>= uap10.0)) (&& (== net471) (< netstandard1.5) (>= uap10.0)) (&& (== net471) (< netstandard1.6) (>= uap10.0)) (&& (== net471) (< netstandard2.0) (>= uap10.0)) (&& (== netcoreapp1.0) (>= uap10.0)) (== uap10.0) (&& (== xamarinios) (>= uap10.0)) (&& (== xamarinmac) (>= uap10.0)) (&& (< net45) (>= netstandard2.0))
      Microsoft.NETCore.Platforms (>= 1.1) - restriction: && (< monoandroid) (< monotouch) (< net46) (>= netstandard1.3) (< xamarinios) (< xamarinmac) (< xamarintvos) (< xamarinwatchos)
      Microsoft.NETCore.Targets (>= 1.1) - restriction: && (< monoandroid) (< monotouch) (< net46) (>= netstandard1.3) (< xamarinios) (< xamarinmac) (< xamarintvos) (< xamarinwatchos)
      System.IO (>= 4.3) - restriction: && (< monoandroid) (< monotouch) (< net46) (>= netstandard1.3) (< xamarinios) (< xamarinmac) (< xamarintvos) (< xamarinwatchos)
      System.IO.FileSystem.Primitives (>= 4.3) - restriction: || (&& (< monoandroid) (< monotouch) (>= netstandard1.3) (< xamarinios) (< xamarinmac) (< xamarintvos) (< xamarinwatchos)) (>= net46)
      System.Runtime (>= 4.3) - restriction: && (< monoandroid) (< monotouch) (< net46) (>= netstandard1.3) (< xamarinios) (< xamarinmac) (< xamarintvos) (< xamarinwatchos)
      System.Runtime.Handles (>= 4.3) - restriction: && (< monoandroid) (< monotouch) (< net46) (>= netstandard1.3) (< xamarinios) (< xamarinmac) (< xamarintvos) (< xamarinwatchos)
      System.Text.Encoding (>= 4.3) - restriction: && (< monoandroid) (< monotouch) (< net46) (>= netstandard1.3) (< xamarinios) (< xamarinmac) (< xamarintvos) (< xamarinwatchos)
      System.Threading.Tasks (>= 4.3) - restriction: && (< monoandroid) (< monotouch) (< net46) (>= netstandard1.3) (< xamarinios) (< xamarinmac) (< xamarintvos) (< xamarinwatchos)
    System.IO.FileSystem.Primitives (4.3) - restriction: || (&& (== monoandroid8.1) (>= uap10.0)) (&& (== net471) (< netstandard1.4) (>= uap10.0)) (&& (== net471) (< netstandard1.5) (>= uap10.0)) (&& (== net471) (< netstandard1.6) (>= uap10.0)) (&& (== net471) (< netstandard2.0) (>= uap10.0)) (&& (== netcoreapp1.0) (>= uap10.0)) (== uap10.0) (&& (== xamarinios) (>= uap10.0)) (&& (== xamarinmac) (>= uap10.0)) (&& (< net45) (>= netstandard2.0))
      System.Runtime (>= 4.3) - restriction: && (< monoandroid) (< monotouch) (< net46) (>= netstandard1.3) (< xamarinios) (< xamarinmac) (< xamarintvos) (< xamarinwatchos)
    System.IO.IsolatedStorage (4.3) - restriction: || (&& (== monoandroid8.1) (>= uap10.0)) (&& (== net471) (>= uap10.0)) (&& (== netcoreapp1.0) (>= uap10.0)) (== uap10.0) (&& (== xamarinios) (>= uap10.0)) (&& (== xamarinmac) (>= uap10.0))
      System.IO (>= 4.3) - restriction: || (&& (< monoandroid) (< monotouch) (>= netstandard1.4) (< xamarinios) (< xamarinmac) (< xamarintvos) (< xamarinwatchos)) (&& (< monoandroid) (< netstandard1.4))
      System.IO.FileSystem.Primitives (>= 4.3) - restriction: || (&& (< monoandroid) (< monotouch) (>= netstandard1.4) (< xamarinios) (< xamarinmac) (< xamarintvos) (< xamarinwatchos)) (&& (< monoandroid) (< netstandard1.4))
      System.Runtime (>= 4.3) - restriction: || (&& (< monoandroid) (< monotouch) (>= netstandard1.4) (< xamarinios) (< xamarinmac) (< xamarintvos) (< xamarinwatchos)) (&& (< monoandroid) (< netstandard1.4))
      System.Threading.Tasks (>= 4.3) - restriction: || (&& (< monoandroid) (< monotouch) (>= netstandard1.4) (< xamarinios) (< xamarinmac) (< xamarintvos) (< xamarinwatchos)) (&& (< monoandroid) (< netstandard1.4))
    System.IO.UnmanagedMemoryStream (4.3) - restriction: || (&& (== monoandroid8.1) (>= uap10.0)) (&& (== net471) (>= uap10.0)) (&& (== netcoreapp1.0) (>= uap10.0)) (== uap10.0) (&& (== xamarinios) (>= uap10.0)) (&& (== xamarinmac) (>= uap10.0))
      System.Buffers (>= 4.3) - restriction: && (< monoandroid) (< monotouch) (< net46) (>= netstandard1.3) (< xamarinios) (< xamarinmac) (< xamarintvos) (< xamarinwatchos)
      System.Diagnostics.Debug (>= 4.3) - restriction: && (< monoandroid) (< monotouch) (< net46) (>= netstandard1.3) (< xamarinios) (< xamarinmac) (< xamarintvos) (< xamarinwatchos)
      System.IO (>= 4.3) - restriction: && (< monoandroid) (< monotouch) (< net46) (>= netstandard1.3) (< xamarinios) (< xamarinmac) (< xamarintvos) (< xamarinwatchos)
      System.IO.FileSystem.Primitives (>= 4.3) - restriction: || (&& (< monoandroid) (< monotouch) (>= netstandard1.3) (< xamarinios) (< xamarinmac) (< xamarintvos) (< xamarinwatchos)) (>= net46)
      System.Resources.ResourceManager (>= 4.3) - restriction: && (< monoandroid) (< monotouch) (< net46) (>= netstandard1.3) (< xamarinios) (< xamarinmac) (< xamarintvos) (< xamarinwatchos)
      System.Runtime (>= 4.3) - restriction: && (< monoandroid) (< monotouch) (< net46) (>= netstandard1.3) (< xamarinios) (< xamarinmac) (< xamarintvos) (< xamarinwatchos)
      System.Runtime.InteropServices (>= 4.3) - restriction: && (< monoandroid) (< monotouch) (< net46) (>= netstandard1.3) (< xamarinios) (< xamarinmac) (< xamarintvos) (< xamarinwatchos)
      System.Threading (>= 4.3) - restriction: && (< monoandroid) (< monotouch) (< net46) (>= netstandard1.3) (< xamarinios) (< xamarinmac) (< xamarintvos) (< xamarinwatchos)
      System.Threading.Tasks (>= 4.3) - restriction: && (< monoandroid) (< monotouch) (< net46) (>= netstandard1.3) (< xamarinios) (< xamarinmac) (< xamarintvos) (< xamarinwatchos)
    System.Linq (4.3) - restriction: || (&& (== monoandroid8.1) (>= uap10.0)) (&& (== net471) (< netstandard1.2) (>= uap10.0)) (&& (== net471) (< netstandard1.3) (>= uap10.0)) (&& (== net471) (< netstandard1.4) (>= uap10.0)) (&& (== net471) (< netstandard1.5) (>= uap10.0)) (&& (== net471) (< netstandard1.6) (>= uap10.0)) (&& (== net471) (< netstandard2.0) (>= uap10.0)) (&& (== net471) (< portable-net45+win8+wpa81) (>= uap10.0)) (&& (== netcoreapp1.0) (>= uap10.0)) (== uap10.0) (&& (== xamarinios) (>= uap10.0)) (&& (== xamarinmac) (>= uap10.0)) (&& (< net45) (>= netstandard1.6) (< netstandard2.0)) (&& (>= netstandard1.6) (< portable-net45+win8+wp8+wpa81))
      System.Collections (>= 4.3) - restriction: || (&& (< monoandroid) (< monotouch) (< net45) (>= netstandard1.6) (< xamarinios) (< xamarinmac) (< xamarintvos) (< xamarinwatchos)) (&& (< monoandroid) (< net45) (>= netstandard1.0) (< netstandard1.6) (< win8) (< wp8) (< wpa81)) (< portable-net45+win8+wp8+wpa81)
      System.Diagnostics.Debug (>= 4.3) - restriction: || (&& (< monoandroid) (< monotouch) (< net45) (>= netstandard1.6) (< xamarinios) (< xamarinmac) (< xamarintvos) (< xamarinwatchos)) (< portable-net45+win8+wp8+wpa81)
      System.Resources.ResourceManager (>= 4.3) - restriction: || (&& (< monoandroid) (< monotouch) (< net45) (>= netstandard1.6) (< xamarinios) (< xamarinmac) (< xamarintvos) (< xamarinwatchos)) (< portable-net45+win8+wp8+wpa81)
      System.Runtime (>= 4.3) - restriction: || (&& (< monoandroid) (< monotouch) (< net45) (>= netstandard1.6) (< xamarinios) (< xamarinmac) (< xamarintvos) (< xamarinwatchos)) (&& (< monoandroid) (< net45) (>= netstandard1.0) (< netstandard1.6) (< win8) (< wp8) (< wpa81)) (< portable-net45+win8+wp8+wpa81)
      System.Runtime.Extensions (>= 4.3) - restriction: || (&& (< monoandroid) (< monotouch) (< net45) (>= netstandard1.6) (< xamarinios) (< xamarinmac) (< xamarintvos) (< xamarinwatchos)) (< portable-net45+win8+wp8+wpa81)
    System.Linq.Expressions (4.3) - restriction: || (&& (== monoandroid8.1) (>= uap10.0)) (&& (== net471) (< netstandard1.2) (>= uap10.0)) (&& (== net471) (< netstandard1.3) (>= uap10.0)) (&& (== net471) (< netstandard1.4) (>= uap10.0)) (&& (== net471) (< netstandard1.5) (>= uap10.0)) (&& (== net471) (< netstandard1.6) (>= uap10.0)) (&& (== net471) (< netstandard2.0) (>= uap10.0)) (&& (== net471) (< portable-net45+win8+wpa81) (>= uap10.0)) (&& (== netcoreapp1.0) (>= uap10.0)) (== uap10.0) (&& (== xamarinios) (>= uap10.0)) (&& (== xamarinmac) (>= uap10.0)) (&& (< monoandroid) (< net45) (< netstandard1.3) (>= netstandard1.6) (< win8) (< wpa81)) (&& (< net45) (>= netstandard1.6) (< netstandard2.0)) (&& (>= netstandard1.6) (< portable-net45+win8+wp8+wpa81))
      System.Collections (>= 4.3) - restriction: || (&& (< monoandroid) (< monotouch) (< net45) (>= netstandard1.6) (< xamarinios) (< xamarinmac) (< xamarintvos) (< xamarinwatchos)) (< portable-net45+win8+wp8+wpa81)
      System.Diagnostics.Debug (>= 4.3) - restriction: || (&& (< monoandroid) (< monotouch) (< net45) (>= netstandard1.6) (< xamarinios) (< xamarinmac) (< xamarintvos) (< xamarinwatchos)) (< portable-net45+win8+wp8+wpa81)
      System.Globalization (>= 4.3) - restriction: || (&& (< monoandroid) (< monotouch) (< net45) (>= netstandard1.6) (< xamarinios) (< xamarinmac) (< xamarintvos) (< xamarinwatchos)) (< portable-net45+win8+wp8+wpa81)
      System.IO (>= 4.3) - restriction: || (&& (< monoandroid) (< monotouch) (< net45) (>= netstandard1.6) (< xamarinios) (< xamarinmac) (< xamarintvos) (< xamarinwatchos)) (< portable-net45+win8+wp8+wpa81)
      System.Linq (>= 4.3) - restriction: || (&& (< monoandroid) (< monotouch) (< net45) (>= netstandard1.6) (< xamarinios) (< xamarinmac) (< xamarintvos) (< xamarinwatchos)) (< portable-net45+win8+wp8+wpa81)
      System.ObjectModel (>= 4.3) - restriction: && (< monoandroid) (< monotouch) (< net45) (>= netstandard1.6) (< xamarinios) (< xamarinmac) (< xamarintvos) (< xamarinwatchos)
      System.Reflection (>= 4.3) - restriction: || (&& (< monoandroid) (< monotouch) (< net45) (>= netstandard1.6) (< xamarinios) (< xamarinmac) (< xamarintvos) (< xamarinwatchos)) (&& (< monoandroid) (< net45) (>= netstandard1.0) (< netstandard1.3) (< win8) (< wp8) (< wpa81)) (&& (< monoandroid) (< net45) (>= netstandard1.3) (< netstandard1.6) (< win8) (< wpa81)) (< portable-net45+win8+wp8+wpa81)
      System.Reflection.Emit (>= 4.3) - restriction: && (< monoandroid) (< monotouch) (< net45) (>= netstandard1.6) (< xamarinios) (< xamarinmac) (< xamarintvos) (< xamarinwatchos)
      System.Reflection.Emit.ILGeneration (>= 4.3) - restriction: || (&& (< monoandroid) (< monotouch) (< net45) (>= netstandard1.6) (< xamarinios) (< xamarinmac) (< xamarintvos) (< xamarinwatchos)) (< portable-net45+win8+wp8+wpa81)
      System.Reflection.Emit.Lightweight (>= 4.3) - restriction: || (&& (< monoandroid) (< monotouch) (< net45) (>= netstandard1.6) (< xamarinios) (< xamarinmac) (< xamarintvos) (< xamarinwatchos)) (< portable-net45+win8+wp8+wpa81)
      System.Reflection.Extensions (>= 4.3) - restriction: || (&& (< monoandroid) (< monotouch) (< net45) (>= netstandard1.6) (< xamarinios) (< xamarinmac) (< xamarintvos) (< xamarinwatchos)) (< portable-net45+win8+wp8+wpa81)
      System.Reflection.Primitives (>= 4.3) - restriction: || (&& (< monoandroid) (< monotouch) (< net45) (>= netstandard1.6) (< xamarinios) (< xamarinmac) (< xamarintvos) (< xamarinwatchos)) (< portable-net45+win8+wp8+wpa81)
      System.Reflection.TypeExtensions (>= 4.3) - restriction: || (&& (< monoandroid) (< monotouch) (< net45) (>= netstandard1.6) (< xamarinios) (< xamarinmac) (< xamarintvos) (< xamarinwatchos)) (< portable-net45+win8+wp8+wpa81)
      System.Resources.ResourceManager (>= 4.3) - restriction: || (&& (< monoandroid) (< monotouch) (< net45) (>= netstandard1.6) (< xamarinios) (< xamarinmac) (< xamarintvos) (< xamarinwatchos)) (< portable-net45+win8+wp8+wpa81)
      System.Runtime (>= 4.3) - restriction: || (&& (< monoandroid) (< monotouch) (< net45) (>= netstandard1.6) (< xamarinios) (< xamarinmac) (< xamarintvos) (< xamarinwatchos)) (&& (< monoandroid) (< net45) (>= netstandard1.0) (< netstandard1.3) (< win8) (< wp8) (< wpa81)) (&& (< monoandroid) (< net45) (>= netstandard1.3) (< netstandard1.6) (< win8) (< wpa81)) (< portable-net45+win8+wp8+wpa81)
      System.Runtime.Extensions (>= 4.3) - restriction: || (&& (< monoandroid) (< monotouch) (< net45) (>= netstandard1.6) (< xamarinios) (< xamarinmac) (< xamarintvos) (< xamarinwatchos)) (< portable-net45+win8+wp8+wpa81)
      System.Threading (>= 4.3) - restriction: || (&& (< monoandroid) (< monotouch) (< net45) (>= netstandard1.6) (< xamarinios) (< xamarinmac) (< xamarintvos) (< xamarinwatchos)) (< portable-net45+win8+wp8+wpa81)
    System.Linq.Parallel (4.3) - restriction: || (&& (== monoandroid8.1) (>= uap10.0)) (&& (== net471) (>= uap10.0)) (&& (== netcoreapp1.0) (>= uap10.0)) (== uap10.0) (&& (== xamarinios) (>= uap10.0)) (&& (== xamarinmac) (>= uap10.0))
    System.Linq.Queryable (4.3) - restriction: || (&& (== monoandroid8.1) (>= uap10.0)) (&& (== monoandroid8.1) (>= uap10.1)) (&& (== net471) (< netstandard1.3) (>= uap10.0)) (&& (== net471) (< netstandard2.0) (>= uap10.0)) (&& (== net471) (>= uap10.1)) (&& (== netcoreapp1.0) (>= uap10.0)) (&& (== netcoreapp1.0) (>= uap10.1)) (== uap10.0) (&& (== xamarinios) (>= uap10.0)) (&& (== xamarinios) (>= uap10.1)) (&& (== xamarinmac) (>= uap10.0)) (&& (== xamarinmac) (>= uap10.1)) (&& (< net45) (>= netstandard1.6) (< netstandard2.0))
      System.Collections (>= 4.3) - restriction: || (&& (< monoandroid) (< monotouch) (< net45) (>= netstandard1.3) (< win8) (< wpa81) (< xamarinios) (< xamarinmac) (< xamarintvos) (< xamarinwatchos)) (< portable-net45+win8+wp8+wpa81)
      System.Diagnostics.Debug (>= 4.3) - restriction: || (&& (< monoandroid) (< monotouch) (< net45) (>= netstandard1.3) (< win8) (< wpa81) (< xamarinios) (< xamarinmac) (< xamarintvos) (< xamarinwatchos)) (< portable-net45+win8+wp8+wpa81)
      System.Linq (>= 4.3) - restriction: || (&& (< monoandroid) (< monotouch) (< net45) (>= netstandard1.3) (< win8) (< wpa81) (< xamarinios) (< xamarinmac) (< xamarintvos) (< xamarinwatchos)) (&& (< monoandroid) (< net45) (>= netstandard1.0) (< netstandard1.3) (< win8) (< wp8) (< wpa81)) (< portable-net45+win8+wp8+wpa81)
      System.Linq.Expressions (>= 4.3) - restriction: || (&& (< monoandroid) (< monotouch) (< net45) (>= netstandard1.3) (< win8) (< wpa81) (< xamarinios) (< xamarinmac) (< xamarintvos) (< xamarinwatchos)) (&& (< monoandroid) (< net45) (>= netstandard1.0) (< netstandard1.3) (< win8) (< wp8) (< wpa81)) (< portable-net45+win8+wp8+wpa81)
      System.Reflection (>= 4.3) - restriction: || (&& (< monoandroid) (< monotouch) (< net45) (>= netstandard1.3) (< win8) (< wpa81) (< xamarinios) (< xamarinmac) (< xamarintvos) (< xamarinwatchos)) (< portable-net45+win8+wp8+wpa81)
      System.Reflection.Extensions (>= 4.3) - restriction: || (&& (< monoandroid) (< monotouch) (< net45) (>= netstandard1.3) (< win8) (< wpa81) (< xamarinios) (< xamarinmac) (< xamarintvos) (< xamarinwatchos)) (< portable-net45+win8+wp8+wpa81)
      System.Resources.ResourceManager (>= 4.3) - restriction: || (&& (< monoandroid) (< monotouch) (< net45) (>= netstandard1.3) (< win8) (< wpa81) (< xamarinios) (< xamarinmac) (< xamarintvos) (< xamarinwatchos)) (< portable-net45+win8+wp8+wpa81)
      System.Runtime (>= 4.3) - restriction: || (&& (< monoandroid) (< monotouch) (< net45) (>= netstandard1.3) (< win8) (< wpa81) (< xamarinios) (< xamarinmac) (< xamarintvos) (< xamarinwatchos)) (&& (< monoandroid) (< net45) (>= netstandard1.0) (< netstandard1.3) (< win8) (< wp8) (< wpa81)) (< portable-net45+win8+wp8+wpa81)
    System.Memory (4.5.1) - restriction: && (< net45) (< netcoreapp2.1) (>= netstandard2.0)
      System.Buffers (>= 4.4) - restriction: || (>= monoandroid) (>= monotouch) (&& (>= net45) (< netstandard2.0)) (&& (< net45) (< netcoreapp2.0) (< netcoreapp2.1) (>= netstandard2.0)) (&& (< net45) (>= netstandard1.1) (< netstandard2.0) (< win8) (< wpa81)) (>= net461) (&& (< netstandard1.1) (>= portable-net45+win8+wpa81) (< win8)) (&& (< netstandard1.1) (>= win8)) (&& (< netstandard2.0) (< uap10.1) (>= wpa81)) (>= xamarinios) (>= xamarinmac) (>= xamarintvos) (>= xamarinwatchos)
      System.Numerics.Vectors (>= 4.4) - restriction: || (&& (< net45) (< netcoreapp2.0) (< netcoreapp2.1) (>= netstandard2.0)) (>= net461)
      System.Runtime.CompilerServices.Unsafe (>= 4.5) - restriction: || (>= monoandroid) (>= monotouch) (&& (>= net45) (< netstandard2.0)) (&& (< net45) (< netcoreapp2.1) (>= netstandard2.0)) (&& (< net45) (>= netstandard1.1) (< netstandard2.0) (< win8) (< wpa81)) (>= net461) (>= netcoreapp2.0) (&& (< netstandard1.1) (>= portable-net45+win8+wpa81) (< win8)) (&& (< netstandard1.1) (>= win8)) (&& (< netstandard2.0) (>= wpa81)) (>= uap10.1) (>= xamarinios) (>= xamarinmac) (>= xamarintvos) (>= xamarinwatchos)
    System.Net.Http (4.3.3) - restriction: || (&& (== monoandroid8.1) (>= uap10.0)) (&& (== net471) (< netstandard1.2) (>= uap10.0)) (&& (== net471) (< netstandard1.3) (>= uap10.0)) (&& (== net471) (< netstandard1.4) (>= uap10.0)) (&& (== net471) (< netstandard1.5) (>= uap10.0)) (&& (== net471) (< netstandard1.6) (>= uap10.0)) (&& (== net471) (< netstandard2.0) (>= uap10.0)) (&& (== netcoreapp1.0) (>= uap10.0)) (== uap10.0) (&& (== xamarinios) (>= uap10.0)) (&& (== xamarinmac) (>= uap10.0)) (&& (< monoandroid) (< monotouch) (< net45) (>= netstandard1.6) (< netstandard2.0) (< win8) (< wpa81) (< xamarinios) (< xamarinmac) (< xamarintvos) (< xamarinwatchos)) (&& (< net45) (>= netstandard2.0)) (&& (>= netstandard1.6) (< portable-net45+win8+wp8+wpa81))
    System.Net.Http.Rtc (4.3) - restriction: || (&& (== monoandroid8.1) (>= uap10.0)) (&& (== net471) (>= uap10.0)) (&& (== netcoreapp1.0) (>= uap10.0)) (== uap10.0) (&& (== xamarinios) (>= uap10.0)) (&& (== xamarinmac) (>= uap10.0))
    System.Net.NameResolution (4.3) - restriction: || (&& (== monoandroid8.1) (>= uap10.0)) (&& (== net471) (>= uap10.0)) (&& (== netcoreapp1.0) (>= uap10.0)) (== uap10.0) (&& (== xamarinios) (>= uap10.0)) (&& (== xamarinmac) (>= uap10.0))
      Microsoft.NETCore.Platforms (>= 1.1) - restriction: || (&& (< monoandroid) (< monotouch) (< net46) (>= netstandard1.3) (< xamarinios) (< xamarinmac) (< xamarintvos) (< xamarinwatchos)) (&& (< monoandroid) (< netstandard1.3))
      runtime.native.System (>= 4.3) - restriction: && (< monoandroid) (< monotouch) (< net46) (>= netstandard1.3) (< xamarinios) (< xamarinmac) (< xamarintvos) (< xamarinwatchos)
      System.Collections (>= 4.3) - restriction: || (&& (< monoandroid) (< monotouch) (< net46) (>= netstandard1.3) (< xamarinios) (< xamarinmac) (< xamarintvos) (< xamarinwatchos)) (&& (< monoandroid) (< netstandard1.3))
      System.Diagnostics.Tracing (>= 4.3) - restriction: || (&& (< monoandroid) (< monotouch) (< net46) (>= netstandard1.3) (< xamarinios) (< xamarinmac) (< xamarintvos) (< xamarinwatchos)) (&& (< monoandroid) (< netstandard1.3))
      System.Globalization (>= 4.3) - restriction: || (&& (< monoandroid) (< monotouch) (< net46) (>= netstandard1.3) (< xamarinios) (< xamarinmac) (< xamarintvos) (< xamarinwatchos)) (&& (< monoandroid) (< netstandard1.3))
      System.Net.Primitives (>= 4.3) - restriction: || (&& (< monoandroid) (< monotouch) (< net46) (>= netstandard1.3) (< xamarinios) (< xamarinmac) (< xamarintvos) (< xamarinwatchos)) (&& (< monoandroid) (< netstandard1.3))
      System.Resources.ResourceManager (>= 4.3) - restriction: || (&& (< monoandroid) (< monotouch) (< net46) (>= netstandard1.3) (< xamarinios) (< xamarinmac) (< xamarintvos) (< xamarinwatchos)) (&& (< monoandroid) (< netstandard1.3))
      System.Runtime (>= 4.3) - restriction: || (&& (< monoandroid) (< monotouch) (< net46) (>= netstandard1.3) (< xamarinios) (< xamarinmac) (< xamarintvos) (< xamarinwatchos)) (&& (< monoandroid) (< netstandard1.3))
      System.Runtime.Extensions (>= 4.3) - restriction: || (&& (< monoandroid) (< monotouch) (< net46) (>= netstandard1.3) (< xamarinios) (< xamarinmac) (< xamarintvos) (< xamarinwatchos)) (&& (< monoandroid) (< netstandard1.3))
      System.Runtime.Handles (>= 4.3) - restriction: || (&& (< monoandroid) (< monotouch) (< net46) (>= netstandard1.3) (< xamarinios) (< xamarinmac) (< xamarintvos) (< xamarinwatchos)) (&& (< monoandroid) (< netstandard1.3))
      System.Runtime.InteropServices (>= 4.3) - restriction: || (&& (< monoandroid) (< monotouch) (< net46) (>= netstandard1.3) (< xamarinios) (< xamarinmac) (< xamarintvos) (< xamarinwatchos)) (&& (< monoandroid) (< netstandard1.3))
      System.Security.Principal.Windows (>= 4.3) - restriction: && (< monoandroid) (< monotouch) (< net46) (>= netstandard1.3) (< xamarinios) (< xamarinmac) (< xamarintvos) (< xamarinwatchos)
      System.Threading (>= 4.3) - restriction: || (&& (< monoandroid) (< monotouch) (< net46) (>= netstandard1.3) (< xamarinios) (< xamarinmac) (< xamarintvos) (< xamarinwatchos)) (&& (< monoandroid) (< netstandard1.3))
      System.Threading.Tasks (>= 4.3) - restriction: || (&& (< monoandroid) (< monotouch) (< net46) (>= netstandard1.3) (< xamarinios) (< xamarinmac) (< xamarintvos) (< xamarinwatchos)) (&& (< monoandroid) (< netstandard1.3))
    System.Net.NetworkInformation (4.3) - restriction: || (&& (== monoandroid8.1) (>= uap10.0)) (&& (== net471) (>= uap10.0)) (&& (== netcoreapp1.0) (>= uap10.0)) (== uap10.0) (&& (== xamarinios) (>= uap10.0)) (&& (== xamarinmac) (>= uap10.0))
    System.Net.Primitives (4.3) - restriction: || (&& (== monoandroid8.1) (>= uap10.0)) (&& (== net471) (< netstandard1.2) (>= uap10.0)) (&& (== net471) (< netstandard1.3) (>= uap10.0)) (&& (== net471) (< netstandard1.4) (>= uap10.0)) (&& (== net471) (< netstandard1.5) (>= uap10.0)) (&& (== net471) (< netstandard1.6) (>= uap10.0)) (&& (== net471) (< netstandard2.0) (>= uap10.0)) (&& (== net471) (< portable-net45+win8+wpa81) (>= uap10.0)) (&& (== netcoreapp1.0) (>= uap10.0)) (== uap10.0) (&& (== xamarinios) (>= uap10.0)) (&& (== xamarinmac) (>= uap10.0)) (&& (< monoandroid) (< monotouch) (< net45) (>= netstandard1.6) (< netstandard2.0) (< win8) (< wpa81) (< xamarinios) (< xamarinmac) (< xamarintvos) (< xamarinwatchos)) (&& (< monoandroid) (< net45) (< netstandard1.3) (>= netstandard1.6) (< win8) (< wpa81)) (&& (< monoandroid) (< netstandard1.1) (>= netstandard1.6) (< win8)) (&& (>= netstandard1.6) (< portable-net45+win8+wp8+wpa81))
    System.Net.Requests (4.3) - restriction: || (&& (== monoandroid8.1) (>= uap10.0)) (&& (== net471) (>= uap10.0)) (&& (== netcoreapp1.0) (>= uap10.0)) (== uap10.0) (&& (== xamarinios) (>= uap10.0)) (&& (== xamarinmac) (>= uap10.0)) (&& (< net45) (>= netstandard1.6) (< netstandard2.0))
      Microsoft.NETCore.Platforms (>= 1.1) - restriction: && (< monoandroid) (< monotouch) (< net45) (>= netstandard1.3) (< win8) (< wpa81) (< xamarinios) (< xamarinmac) (< xamarintvos) (< xamarinwatchos)
      System.Collections (>= 4.3) - restriction: || (&& (< monoandroid) (< monotouch) (< net45) (>= netstandard1.3) (< win8) (< wpa81) (< xamarinios) (< xamarinmac) (< xamarintvos) (< xamarinwatchos)) (< portable-net45+win8+wp8+wpa81)
      System.Diagnostics.Debug (>= 4.3) - restriction: || (&& (< monoandroid) (< monotouch) (< net45) (>= netstandard1.3) (< win8) (< wpa81) (< xamarinios) (< xamarinmac) (< xamarintvos) (< xamarinwatchos)) (< portable-net45+win8+wp8+wpa81)
      System.Diagnostics.Tracing (>= 4.3) - restriction: || (&& (< monoandroid) (< monotouch) (< net45) (>= netstandard1.3) (< win8) (< wpa81) (< xamarinios) (< xamarinmac) (< xamarintvos) (< xamarinwatchos)) (< portable-net45+win8+wp8+wpa81)
      System.Globalization (>= 4.3) - restriction: || (&& (< monoandroid) (< monotouch) (< net45) (>= netstandard1.3) (< win8) (< wpa81) (< xamarinios) (< xamarinmac) (< xamarintvos) (< xamarinwatchos)) (< portable-net45+win8+wp8+wpa81)
      System.IO (>= 4.3) - restriction: || (&& (< monoandroid) (< monotouch) (< net45) (>= netstandard1.3) (< win8) (< wpa81) (< xamarinios) (< xamarinmac) (< xamarintvos) (< xamarinwatchos)) (&& (< monoandroid) (< net45) (>= netstandard1.1) (< netstandard1.3) (< win8) (< wpa81)) (&& (< monoandroid) (>= netstandard1.0) (< netstandard1.1) (< win8) (< wp8)) (< portable-net45+win8+wp8+wpa81)
      System.Net.Http (>= 4.3) - restriction: || (&& (< monoandroid) (< monotouch) (< net45) (>= netstandard1.3) (< win8) (< wpa81) (< xamarinios) (< xamarinmac) (< xamarintvos) (< xamarinwatchos)) (< portable-net45+win8+wp8+wpa81)
      System.Net.Primitives (>= 4.3) - restriction: || (&& (< monoandroid) (< monotouch) (< net45) (>= netstandard1.3) (< win8) (< wpa81) (< xamarinios) (< xamarinmac) (< xamarintvos) (< xamarinwatchos)) (&& (< monoandroid) (< net45) (>= netstandard1.1) (< netstandard1.3) (< win8) (< wpa81)) (&& (< monoandroid) (>= netstandard1.0) (< netstandard1.1) (< win8) (< wp8)) (< portable-net45+win8+wp8+wpa81)
      System.Net.WebHeaderCollection (>= 4.3) - restriction: || (&& (< monoandroid) (< monotouch) (< net45) (>= netstandard1.3) (< win8) (< wpa81) (< xamarinios) (< xamarinmac) (< xamarintvos) (< xamarinwatchos)) (< portable-net45+win8+wp8+wpa81)
      System.Resources.ResourceManager (>= 4.3) - restriction: || (&& (< monoandroid) (< monotouch) (< net45) (>= netstandard1.3) (< win8) (< wpa81) (< xamarinios) (< xamarinmac) (< xamarintvos) (< xamarinwatchos)) (< portable-net45+win8+wp8+wpa81)
      System.Runtime (>= 4.3) - restriction: || (&& (< monoandroid) (< monotouch) (< net45) (>= netstandard1.3) (< win8) (< wpa81) (< xamarinios) (< xamarinmac) (< xamarintvos) (< xamarinwatchos)) (&& (< monoandroid) (< net45) (>= netstandard1.1) (< netstandard1.3) (< win8) (< wpa81)) (&& (< monoandroid) (>= netstandard1.0) (< netstandard1.1) (< win8) (< wp8)) (< portable-net45+win8+wp8+wpa81)
      System.Threading (>= 4.3) - restriction: || (&& (< monoandroid) (< monotouch) (< net45) (>= netstandard1.3) (< win8) (< wpa81) (< xamarinios) (< xamarinmac) (< xamarintvos) (< xamarinwatchos)) (< portable-net45+win8+wp8+wpa81)
      System.Threading.Tasks (>= 4.3) - restriction: || (&& (< monoandroid) (< monotouch) (< net45) (>= netstandard1.3) (< win8) (< wpa81) (< xamarinios) (< xamarinmac) (< xamarintvos) (< xamarinwatchos)) (&& (< monoandroid) (< net45) (>= netstandard1.1) (< netstandard1.3) (< win8) (< wpa81)) (< portable-net45+win8+wp8+wpa81)
    System.Net.Security (4.3.2) - restriction: || (&& (== monoandroid8.1) (>= uap10.0)) (&& (== net471) (>= uap10.0)) (&& (== netcoreapp1.0) (>= uap10.0)) (== uap10.0) (&& (== xamarinios) (>= uap10.0)) (&& (== xamarinmac) (>= uap10.0))
      Microsoft.NETCore.Platforms (>= 1.1) - restriction: || (&& (< monoandroid) (< monotouch) (< net46) (>= netstandard1.6) (< xamarinios) (< xamarinmac) (< xamarintvos) (< xamarinwatchos)) (&& (< monoandroid) (< net46) (>= netstandard1.3) (< netstandard1.6))
      Microsoft.Win32.Primitives (>= 4.3) - restriction: || (&& (< monoandroid) (< monotouch) (< net46) (>= netstandard1.6) (< xamarinios) (< xamarinmac) (< xamarintvos) (< xamarinwatchos)) (&& (< monoandroid) (< net46) (>= netstandard1.3) (< netstandard1.6))
      System.Collections (>= 4.3) - restriction: || (&& (< monoandroid) (< monotouch) (< net46) (>= netstandard1.6) (< xamarinios) (< xamarinmac) (< xamarintvos) (< xamarinwatchos)) (&& (< monoandroid) (< net46) (>= netstandard1.3) (< netstandard1.6))
      System.Collections.Concurrent (>= 4.3) - restriction: || (&& (< monoandroid) (< monotouch) (< net46) (>= netstandard1.6) (< xamarinios) (< xamarinmac) (< xamarintvos) (< xamarinwatchos)) (&& (< monoandroid) (< net46) (>= netstandard1.3) (< netstandard1.6))
      System.Diagnostics.Tracing (>= 4.3) - restriction: || (&& (< monoandroid) (< monotouch) (< net46) (>= netstandard1.6) (< xamarinios) (< xamarinmac) (< xamarintvos) (< xamarinwatchos)) (&& (< monoandroid) (< net46) (>= netstandard1.3) (< netstandard1.6))
      System.Globalization (>= 4.3) - restriction: || (&& (< monoandroid) (< monotouch) (< net46) (>= netstandard1.6) (< xamarinios) (< xamarinmac) (< xamarintvos) (< xamarinwatchos)) (&& (< monoandroid) (< net46) (>= netstandard1.3) (< netstandard1.6))
      System.IO (>= 4.3) - restriction: || (&& (< monoandroid) (< monotouch) (< net46) (>= netstandard1.6) (< xamarinios) (< xamarinmac) (< xamarintvos) (< xamarinwatchos)) (&& (< monoandroid) (< net46) (>= netstandard1.3) (< netstandard1.6))
      System.Net.Primitives (>= 4.3) - restriction: || (&& (< monoandroid) (< monotouch) (< net46) (>= netstandard1.6) (< xamarinios) (< xamarinmac) (< xamarintvos) (< xamarinwatchos)) (&& (< monoandroid) (< net46) (>= netstandard1.3) (< netstandard1.6))
      System.Resources.ResourceManager (>= 4.3) - restriction: || (&& (< monoandroid) (< monotouch) (< net46) (>= netstandard1.6) (< xamarinios) (< xamarinmac) (< xamarintvos) (< xamarinwatchos)) (&& (< monoandroid) (< net46) (>= netstandard1.3) (< netstandard1.6))
      System.Runtime (>= 4.3) - restriction: || (&& (< monoandroid) (< monotouch) (< net46) (>= netstandard1.6) (< xamarinios) (< xamarinmac) (< xamarintvos) (< xamarinwatchos)) (&& (< monoandroid) (< net46) (>= netstandard1.3) (< netstandard1.6))
      System.Runtime.Extensions (>= 4.3) - restriction: || (&& (< monoandroid) (< monotouch) (< net46) (>= netstandard1.6) (< xamarinios) (< xamarinmac) (< xamarintvos) (< xamarinwatchos)) (&& (< monoandroid) (< net46) (>= netstandard1.3) (< netstandard1.6))
      System.Runtime.Handles (>= 4.3) - restriction: || (&& (< monoandroid) (< monotouch) (< net46) (>= netstandard1.6) (< xamarinios) (< xamarinmac) (< xamarintvos) (< xamarinwatchos)) (&& (< monoandroid) (< net46) (>= netstandard1.3) (< netstandard1.6))
      System.Runtime.InteropServices (>= 4.3) - restriction: || (&& (< monoandroid) (< monotouch) (< net46) (>= netstandard1.6) (< xamarinios) (< xamarinmac) (< xamarintvos) (< xamarinwatchos)) (&& (< monoandroid) (< net46) (>= netstandard1.3) (< netstandard1.6))
      System.Security.Claims (>= 4.3) - restriction: || (&& (< monoandroid) (< monotouch) (< net46) (>= netstandard1.6) (< xamarinios) (< xamarinmac) (< xamarintvos) (< xamarinwatchos)) (&& (< monoandroid) (< net46) (>= netstandard1.3) (< netstandard1.6))
      System.Security.Cryptography.Encoding (>= 4.3) - restriction: || (&& (< monoandroid) (< monotouch) (< net46) (>= netstandard1.6) (< xamarinios) (< xamarinmac) (< xamarintvos) (< xamarinwatchos)) (&& (< monoandroid) (< net46) (>= netstandard1.3) (< netstandard1.6))
      System.Security.Cryptography.Primitives (>= 4.3) - restriction: || (&& (< monoandroid) (< monotouch) (< net46) (>= netstandard1.6) (< xamarinios) (< xamarinmac) (< xamarintvos) (< xamarinwatchos)) (&& (< monoandroid) (< net46) (>= netstandard1.3) (< netstandard1.6))
      System.Security.Cryptography.X509Certificates (>= 4.3) - restriction: || (&& (< monoandroid) (< monotouch) (>= netstandard1.6) (< xamarinios) (< xamarinmac) (< xamarintvos) (< xamarinwatchos)) (&& (< monoandroid) (>= netstandard1.3) (< netstandard1.6)) (>= net46)
      System.Security.Principal (>= 4.3) - restriction: || (&& (< monoandroid) (< monotouch) (< net46) (>= netstandard1.6) (< xamarinios) (< xamarinmac) (< xamarintvos) (< xamarinwatchos)) (&& (< monoandroid) (< net46) (>= netstandard1.3) (< netstandard1.6))
      System.Security.Principal.Windows (>= 4.3) - restriction: && (< monoandroid) (< net46) (>= netstandard1.3) (< netstandard1.6)
      System.Threading (>= 4.3) - restriction: || (&& (< monoandroid) (< monotouch) (< net46) (>= netstandard1.6) (< xamarinios) (< xamarinmac) (< xamarintvos) (< xamarinwatchos)) (&& (< monoandroid) (< net46) (>= netstandard1.3) (< netstandard1.6))
      System.Threading.Tasks (>= 4.3) - restriction: || (&& (< monoandroid) (< monotouch) (< net46) (>= netstandard1.6) (< xamarinios) (< xamarinmac) (< xamarintvos) (< xamarinwatchos)) (&& (< monoandroid) (< net46) (>= netstandard1.3) (< netstandard1.6))
      System.Threading.ThreadPool (>= 4.3) - restriction: || (&& (< monoandroid) (< monotouch) (< net46) (>= netstandard1.6) (< xamarinios) (< xamarinmac) (< xamarintvos) (< xamarinwatchos)) (&& (< monoandroid) (< net46) (>= netstandard1.3) (< netstandard1.6))
    System.Net.Sockets (4.3) - restriction: || (&& (== monoandroid8.1) (>= uap10.0)) (&& (== net471) (< netstandard1.4) (>= uap10.0)) (&& (== net471) (< netstandard1.5) (>= uap10.0)) (&& (== net471) (< netstandard1.6) (>= uap10.0)) (&& (== net471) (< netstandard2.0) (>= uap10.0)) (&& (== netcoreapp1.0) (>= uap10.0)) (== uap10.0) (&& (== xamarinios) (>= uap10.0)) (&& (== xamarinmac) (>= uap10.0))
      Microsoft.NETCore.Platforms (>= 1.1) - restriction: && (< monoandroid) (< monotouch) (< net46) (>= netstandard1.3) (< xamarinios) (< xamarinmac) (< xamarintvos) (< xamarinwatchos)
      Microsoft.NETCore.Targets (>= 1.1) - restriction: && (< monoandroid) (< monotouch) (< net46) (>= netstandard1.3) (< xamarinios) (< xamarinmac) (< xamarintvos) (< xamarinwatchos)
      System.IO (>= 4.3) - restriction: && (< monoandroid) (< monotouch) (< net46) (>= netstandard1.3) (< xamarinios) (< xamarinmac) (< xamarintvos) (< xamarinwatchos)
      System.Net.Primitives (>= 4.3) - restriction: && (< monoandroid) (< monotouch) (< net46) (>= netstandard1.3) (< xamarinios) (< xamarinmac) (< xamarintvos) (< xamarinwatchos)
      System.Runtime (>= 4.3) - restriction: && (< monoandroid) (< monotouch) (< net46) (>= netstandard1.3) (< xamarinios) (< xamarinmac) (< xamarintvos) (< xamarinwatchos)
      System.Threading.Tasks (>= 4.3) - restriction: && (< monoandroid) (< monotouch) (< net46) (>= netstandard1.3) (< xamarinios) (< xamarinmac) (< xamarintvos) (< xamarinwatchos)
    System.Net.WebHeaderCollection (4.3) - restriction: || (&& (== monoandroid8.1) (>= uap10.0)) (&& (== net471) (< netstandard2.0) (>= uap10.0)) (&& (== net471) (< portable-net45+win8+wp8) (>= uap10.0)) (&& (== netcoreapp1.0) (>= uap10.0)) (== uap10.0) (&& (== xamarinios) (>= uap10.0)) (&& (== xamarinmac) (>= uap10.0)) (&& (< monoandroid) (< monotouch) (< net45) (>= netstandard1.6) (< netstandard2.0) (< win8) (< wpa81) (< xamarinios) (< xamarinmac) (< xamarintvos) (< xamarinwatchos)) (&& (>= netstandard1.6) (< portable-net45+win8+wp8+wpa81))
      System.Collections (>= 4.3) - restriction: && (< monoandroid) (< monotouch) (< net46) (>= netstandard1.3) (< xamarinios) (< xamarinmac) (< xamarintvos) (< xamarinwatchos)
      System.Resources.ResourceManager (>= 4.3) - restriction: && (< monoandroid) (< monotouch) (< net46) (>= netstandard1.3) (< xamarinios) (< xamarinmac) (< xamarintvos) (< xamarinwatchos)
      System.Runtime (>= 4.3) - restriction: && (< monoandroid) (< monotouch) (< net46) (>= netstandard1.3) (< xamarinios) (< xamarinmac) (< xamarintvos) (< xamarinwatchos)
      System.Runtime.Extensions (>= 4.3) - restriction: && (< monoandroid) (< monotouch) (< net46) (>= netstandard1.3) (< xamarinios) (< xamarinmac) (< xamarintvos) (< xamarinwatchos)
    System.Net.WebSockets (4.3) - restriction: || (&& (== monoandroid8.1) (>= uap10.0)) (&& (== net471) (>= uap10.0)) (&& (== netcoreapp1.0) (>= uap10.0)) (== uap10.0) (&& (== xamarinios) (>= uap10.0)) (&& (== xamarinmac) (>= uap10.0))
      Microsoft.Win32.Primitives (>= 4.3) - restriction: && (< monoandroid) (< monotouch) (< net46) (>= netstandard1.3) (< xamarinios) (< xamarinmac) (< xamarintvos) (< xamarinwatchos)
      System.Resources.ResourceManager (>= 4.3) - restriction: && (< monoandroid) (< monotouch) (< net46) (>= netstandard1.3) (< xamarinios) (< xamarinmac) (< xamarintvos) (< xamarinwatchos)
      System.Runtime (>= 4.3) - restriction: && (< monoandroid) (< monotouch) (< net46) (>= netstandard1.3) (< xamarinios) (< xamarinmac) (< xamarintvos) (< xamarinwatchos)
      System.Threading.Tasks (>= 4.3) - restriction: && (< monoandroid) (< monotouch) (< net46) (>= netstandard1.3) (< xamarinios) (< xamarinmac) (< xamarintvos) (< xamarinwatchos)
    System.Net.WebSockets.Client (4.3.2) - restriction: || (&& (== monoandroid8.1) (>= uap10.0)) (&& (== monoandroid8.1) (>= uap10.1)) (&& (== net471) (>= uap10.0)) (&& (== net471) (>= uap10.1)) (&& (== netcoreapp1.0) (>= uap10.0)) (&& (== netcoreapp1.0) (>= uap10.1)) (== uap10.0) (&& (== xamarinios) (>= uap10.0)) (&& (== xamarinios) (>= uap10.1)) (&& (== xamarinmac) (>= uap10.0)) (&& (== xamarinmac) (>= uap10.1))
      Microsoft.NETCore.Platforms (>= 1.1) - restriction: || (&& (< monoandroid) (< monotouch) (< net46) (>= netstandard1.3) (< xamarinios) (< xamarinmac) (< xamarintvos) (< xamarinwatchos)) (&& (< monoandroid) (< netstandard1.3))
      Microsoft.Win32.Primitives (>= 4.3) - restriction: && (< monoandroid) (< monotouch) (< net46) (>= netstandard1.3) (< xamarinios) (< xamarinmac) (< xamarintvos) (< xamarinwatchos)
      System.Collections (>= 4.3) - restriction: || (&& (< monoandroid) (< monotouch) (< net46) (>= netstandard1.3) (< xamarinios) (< xamarinmac) (< xamarintvos) (< xamarinwatchos)) (&& (< monoandroid) (< netstandard1.3))
      System.Diagnostics.Debug (>= 4.3) - restriction: || (&& (< monoandroid) (< monotouch) (< net46) (>= netstandard1.3) (< xamarinios) (< xamarinmac) (< xamarintvos) (< xamarinwatchos)) (&& (< monoandroid) (< netstandard1.3))
      System.Diagnostics.Tracing (>= 4.3) - restriction: || (&& (< monoandroid) (< monotouch) (< net46) (>= netstandard1.3) (< xamarinios) (< xamarinmac) (< xamarintvos) (< xamarinwatchos)) (&& (< monoandroid) (< netstandard1.3))
      System.Globalization (>= 4.3) - restriction: || (&& (< monoandroid) (< monotouch) (< net46) (>= netstandard1.3) (< xamarinios) (< xamarinmac) (< xamarintvos) (< xamarinwatchos)) (&& (< monoandroid) (< netstandard1.3))
      System.IO (>= 4.3) - restriction: && (< monoandroid) (< monotouch) (< net46) (>= netstandard1.3) (< xamarinios) (< xamarinmac) (< xamarintvos) (< xamarinwatchos)
      System.Net.NameResolution (>= 4.3) - restriction: && (< monoandroid) (< monotouch) (< net46) (>= netstandard1.3) (< xamarinios) (< xamarinmac) (< xamarintvos) (< xamarinwatchos)
      System.Net.Primitives (>= 4.3) - restriction: || (&& (< monoandroid) (< monotouch) (< net46) (>= netstandard1.3) (< xamarinios) (< xamarinmac) (< xamarintvos) (< xamarinwatchos)) (&& (< monoandroid) (< netstandard1.3))
      System.Net.Security (>= 4.3) - restriction: && (< monoandroid) (< monotouch) (< net46) (>= netstandard1.3) (< xamarinios) (< xamarinmac) (< xamarintvos) (< xamarinwatchos)
      System.Net.Sockets (>= 4.3) - restriction: && (< monoandroid) (< monotouch) (< net46) (>= netstandard1.3) (< xamarinios) (< xamarinmac) (< xamarintvos) (< xamarinwatchos)
      System.Net.WebHeaderCollection (>= 4.3) - restriction: || (&& (< monoandroid) (< monotouch) (< net46) (>= netstandard1.3) (< xamarinios) (< xamarinmac) (< xamarintvos) (< xamarinwatchos)) (&& (< monoandroid) (< netstandard1.3))
      System.Net.WebSockets (>= 4.3) - restriction: || (&& (< monoandroid) (< monotouch) (>= netstandard1.3) (< xamarinios) (< xamarinmac) (< xamarintvos) (< xamarinwatchos)) (&& (< monoandroid) (< netstandard1.3)) (>= net46)
      System.Resources.ResourceManager (>= 4.3) - restriction: || (&& (< monoandroid) (< monotouch) (< net46) (>= netstandard1.3) (< xamarinios) (< xamarinmac) (< xamarintvos) (< xamarinwatchos)) (&& (< monoandroid) (< netstandard1.3))
      System.Runtime (>= 4.3) - restriction: || (&& (< monoandroid) (< monotouch) (< net46) (>= netstandard1.3) (< xamarinios) (< xamarinmac) (< xamarintvos) (< xamarinwatchos)) (&& (< monoandroid) (< netstandard1.3))
      System.Runtime.Extensions (>= 4.3) - restriction: || (&& (< monoandroid) (< monotouch) (< net46) (>= netstandard1.3) (< xamarinios) (< xamarinmac) (< xamarintvos) (< xamarinwatchos)) (&& (< monoandroid) (< netstandard1.3))
      System.Runtime.Handles (>= 4.3) - restriction: && (< monoandroid) (< monotouch) (< net46) (>= netstandard1.3) (< xamarinios) (< xamarinmac) (< xamarintvos) (< xamarinwatchos)
      System.Runtime.InteropServices (>= 4.3) - restriction: && (< monoandroid) (< monotouch) (< net46) (>= netstandard1.3) (< xamarinios) (< xamarinmac) (< xamarintvos) (< xamarinwatchos)
      System.Security.Cryptography.Algorithms (>= 4.3) - restriction: && (< monoandroid) (< monotouch) (< net46) (>= netstandard1.3) (< xamarinios) (< xamarinmac) (< xamarintvos) (< xamarinwatchos)
      System.Security.Cryptography.Primitives (>= 4.3) - restriction: && (< monoandroid) (< monotouch) (< net46) (>= netstandard1.3) (< xamarinios) (< xamarinmac) (< xamarintvos) (< xamarinwatchos)
      System.Security.Cryptography.X509Certificates (>= 4.3) - restriction: || (&& (< monoandroid) (< monotouch) (>= netstandard1.3) (< xamarinios) (< xamarinmac) (< xamarintvos) (< xamarinwatchos)) (&& (< monoandroid) (< netstandard1.3)) (>= net46)
      System.Text.Encoding (>= 4.3) - restriction: || (&& (< monoandroid) (< monotouch) (< net46) (>= netstandard1.3) (< xamarinios) (< xamarinmac) (< xamarintvos) (< xamarinwatchos)) (&& (< monoandroid) (< netstandard1.3))
      System.Text.Encoding.Extensions (>= 4.3) - restriction: && (< monoandroid) (< monotouch) (< net46) (>= netstandard1.3) (< xamarinios) (< xamarinmac) (< xamarintvos) (< xamarinwatchos)
      System.Threading (>= 4.3) - restriction: || (&& (< monoandroid) (< monotouch) (< net46) (>= netstandard1.3) (< xamarinios) (< xamarinmac) (< xamarintvos) (< xamarinwatchos)) (&& (< monoandroid) (< netstandard1.3))
      System.Threading.Tasks (>= 4.3) - restriction: || (&& (< monoandroid) (< monotouch) (< net46) (>= netstandard1.3) (< xamarinios) (< xamarinmac) (< xamarintvos) (< xamarinwatchos)) (&& (< monoandroid) (< netstandard1.3))
      System.Threading.Timer (>= 4.3) - restriction: && (< monoandroid) (< monotouch) (< net46) (>= netstandard1.3) (< xamarinios) (< xamarinmac) (< xamarintvos) (< xamarinwatchos)
    System.Numerics.Vectors (4.5) - restriction: || (== monoandroid8.1) (== net471) (== netcoreapp1.0) (== uap10.0) (== xamarinios) (== xamarinmac) (&& (< net45) (>= net461) (>= netstandard2.0)) (&& (< net45) (< netcoreapp2.0) (< netcoreapp2.1) (>= netstandard2.0))
      NETStandard.Library (>= 1.6.1) - restriction: && (< monoandroid) (< monotouch) (< net45) (>= netstandard1.0) (< netstandard2.0) (< win8) (< wp8) (< wpa81) (< xamarinios) (< xamarinmac) (< xamarintvos) (< xamarinwatchos)
    System.Numerics.Vectors.WindowsRuntime (4.3) - restriction: || (&& (== monoandroid8.1) (>= uap10.0)) (&& (== net471) (>= uap10.0)) (&& (== netcoreapp1.0) (>= uap10.0)) (== uap10.0) (&& (== xamarinios) (>= uap10.0)) (&& (== xamarinmac) (>= uap10.0))
      System.Numerics.Vectors (>= 4.3) - restriction: >= uap10.0
      System.Runtime (>= 4.3) - restriction: >= uap10.0
      System.Runtime.WindowsRuntime (>= 4.3) - restriction: >= uap10.0
    System.ObjectModel (4.3) - restriction: || (&& (== monoandroid8.1) (>= uap10.0)) (&& (== net471) (< netstandard1.2) (>= uap10.0)) (&& (== net471) (< netstandard1.3) (>= uap10.0)) (&& (== net471) (< netstandard1.4) (>= uap10.0)) (&& (== net471) (< netstandard1.5) (>= uap10.0)) (&& (== net471) (< netstandard1.6) (>= uap10.0)) (&& (== net471) (< netstandard2.0) (>= uap10.0)) (&& (== net471) (< portable-net45+win8+wpa81) (>= uap10.0)) (&& (== netcoreapp1.0) (>= uap10.0)) (== uap10.0) (&& (== xamarinios) (>= uap10.0)) (&& (== xamarinmac) (>= uap10.0)) (&& (< monoandroid) (< monotouch) (< net45) (>= netstandard1.6) (< netstandard2.0) (< xamarinios) (< xamarinmac) (< xamarintvos) (< xamarinwatchos))
    System.Private.ServiceModel (4.5.3) - restriction: || (&& (== monoandroid8.1) (>= uap10.0)) (&& (== monoandroid8.1) (>= uap10.1)) (&& (== net471) (>= uap10.0)) (&& (== net471) (>= uap10.1)) (&& (== netcoreapp1.0) (>= uap10.0)) (&& (== netcoreapp1.0) (>= uap10.1)) (== uap10.0) (&& (== xamarinios) (>= uap10.0)) (&& (== xamarinios) (>= uap10.1)) (&& (== xamarinmac) (>= uap10.0)) (&& (== xamarinmac) (>= uap10.1))
      Microsoft.NETCore.Platforms (>= 2.1)
      NETStandard.Library (>= 1.6.1) - restriction: || (&& (>= netstandard1.3) (< netstandard2.0) (< uap10.1)) (< netstandard1.3)
      System.Collections.NonGeneric (>= 4.3) - restriction: || (&& (>= netstandard1.3) (< netstandard2.0) (< uap10.1)) (< netstandard1.3)
      System.Collections.Specialized (>= 4.3) - restriction: || (&& (>= netstandard1.3) (< netstandard2.0) (< uap10.1)) (< netstandard1.3)
      System.ComponentModel.EventBasedAsync (>= 4.3) - restriction: || (&& (>= netstandard1.3) (< netstandard2.0) (< uap10.1)) (< netstandard1.3)
      System.Linq.Queryable (>= 4.3) - restriction: || (&& (>= netstandard1.3) (< netstandard2.0) (< uap10.1)) (< netstandard1.3)
      System.Net.NameResolution (>= 4.3) - restriction: && (>= netstandard1.3) (< netstandard2.0) (< uap10.1)
      System.Net.Security (>= 4.3) - restriction: && (>= netstandard1.3) (< netstandard2.0) (< uap10.1)
      System.Net.WebHeaderCollection (>= 4.3) - restriction: || (&& (>= netstandard1.3) (< netstandard2.0) (< uap10.1)) (< netstandard1.3)
      System.Net.WebSockets (>= 4.3) - restriction: || (&& (>= netstandard1.3) (< netstandard2.0) (< uap10.1)) (< netstandard1.3)
      System.Net.WebSockets.Client (>= 4.3) - restriction: || (&& (>= netstandard1.3) (< netstandard2.0) (< uap10.1)) (< netstandard1.3)
      System.Reflection.DispatchProxy (>= 4.3) - restriction: && (>= netstandard1.3) (< netstandard2.0) (< uap10.1)
      System.Reflection.TypeExtensions (>= 4.4) - restriction: || (&& (>= netstandard1.3) (< netstandard2.0) (< uap10.1)) (< netstandard1.3)
      System.Runtime.Serialization.Primitives (>= 4.3) - restriction: || (&& (>= netstandard1.3) (< netstandard2.0) (< uap10.1)) (< netstandard1.3)
      System.Runtime.Serialization.Xml (>= 4.3) - restriction: || (&& (>= netstandard1.3) (< netstandard2.0) (< uap10.1)) (< netstandard1.3)
      System.Security.Claims (>= 4.3) - restriction: || (&& (>= netstandard1.3) (< netstandard2.0) (< uap10.1)) (< netstandard1.3)
      System.Security.Principal (>= 4.3) - restriction: || (&& (>= netstandard1.3) (< netstandard2.0) (< uap10.1)) (< netstandard1.3)
      System.Security.Principal.Windows (>= 4.3) - restriction: && (>= netstandard1.3) (< netstandard2.0) (< uap10.1)
      System.Xml.XmlDocument (>= 4.3) - restriction: || (&& (>= netstandard1.3) (< netstandard2.0) (< uap10.1)) (< netstandard1.3)
      System.Xml.XmlSerializer (>= 4.3) - restriction: || (&& (>= netstandard1.3) (< netstandard2.0) (< uap10.1)) (< netstandard1.3)
    System.Reflection (4.3) - restriction: || (&& (== monoandroid8.1) (>= uap10.0)) (&& (== net471) (< netstandard1.2) (>= uap10.0)) (&& (== net471) (< netstandard1.3) (>= uap10.0)) (&& (== net471) (< netstandard1.4) (>= uap10.0)) (&& (== net471) (< netstandard1.5) (>= uap10.0)) (&& (== net471) (< netstandard1.6) (>= uap10.0)) (&& (== net471) (< netstandard2.0) (>= uap10.0)) (&& (== net471) (< portable-net45+win8+wpa81) (>= uap10.0)) (&& (== netcoreapp1.0) (>= uap10.0)) (== uap10.0) (&& (== xamarinios) (>= uap10.0)) (&& (== xamarinmac) (>= uap10.0)) (&& (< monoandroid) (< net45) (< netstandard1.3) (>= netstandard1.6) (< win8) (< wpa81)) (&& (< net45) (>= netstandard1.6) (< netstandard2.0)) (&& (>= netstandard1.6) (< portable-net45+win8+wp8+wpa81))
      Microsoft.NETCore.Platforms (>= 1.1) - restriction: || (&& (< monoandroid) (< monotouch) (< net45) (>= netstandard1.5) (< win8) (< wpa81) (< xamarinios) (< xamarinmac) (< xamarintvos) (< xamarinwatchos)) (&& (< monoandroid) (< net45) (>= netstandard1.0) (< netstandard1.3) (< win8) (< wp8) (< wpa81)) (&& (< monoandroid) (< net45) (>= netstandard1.3) (< netstandard1.5) (< win8) (< wpa81)) (< portable-net45+win8+wp8+wpa81)
      Microsoft.NETCore.Targets (>= 1.1) - restriction: || (&& (< monoandroid) (< monotouch) (< net45) (>= netstandard1.5) (< win8) (< wpa81) (< xamarinios) (< xamarinmac) (< xamarintvos) (< xamarinwatchos)) (&& (< monoandroid) (< net45) (>= netstandard1.0) (< netstandard1.3) (< win8) (< wp8) (< wpa81)) (&& (< monoandroid) (< net45) (>= netstandard1.3) (< netstandard1.5) (< win8) (< wpa81)) (< portable-net45+win8+wp8+wpa81)
      System.IO (>= 4.3) - restriction: || (&& (< monoandroid) (< monotouch) (< net45) (>= netstandard1.5) (< win8) (< wpa81) (< xamarinios) (< xamarinmac) (< xamarintvos) (< xamarinwatchos)) (&& (< monoandroid) (< net45) (>= netstandard1.0) (< netstandard1.3) (< win8) (< wp8) (< wpa81)) (&& (< monoandroid) (< net45) (>= netstandard1.3) (< netstandard1.5) (< win8) (< wpa81)) (< portable-net45+win8+wp8+wpa81)
      System.Reflection.Primitives (>= 4.3) - restriction: || (&& (< monoandroid) (< monotouch) (< net45) (>= netstandard1.5) (< win8) (< wpa81) (< xamarinios) (< xamarinmac) (< xamarintvos) (< xamarinwatchos)) (&& (< monoandroid) (< net45) (>= netstandard1.0) (< netstandard1.3) (< win8) (< wp8) (< wpa81)) (&& (< monoandroid) (< net45) (>= netstandard1.3) (< netstandard1.5) (< win8) (< wpa81)) (< portable-net45+win8+wp8+wpa81)
      System.Runtime (>= 4.3) - restriction: || (&& (< monoandroid) (< monotouch) (< net45) (>= netstandard1.5) (< win8) (< wpa81) (< xamarinios) (< xamarinmac) (< xamarintvos) (< xamarinwatchos)) (&& (< monoandroid) (< net45) (>= netstandard1.0) (< netstandard1.3) (< win8) (< wp8) (< wpa81)) (&& (< monoandroid) (< net45) (>= netstandard1.3) (< netstandard1.5) (< win8) (< wpa81)) (< portable-net45+win8+wp8+wpa81)
    System.Reflection.Context (4.3) - restriction: || (&& (== monoandroid8.1) (>= uap10.0)) (&& (== net471) (>= uap10.0)) (&& (== netcoreapp1.0) (>= uap10.0)) (== uap10.0) (&& (== xamarinios) (>= uap10.0)) (&& (== xamarinmac) (>= uap10.0))
    System.Reflection.DispatchProxy (4.5.1) - restriction: || (&& (== monoandroid8.1) (>= uap10.0)) (&& (== monoandroid8.1) (>= uap10.1)) (&& (== net471) (< netstandard2.0) (>= uap10.0)) (&& (== net471) (>= uap10.1)) (&& (== netcoreapp1.0) (>= uap10.0)) (&& (== netcoreapp1.0) (>= uap10.1)) (== uap10.0) (&& (== xamarinios) (>= uap10.0)) (&& (== xamarinios) (>= uap10.1)) (&& (== xamarinmac) (>= uap10.0)) (&& (== xamarinmac) (>= uap10.1))
      NETStandard.Library (>= 1.6.1) - restriction: || (&& (< monoandroid) (< monotouch) (< net46) (>= netstandard1.3) (< netstandard2.0) (< uap10.1) (< xamarinios) (< xamarinmac) (< xamarintvos) (< xamarinwatchos)) (&& (< monoandroid) (< netstandard1.3))
      System.Reflection.Emit (>= 4.3) - restriction: || (&& (< monoandroid) (< monotouch) (< net46) (>= netstandard1.3) (< netstandard2.0) (< xamarinios) (< xamarinmac) (< xamarintvos) (< xamarinwatchos)) (>= uap10.1)
      System.Reflection.Emit.ILGeneration (>= 4.3) - restriction: || (&& (< monoandroid) (< monotouch) (< net46) (>= netstandard1.3) (< netstandard2.0) (< xamarinios) (< xamarinmac) (< xamarintvos) (< xamarinwatchos)) (>= uap10.1)
    System.Reflection.Emit (4.3) - restriction: || (&& (== monoandroid8.1) (>= uap10.0)) (&& (== monoandroid8.1) (>= uap10.1)) (&& (== net471) (< netstandard2.0) (>= uap10.0)) (&& (== net471) (>= uap10.1)) (&& (== netcoreapp1.0) (>= uap10.0)) (&& (== netcoreapp1.0) (>= uap10.1)) (== uap10.0) (&& (== xamarinios) (>= uap10.0)) (&& (== xamarinios) (>= uap10.1)) (&& (== xamarinmac) (>= uap10.0)) (&& (== xamarinmac) (>= uap10.1)) (&& (< monoandroid) (< monotouch) (< net45) (>= netstandard1.6) (< netstandard2.0) (< xamarinios) (< xamarinmac) (< xamarintvos) (< xamarinwatchos))
      System.IO (>= 4.3) - restriction: && (< monoandroid) (< monotouch) (< net45) (>= netstandard1.1) (< xamarinios) (< xamarinmac) (< xamarintvos) (< xamarinwatchos)
      System.Reflection (>= 4.3) - restriction: && (< monoandroid) (< monotouch) (< net45) (>= netstandard1.1) (< xamarinios) (< xamarinmac) (< xamarintvos) (< xamarinwatchos)
      System.Reflection.Emit.ILGeneration (>= 4.3) - restriction: && (< monoandroid) (< monotouch) (< net45) (>= netstandard1.1) (< xamarinios) (< xamarinmac) (< xamarintvos) (< xamarinwatchos)
      System.Reflection.Primitives (>= 4.3) - restriction: && (< monoandroid) (< monotouch) (< net45) (>= netstandard1.1) (< xamarinios) (< xamarinmac) (< xamarintvos) (< xamarinwatchos)
      System.Runtime (>= 4.3) - restriction: && (< monoandroid) (< monotouch) (< net45) (>= netstandard1.1) (< xamarinios) (< xamarinmac) (< xamarintvos) (< xamarinwatchos)
    System.Reflection.Emit.ILGeneration (4.3) - restriction: || (&& (== monoandroid8.1) (>= uap10.0)) (&& (== monoandroid8.1) (>= uap10.1)) (&& (== net471) (< netstandard2.0) (>= uap10.0)) (&& (== net471) (>= uap10.1)) (&& (== netcoreapp1.0) (>= uap10.0)) (&& (== netcoreapp1.0) (>= uap10.1)) (== uap10.0) (&& (== xamarinios) (>= uap10.0)) (&& (== xamarinios) (>= uap10.1)) (&& (== xamarinmac) (>= uap10.0)) (&& (== xamarinmac) (>= uap10.1)) (&& (< monoandroid) (< monotouch) (< net45) (>= netstandard1.6) (< netstandard2.0) (< xamarinios) (< xamarinmac) (< xamarintvos) (< xamarinwatchos)) (&& (>= netstandard1.6) (< portable-net45+win8+wp8+wpa81))
      System.Reflection (>= 4.3) - restriction: && (< monoandroid) (< monotouch) (< net45) (>= netstandard1.0) (< wp8) (< xamarinios) (< xamarinmac) (< xamarintvos) (< xamarinwatchos)
      System.Reflection.Primitives (>= 4.3) - restriction: && (< monoandroid) (< monotouch) (< net45) (>= netstandard1.0) (< wp8) (< xamarinios) (< xamarinmac) (< xamarintvos) (< xamarinwatchos)
      System.Runtime (>= 4.3) - restriction: && (< monoandroid) (< monotouch) (< net45) (>= netstandard1.0) (< wp8) (< xamarinios) (< xamarinmac) (< xamarintvos) (< xamarinwatchos)
    System.Reflection.Emit.Lightweight (4.3) - restriction: || (&& (< monoandroid) (< monotouch) (< net45) (>= netstandard1.6) (< netstandard2.0) (< xamarinios) (< xamarinmac) (< xamarintvos) (< xamarinwatchos)) (&& (>= netstandard1.6) (< portable-net45+win8+wp8+wpa81))
      System.Reflection (>= 4.3) - restriction: && (< monoandroid) (< monotouch) (< net45) (>= netstandard1.0) (< wp8) (< xamarinios) (< xamarinmac) (< xamarintvos) (< xamarinwatchos)
      System.Reflection.Emit.ILGeneration (>= 4.3) - restriction: && (< monoandroid) (< monotouch) (< net45) (>= netstandard1.0) (< wp8) (< xamarinios) (< xamarinmac) (< xamarintvos) (< xamarinwatchos)
      System.Reflection.Primitives (>= 4.3) - restriction: && (< monoandroid) (< monotouch) (< net45) (>= netstandard1.0) (< wp8) (< xamarinios) (< xamarinmac) (< xamarintvos) (< xamarinwatchos)
      System.Runtime (>= 4.3) - restriction: && (< monoandroid) (< monotouch) (< net45) (>= netstandard1.0) (< wp8) (< xamarinios) (< xamarinmac) (< xamarintvos) (< xamarinwatchos)
    System.Reflection.Extensions (4.3) - restriction: || (&& (== monoandroid8.1) (>= uap10.0)) (&& (== net471) (< netstandard1.2) (>= uap10.0)) (&& (== net471) (< netstandard1.3) (>= uap10.0)) (&& (== net471) (< netstandard1.4) (>= uap10.0)) (&& (== net471) (< netstandard1.5) (>= uap10.0)) (&& (== net471) (< netstandard1.6) (>= uap10.0)) (&& (== net471) (< netstandard2.0) (>= uap10.0)) (&& (== net471) (< portable-net45+win8+wpa81) (>= uap10.0)) (&& (== netcoreapp1.0) (>= uap10.0)) (== uap10.0) (&& (== xamarinios) (>= uap10.0)) (&& (== xamarinmac) (>= uap10.0)) (&& (< net45) (>= netstandard1.6) (< netstandard2.0)) (&& (>= netstandard1.6) (< portable-net45+win8+wp8+wpa81))
      Microsoft.NETCore.Platforms (>= 1.1) - restriction: || (&& (< monoandroid) (< monotouch) (< net45) (>= netstandard1.0) (< win8) (< wp8) (< wpa81) (< xamarinios) (< xamarinmac) (< xamarintvos) (< xamarinwatchos)) (< portable-net45+win8+wp8+wpa81)
      Microsoft.NETCore.Targets (>= 1.1) - restriction: || (&& (< monoandroid) (< monotouch) (< net45) (>= netstandard1.0) (< win8) (< wp8) (< wpa81) (< xamarinios) (< xamarinmac) (< xamarintvos) (< xamarinwatchos)) (< portable-net45+win8+wp8+wpa81)
      System.Reflection (>= 4.3) - restriction: || (&& (< monoandroid) (< monotouch) (< net45) (>= netstandard1.0) (< win8) (< wp8) (< wpa81) (< xamarinios) (< xamarinmac) (< xamarintvos) (< xamarinwatchos)) (< portable-net45+win8+wp8+wpa81)
      System.Runtime (>= 4.3) - restriction: || (&& (< monoandroid) (< monotouch) (< net45) (>= netstandard1.0) (< win8) (< wp8) (< wpa81) (< xamarinios) (< xamarinmac) (< xamarintvos) (< xamarinwatchos)) (< portable-net45+win8+wp8+wpa81)
    System.Reflection.Metadata (1.6) - restriction: || (&& (== monoandroid8.1) (>= uap10.0)) (&& (== net471) (>= uap10.0)) (&& (== netcoreapp1.0) (>= uap10.0)) (== uap10.0) (&& (== xamarinios) (>= uap10.0)) (&& (== xamarinmac) (>= uap10.0))
      System.Collections.Immutable (>= 1.5) - restriction: || (>= net45) (&& (< netcoreapp2.1) (>= netstandard2.0)) (&& (>= netstandard1.1) (< netstandard2.0) (< win8) (< wpa81)) (&& (< netstandard1.1) (>= portable-net45+win8+wpa81) (< win8)) (&& (< netstandard1.1) (>= win8)) (&& (< netstandard2.0) (< uap10.1) (>= wpa81))
    System.Reflection.Primitives (4.3) - restriction: || (&& (== monoandroid8.1) (>= uap10.0)) (&& (== net471) (< netstandard1.2) (>= uap10.0)) (&& (== net471) (< netstandard1.3) (>= uap10.0)) (&& (== net471) (< netstandard1.4) (>= uap10.0)) (&& (== net471) (< netstandard1.5) (>= uap10.0)) (&& (== net471) (< netstandard1.6) (>= uap10.0)) (&& (== net471) (< netstandard2.0) (>= uap10.0)) (&& (== net471) (< portable-net45+win8+wpa81) (>= uap10.0)) (&& (== netcoreapp1.0) (>= uap10.0)) (== uap10.0) (&& (== xamarinios) (>= uap10.0)) (&& (== xamarinmac) (>= uap10.0)) (&& (< monoandroid) (< monotouch) (< net45) (>= netstandard1.6) (< netstandard2.0) (< xamarinios) (< xamarinmac) (< xamarintvos) (< xamarinwatchos)) (&& (>= netstandard1.6) (< portable-net45+win8+wp8+wpa81))
    System.Reflection.TypeExtensions (4.5) - restriction: || (&& (== monoandroid8.1) (>= uap10.0)) (&& (== monoandroid8.1) (>= uap10.1)) (&& (== net471) (< netstandard1.3) (>= uap10.0)) (&& (== net471) (< netstandard2.0) (>= uap10.0)) (&& (== net471) (>= uap10.1)) (&& (== netcoreapp1.0) (>= uap10.0)) (&& (== netcoreapp1.0) (>= uap10.1)) (== uap10.0) (&& (== xamarinios) (>= uap10.0)) (&& (== xamarinios) (>= uap10.1)) (&& (== xamarinmac) (>= uap10.0)) (&& (== xamarinmac) (>= uap10.1)) (&& (< monoandroid) (< monotouch) (< net45) (>= netstandard1.6) (< netstandard2.0) (< xamarinios) (< xamarinmac) (< xamarintvos) (< xamarinwatchos)) (&& (>= netstandard1.6) (< portable-net45+win8+wp8+wpa81))
      System.Reflection (>= 4.3) - restriction: || (&& (< monoandroid) (< monotouch) (< net46) (< netcoreapp1.0) (>= netstandard1.5) (< netstandard2.0) (< xamarinios) (< xamarinmac) (< xamarintvos) (< xamarinwatchos)) (&& (< monoandroid) (< net46) (>= netstandard1.3) (< netstandard1.5) (< uap10.1)) (&& (< monoandroid) (< netstandard1.3)) (&& (>= netcoreapp1.0) (< netstandard2.0))
      System.Resources.ResourceManager (>= 4.3) - restriction: || (&& (< monoandroid) (< monotouch) (< net46) (< netcoreapp1.0) (>= netstandard1.5) (< netstandard2.0) (< xamarinios) (< xamarinmac) (< xamarintvos) (< xamarinwatchos)) (&& (< monoandroid) (< net46) (>= netstandard1.3) (< netstandard1.5) (< uap10.1)) (&& (< monoandroid) (< netstandard1.3)) (&& (>= netcoreapp1.0) (< netstandard2.0))
      System.Runtime (>= 4.3) - restriction: || (&& (< monoandroid) (< monotouch) (< net46) (< netcoreapp1.0) (>= netstandard1.5) (< netstandard2.0) (< xamarinios) (< xamarinmac) (< xamarintvos) (< xamarinwatchos)) (&& (< monoandroid) (< net46) (>= netstandard1.3) (< netstandard1.5) (< uap10.1)) (&& (< monoandroid) (< netstandard1.3)) (&& (>= netcoreapp1.0) (< netstandard2.0))
    System.Resources.ResourceManager (4.3) - restriction: || (&& (== monoandroid8.1) (>= uap10.0)) (&& (== net471) (< netstandard1.2) (>= uap10.0)) (&& (== net471) (< netstandard1.3) (>= uap10.0)) (&& (== net471) (< netstandard1.4) (>= uap10.0)) (&& (== net471) (< netstandard1.5) (>= uap10.0)) (&& (== net471) (< netstandard1.6) (>= uap10.0)) (&& (== net471) (< netstandard2.0) (>= uap10.0)) (&& (== net471) (< portable-net45+win8+wpa81) (>= uap10.0)) (&& (== netcoreapp1.0) (>= uap10.0)) (== uap10.0) (&& (== xamarinios) (>= uap10.0)) (&& (== xamarinmac) (>= uap10.0)) (&& (< net45) (>= netstandard1.6) (< netstandard2.0)) (&& (>= netstandard1.6) (< portable-net45+win8+wp8+wpa81))
      Microsoft.NETCore.Platforms (>= 1.1) - restriction: || (&& (< monoandroid) (< monotouch) (< net45) (>= netstandard1.0) (< win8) (< wp8) (< wpa81) (< xamarinios) (< xamarinmac) (< xamarintvos) (< xamarinwatchos)) (< portable-net45+win8+wp8+wpa81)
      Microsoft.NETCore.Targets (>= 1.1) - restriction: || (&& (< monoandroid) (< monotouch) (< net45) (>= netstandard1.0) (< win8) (< wp8) (< wpa81) (< xamarinios) (< xamarinmac) (< xamarintvos) (< xamarinwatchos)) (< portable-net45+win8+wp8+wpa81)
      System.Globalization (>= 4.3) - restriction: || (&& (< monoandroid) (< monotouch) (< net45) (>= netstandard1.0) (< win8) (< wp8) (< wpa81) (< xamarinios) (< xamarinmac) (< xamarintvos) (< xamarinwatchos)) (< portable-net45+win8+wp8+wpa81)
      System.Reflection (>= 4.3) - restriction: || (&& (< monoandroid) (< monotouch) (< net45) (>= netstandard1.0) (< win8) (< wp8) (< wpa81) (< xamarinios) (< xamarinmac) (< xamarintvos) (< xamarinwatchos)) (< portable-net45+win8+wp8+wpa81)
      System.Runtime (>= 4.3) - restriction: || (&& (< monoandroid) (< monotouch) (< net45) (>= netstandard1.0) (< win8) (< wp8) (< wpa81) (< xamarinios) (< xamarinmac) (< xamarintvos) (< xamarinwatchos)) (< portable-net45+win8+wp8+wpa81)
    System.Runtime (4.3) - restriction: || (&& (== monoandroid8.1) (>= uap10.0)) (&& (== net471) (< netstandard1.2) (>= uap10.0)) (&& (== net471) (< netstandard1.3) (>= uap10.0)) (&& (== net471) (< netstandard1.4) (>= uap10.0)) (&& (== net471) (< netstandard1.5) (>= uap10.0)) (&& (== net471) (< netstandard1.6) (>= uap10.0)) (&& (== net471) (< netstandard2.0) (>= uap10.0)) (&& (== net471) (< portable-net45+win8+wpa81) (>= uap10.0)) (&& (== netcoreapp1.0) (>= uap10.0)) (== uap10.0) (&& (== xamarinios) (>= uap10.0)) (&& (== xamarinmac) (>= uap10.0)) (&& (< monoandroid) (< net45) (< netstandard1.3) (>= netstandard1.6) (< win8) (< wpa81)) (&& (< monoandroid) (< net45) (< netstandard1.5) (>= netstandard1.6) (< win8) (< wpa81)) (&& (< net45) (>= netstandard1.6) (< netstandard2.0)) (&& (>= netstandard1.6) (< portable-net45+win8+wp8+wpa81))
      Microsoft.NETCore.Platforms (>= 1.1) - restriction: || (&& (< monoandroid) (< monotouch) (< net45) (>= netstandard1.5) (< win8) (< wpa81) (< xamarinios) (< xamarinmac) (< xamarintvos) (< xamarinwatchos)) (&& (< monoandroid) (< net45) (>= netstandard1.0) (< netstandard1.2) (< win8) (< wp8)) (&& (< monoandroid) (< net45) (>= netstandard1.2) (< netstandard1.3) (< win8) (< wpa81)) (&& (< monoandroid) (< net45) (>= netstandard1.3) (< netstandard1.5) (< win8) (< wpa81)) (< portable-net45+win8+wp8+wpa81)
      Microsoft.NETCore.Targets (>= 1.1) - restriction: || (&& (< monoandroid) (< monotouch) (< net45) (>= netstandard1.5) (< win8) (< wpa81) (< xamarinios) (< xamarinmac) (< xamarintvos) (< xamarinwatchos)) (&& (< monoandroid) (< net45) (>= netstandard1.0) (< netstandard1.2) (< win8) (< wp8)) (&& (< monoandroid) (< net45) (>= netstandard1.2) (< netstandard1.3) (< win8) (< wpa81)) (&& (< monoandroid) (< net45) (>= netstandard1.3) (< netstandard1.5) (< win8) (< wpa81)) (< portable-net45+win8+wp8+wpa81)
    System.Runtime.CompilerServices.Unsafe (4.5.1) - restriction: || (&& (>= monoandroid) (>= netstandard2.0)) (&& (>= monotouch) (>= netstandard2.0)) (&& (< net45) (>= net461) (>= netstandard2.0)) (&& (< net45) (< netcoreapp2.1) (>= netstandard2.0)) (>= netcoreapp2.0) (&& (< netstandard1.1) (>= netstandard2.0) (>= win8)) (&& (< netstandard1.1) (>= netstandard2.0) (< win8)) (&& (>= netstandard2.0) (>= uap10.1)) (&& (>= netstandard2.0) (>= xamarinios)) (&& (>= netstandard2.0) (>= xamarinmac)) (&& (>= netstandard2.0) (>= xamarintvos)) (&& (>= netstandard2.0) (>= xamarinwatchos))
    System.Runtime.Extensions (4.3) - restriction: || (&& (== monoandroid8.1) (>= uap10.0)) (&& (== net471) (< netstandard1.2) (>= uap10.0)) (&& (== net471) (< netstandard1.3) (>= uap10.0)) (&& (== net471) (< netstandard1.4) (>= uap10.0)) (&& (== net471) (< netstandard1.5) (>= uap10.0)) (&& (== net471) (< netstandard1.6) (>= uap10.0)) (&& (== net471) (< netstandard2.0) (>= uap10.0)) (&& (== net471) (< portable-net45+win8+wpa81) (>= uap10.0)) (&& (== netcoreapp1.0) (>= uap10.0)) (== uap10.0) (&& (== xamarinios) (>= uap10.0)) (&& (== xamarinmac) (>= uap10.0)) (&& (< net45) (>= netstandard1.6) (< netstandard2.0)) (&& (>= netstandard1.6) (< portable-net45+win8+wp8+wpa81))
      Microsoft.NETCore.Platforms (>= 1.1) - restriction: || (&& (< monoandroid) (< monotouch) (< net45) (>= netstandard1.5) (< win8) (< wpa81) (< xamarinios) (< xamarinmac) (< xamarintvos) (< xamarinwatchos)) (&& (< monoandroid) (< net45) (>= netstandard1.0) (< netstandard1.3) (< win8) (< wp8) (< wpa81)) (&& (< monoandroid) (< net45) (>= netstandard1.3) (< netstandard1.5) (< win8) (< wpa81)) (< portable-net45+win8+wp8+wpa81)
      Microsoft.NETCore.Targets (>= 1.1) - restriction: || (&& (< monoandroid) (< monotouch) (< net45) (>= netstandard1.5) (< win8) (< wpa81) (< xamarinios) (< xamarinmac) (< xamarintvos) (< xamarinwatchos)) (&& (< monoandroid) (< net45) (>= netstandard1.0) (< netstandard1.3) (< win8) (< wp8) (< wpa81)) (&& (< monoandroid) (< net45) (>= netstandard1.3) (< netstandard1.5) (< win8) (< wpa81)) (< portable-net45+win8+wp8+wpa81)
      System.Runtime (>= 4.3) - restriction: || (&& (< monoandroid) (< monotouch) (< net45) (>= netstandard1.5) (< win8) (< wpa81) (< xamarinios) (< xamarinmac) (< xamarintvos) (< xamarinwatchos)) (&& (< monoandroid) (< net45) (>= netstandard1.0) (< netstandard1.3) (< win8) (< wp8) (< wpa81)) (&& (< monoandroid) (< net45) (>= netstandard1.3) (< netstandard1.5) (< win8) (< wpa81)) (< portable-net45+win8+wp8+wpa81)
    System.Runtime.Handles (4.3) - restriction: || (&& (== monoandroid8.1) (>= uap10.0)) (&& (== net471) (< netstandard1.4) (>= uap10.0)) (&& (== net471) (< netstandard1.5) (>= uap10.0)) (&& (== net471) (< netstandard1.6) (>= uap10.0)) (&& (== net471) (< netstandard2.0) (>= uap10.0)) (&& (== netcoreapp1.0) (>= uap10.0)) (== uap10.0) (&& (== xamarinios) (>= uap10.0)) (&& (== xamarinmac) (>= uap10.0)) (&& (< monoandroid) (< monotouch) (< net45) (>= netstandard1.6) (< netstandard2.0) (< xamarinios) (< xamarinmac) (< xamarintvos) (< xamarinwatchos))
      Microsoft.NETCore.Platforms (>= 1.1) - restriction: && (< monoandroid) (< monotouch) (< net46) (>= netstandard1.3) (< xamarinios) (< xamarinmac) (< xamarintvos) (< xamarinwatchos)
      Microsoft.NETCore.Targets (>= 1.1) - restriction: && (< monoandroid) (< monotouch) (< net46) (>= netstandard1.3) (< xamarinios) (< xamarinmac) (< xamarintvos) (< xamarinwatchos)
      System.Runtime (>= 4.3) - restriction: && (< monoandroid) (< monotouch) (< net46) (>= netstandard1.3) (< xamarinios) (< xamarinmac) (< xamarintvos) (< xamarinwatchos)
    System.Runtime.InteropServices (4.3) - restriction: || (&& (== monoandroid8.1) (>= uap10.0)) (&& (== net471) (< netstandard1.2) (>= uap10.0)) (&& (== net471) (< netstandard1.3) (>= uap10.0)) (&& (== net471) (< netstandard1.4) (>= uap10.0)) (&& (== net471) (< netstandard1.5) (>= uap10.0)) (&& (== net471) (< netstandard1.6) (>= uap10.0)) (&& (== net471) (< netstandard2.0) (>= uap10.0)) (&& (== netcoreapp1.0) (>= uap10.0)) (== uap10.0) (&& (== xamarinios) (>= uap10.0)) (&& (== xamarinmac) (>= uap10.0)) (&& (< net45) (>= netstandard2.0)) (&& (>= netcoreapp1.1) (>= netstandard2.0))
    System.Runtime.InteropServices.RuntimeInformation (4.3) - restriction: || (&& (== monoandroid8.1) (>= uap10.0)) (&& (== net471) (< netstandard1.0) (>= uap10.0)) (&& (== net471) (< netstandard1.2) (>= uap10.0)) (&& (== net471) (< netstandard1.3) (>= uap10.0)) (&& (== net471) (< netstandard1.4) (>= uap10.0)) (&& (== net471) (< netstandard1.5) (>= uap10.0)) (&& (== net471) (< netstandard1.6) (>= uap10.0)) (&& (== net471) (< netstandard2.0) (>= uap10.0)) (&& (== netcoreapp1.0) (>= uap10.0)) (== uap10.0) (&& (== xamarinios) (>= uap10.0)) (&& (== xamarinmac) (>= uap10.0)) (&& (>= netcoreapp1.1) (>= netstandard2.0))
    System.Runtime.InteropServices.WindowsRuntime (4.3) - restriction: || (&& (== monoandroid8.1) (>= uap10.0)) (&& (== net471) (>= uap10.0)) (&& (== netcoreapp1.0) (>= uap10.0)) (== uap10.0) (&& (== xamarinios) (>= uap10.0)) (&& (== xamarinmac) (>= uap10.0))
    System.Runtime.Numerics (4.3) - restriction: || (&& (== monoandroid8.1) (>= uap10.0)) (&& (== net471) (< netstandard1.2) (>= uap10.0)) (&& (== net471) (< netstandard1.3) (>= uap10.0)) (&& (== net471) (< netstandard1.4) (>= uap10.0)) (&& (== net471) (< netstandard1.5) (>= uap10.0)) (&& (== net471) (< netstandard1.6) (>= uap10.0)) (&& (== net471) (< netstandard2.0) (>= uap10.0)) (&& (== netcoreapp1.0) (>= uap10.0)) (== uap10.0) (&& (== xamarinios) (>= uap10.0)) (&& (== xamarinmac) (>= uap10.0)) (&& (< net45) (>= netstandard1.6) (< netstandard2.0))
      System.Globalization (>= 4.3) - restriction: || (&& (< monoandroid) (< monotouch) (< net45) (>= netstandard1.3) (< win8) (< wpa81) (< xamarinios) (< xamarinmac) (< xamarintvos) (< xamarinwatchos)) (< portable-net45+win8+wpa81)
      System.Resources.ResourceManager (>= 4.3) - restriction: || (&& (< monoandroid) (< monotouch) (< net45) (>= netstandard1.3) (< win8) (< wpa81) (< xamarinios) (< xamarinmac) (< xamarintvos) (< xamarinwatchos)) (< portable-net45+win8+wpa81)
      System.Runtime (>= 4.3) - restriction: || (&& (< monoandroid) (< monotouch) (< net45) (>= netstandard1.3) (< win8) (< wpa81) (< xamarinios) (< xamarinmac) (< xamarintvos) (< xamarinwatchos)) (&& (< monoandroid) (< net45) (>= netstandard1.1) (< netstandard1.3) (< win8) (< wpa81)) (< portable-net45+win8+wpa81)
      System.Runtime.Extensions (>= 4.3) - restriction: || (&& (< monoandroid) (< monotouch) (< net45) (>= netstandard1.3) (< win8) (< wpa81) (< xamarinios) (< xamarinmac) (< xamarintvos) (< xamarinwatchos)) (< portable-net45+win8+wpa81)
    System.Runtime.Serialization.Json (4.3) - restriction: || (&& (== monoandroid8.1) (>= uap10.0)) (&& (== net471) (>= uap10.0)) (&& (== netcoreapp1.0) (>= uap10.0)) (== uap10.0) (&& (== xamarinios) (>= uap10.0)) (&& (== xamarinmac) (>= uap10.0))
    System.Runtime.Serialization.Primitives (4.3) - restriction: || (&& (== monoandroid8.1) (>= uap10.0)) (&& (== monoandroid8.1) (>= uap10.1)) (&& (== net471) (>= uap10.0)) (&& (== net471) (>= uap10.1)) (&& (== netcoreapp1.0) (>= uap10.0)) (&& (== netcoreapp1.0) (>= uap10.1)) (== uap10.0) (&& (== xamarinios) (>= uap10.0)) (&& (== xamarinios) (>= uap10.1)) (&& (== xamarinmac) (>= uap10.0)) (&& (== xamarinmac) (>= uap10.1))
    System.Runtime.Serialization.Xml (4.3) - restriction: || (&& (== monoandroid8.1) (>= uap10.0)) (&& (== net471) (>= uap10.0)) (&& (== netcoreapp1.0) (>= uap10.0)) (== uap10.0) (&& (== xamarinios) (>= uap10.0)) (&& (== xamarinmac) (>= uap10.0)) (&& (< net45) (>= netstandard2.0))
    System.Runtime.WindowsRuntime (4.3) - restriction: || (&& (== monoandroid8.1) (>= uap10.0)) (&& (== net471) (>= uap10.0)) (&& (== netcoreapp1.0) (>= uap10.0)) (== uap10.0) (&& (== xamarinios) (>= uap10.0)) (&& (== xamarinmac) (>= uap10.0))
    System.Runtime.WindowsRuntime.UI.Xaml (4.3) - restriction: || (&& (== monoandroid8.1) (>= uap10.0)) (&& (== net471) (>= uap10.0)) (&& (== netcoreapp1.0) (>= uap10.0)) (== uap10.0) (&& (== xamarinios) (>= uap10.0)) (&& (== xamarinmac) (>= uap10.0))
    System.Security.AccessControl (4.5) - restriction: || (&& (>= monoandroid) (>= netstandard2.0)) (&& (>= monotouch) (>= netstandard2.0)) (&& (< net45) (>= netstandard2.0)) (&& (>= netstandard2.0) (>= xamarinios)) (&& (>= netstandard2.0) (>= xamarinmac)) (&& (>= netstandard2.0) (>= xamarintvos)) (&& (>= netstandard2.0) (>= xamarinwatchos))
      Microsoft.NETCore.Platforms (>= 2.0) - restriction: >= netcoreapp2.0
      System.Security.Principal.Windows (>= 4.5) - restriction: || (&& (< net46) (>= netstandard2.0)) (>= net461) (>= netcoreapp2.0)
    System.Security.Claims (4.3) - restriction: || (&& (== monoandroid8.1) (>= uap10.0)) (&& (== monoandroid8.1) (>= uap10.1)) (&& (== net471) (< netstandard1.3) (>= uap10.0)) (&& (== net471) (< netstandard2.0) (>= uap10.0)) (&& (== net471) (>= uap10.1)) (&& (== netcoreapp1.0) (>= uap10.0)) (&& (== netcoreapp1.0) (>= uap10.1)) (== uap10.0) (&& (== xamarinios) (>= uap10.0)) (&& (== xamarinios) (>= uap10.1)) (&& (== xamarinmac) (>= uap10.0)) (&& (== xamarinmac) (>= uap10.1))
      System.Collections (>= 4.3) - restriction: && (< monoandroid) (< monotouch) (< net46) (>= netstandard1.3) (< xamarinios) (< xamarinmac) (< xamarintvos) (< xamarinwatchos)
      System.Globalization (>= 4.3) - restriction: && (< monoandroid) (< monotouch) (< net46) (>= netstandard1.3) (< xamarinios) (< xamarinmac) (< xamarintvos) (< xamarinwatchos)
      System.IO (>= 4.3) - restriction: && (< monoandroid) (< monotouch) (< net46) (>= netstandard1.3) (< xamarinios) (< xamarinmac) (< xamarintvos) (< xamarinwatchos)
      System.Resources.ResourceManager (>= 4.3) - restriction: && (< monoandroid) (< monotouch) (< net46) (>= netstandard1.3) (< xamarinios) (< xamarinmac) (< xamarintvos) (< xamarinwatchos)
      System.Runtime (>= 4.3) - restriction: && (< monoandroid) (< monotouch) (< net46) (>= netstandard1.3) (< xamarinios) (< xamarinmac) (< xamarintvos) (< xamarinwatchos)
      System.Runtime.Extensions (>= 4.3) - restriction: && (< monoandroid) (< monotouch) (< net46) (>= netstandard1.3) (< xamarinios) (< xamarinmac) (< xamarintvos) (< xamarinwatchos)
      System.Security.Principal (>= 4.3) - restriction: && (< monoandroid) (< monotouch) (< net46) (>= netstandard1.3) (< xamarinios) (< xamarinmac) (< xamarintvos) (< xamarinwatchos)
    System.Security.Cryptography.Algorithms (4.3.1) - restriction: || (&& (== monoandroid8.1) (>= uap10.0)) (&& (== net471) (< netstandard1.4) (>= uap10.0)) (&& (== net471) (< netstandard1.5) (>= uap10.0)) (&& (== net471) (< netstandard1.6) (>= uap10.0)) (&& (== net471) (< netstandard2.0) (>= uap10.0)) (&& (== netcoreapp1.0) (>= uap10.0)) (== uap10.0) (&& (== xamarinios) (>= uap10.0)) (&& (== xamarinmac) (>= uap10.0))
      System.IO (>= 4.3) - restriction: || (&& (< monoandroid) (< monotouch) (< net46) (>= netstandard1.6) (< xamarinios) (< xamarinmac) (< xamarintvos) (< xamarinwatchos)) (&& (< monoandroid) (< net46) (>= netstandard1.3) (< netstandard1.4)) (&& (< monoandroid) (< net46) (>= netstandard1.4) (< netstandard1.6)) (&& (< monoandroid) (< netstandard1.3)) (>= net463)
      System.Runtime (>= 4.3) - restriction: || (&& (< monoandroid) (< monotouch) (< net46) (>= netstandard1.6) (< xamarinios) (< xamarinmac) (< xamarintvos) (< xamarinwatchos)) (&& (< monoandroid) (< net46) (>= netstandard1.3) (< netstandard1.4)) (&& (< monoandroid) (< net46) (>= netstandard1.4) (< netstandard1.6)) (&& (< monoandroid) (< netstandard1.3)) (>= net463)
      System.Security.Cryptography.Primitives (>= 4.3) - restriction: || (&& (< monoandroid) (< monotouch) (< net46) (>= netstandard1.6) (< xamarinios) (< xamarinmac) (< xamarintvos) (< xamarinwatchos)) (&& (< monoandroid) (< net46) (>= netstandard1.3) (< netstandard1.4)) (&& (< monoandroid) (< net46) (>= netstandard1.4) (< netstandard1.6)) (&& (< monoandroid) (< netstandard1.3)) (&& (>= net46) (< netstandard1.4)) (&& (>= net461) (< netstandard1.6)) (>= net463)
    System.Security.Cryptography.Encoding (4.3) - restriction: || (&& (== monoandroid8.1) (>= uap10.0)) (&& (== net471) (< netstandard1.4) (>= uap10.0)) (&& (== net471) (< netstandard1.5) (>= uap10.0)) (&& (== net471) (< netstandard1.6) (>= uap10.0)) (&& (== net471) (< netstandard2.0) (>= uap10.0)) (&& (== netcoreapp1.0) (>= uap10.0)) (== uap10.0) (&& (== xamarinios) (>= uap10.0)) (&& (== xamarinmac) (>= uap10.0))
      Microsoft.NETCore.Platforms (>= 1.1) - restriction: && (< monoandroid) (< monotouch) (< net46) (>= netstandard1.3) (< xamarinios) (< xamarinmac) (< xamarintvos) (< xamarinwatchos)
      runtime.native.System.Security.Cryptography.OpenSsl (>= 4.3) - restriction: && (< monoandroid) (< monotouch) (< net46) (>= netstandard1.3) (< xamarinios) (< xamarinmac) (< xamarintvos) (< xamarinwatchos)
      System.Collections (>= 4.3) - restriction: && (< monoandroid) (< monotouch) (< net46) (>= netstandard1.3) (< xamarinios) (< xamarinmac) (< xamarintvos) (< xamarinwatchos)
      System.Collections.Concurrent (>= 4.3) - restriction: && (< monoandroid) (< monotouch) (< net46) (>= netstandard1.3) (< xamarinios) (< xamarinmac) (< xamarintvos) (< xamarinwatchos)
      System.Linq (>= 4.3) - restriction: && (< monoandroid) (< monotouch) (< net46) (>= netstandard1.3) (< xamarinios) (< xamarinmac) (< xamarintvos) (< xamarinwatchos)
      System.Resources.ResourceManager (>= 4.3) - restriction: && (< monoandroid) (< monotouch) (< net46) (>= netstandard1.3) (< xamarinios) (< xamarinmac) (< xamarintvos) (< xamarinwatchos)
      System.Runtime (>= 4.3) - restriction: && (< monoandroid) (< monotouch) (< net46) (>= netstandard1.3) (< xamarinios) (< xamarinmac) (< xamarintvos) (< xamarinwatchos)
      System.Runtime.Extensions (>= 4.3) - restriction: && (< monoandroid) (< monotouch) (< net46) (>= netstandard1.3) (< xamarinios) (< xamarinmac) (< xamarintvos) (< xamarinwatchos)
      System.Runtime.Handles (>= 4.3) - restriction: && (< monoandroid) (< monotouch) (< net46) (>= netstandard1.3) (< xamarinios) (< xamarinmac) (< xamarintvos) (< xamarinwatchos)
      System.Runtime.InteropServices (>= 4.3) - restriction: && (< monoandroid) (< monotouch) (< net46) (>= netstandard1.3) (< xamarinios) (< xamarinmac) (< xamarintvos) (< xamarinwatchos)
      System.Security.Cryptography.Primitives (>= 4.3) - restriction: && (< monoandroid) (< monotouch) (< net46) (>= netstandard1.3) (< xamarinios) (< xamarinmac) (< xamarintvos) (< xamarinwatchos)
      System.Text.Encoding (>= 4.3) - restriction: && (< monoandroid) (< monotouch) (< net46) (>= netstandard1.3) (< xamarinios) (< xamarinmac) (< xamarintvos) (< xamarinwatchos)
    System.Security.Cryptography.Primitives (4.3) - restriction: || (&& (== monoandroid8.1) (>= uap10.0)) (&& (== net471) (< netstandard1.4) (>= uap10.0)) (&& (== net471) (< netstandard1.5) (>= uap10.0)) (&& (== net471) (< netstandard1.6) (>= uap10.0)) (&& (== net471) (< netstandard2.0) (>= uap10.0)) (&& (== netcoreapp1.0) (>= uap10.0)) (== uap10.0) (&& (== xamarinios) (>= uap10.0)) (&& (== xamarinmac) (>= uap10.0))
      System.Diagnostics.Debug (>= 4.3) - restriction: && (< monoandroid) (< monotouch) (< net46) (>= netstandard1.3) (< xamarinios) (< xamarinmac) (< xamarintvos) (< xamarinwatchos)
      System.Globalization (>= 4.3) - restriction: && (< monoandroid) (< monotouch) (< net46) (>= netstandard1.3) (< xamarinios) (< xamarinmac) (< xamarintvos) (< xamarinwatchos)
      System.IO (>= 4.3) - restriction: && (< monoandroid) (< monotouch) (< net46) (>= netstandard1.3) (< xamarinios) (< xamarinmac) (< xamarintvos) (< xamarinwatchos)
      System.Resources.ResourceManager (>= 4.3) - restriction: && (< monoandroid) (< monotouch) (< net46) (>= netstandard1.3) (< xamarinios) (< xamarinmac) (< xamarintvos) (< xamarinwatchos)
      System.Runtime (>= 4.3) - restriction: && (< monoandroid) (< monotouch) (< net46) (>= netstandard1.3) (< xamarinios) (< xamarinmac) (< xamarintvos) (< xamarinwatchos)
      System.Threading (>= 4.3) - restriction: && (< monoandroid) (< monotouch) (< net46) (>= netstandard1.3) (< xamarinios) (< xamarinmac) (< xamarintvos) (< xamarinwatchos)
      System.Threading.Tasks (>= 4.3) - restriction: && (< monoandroid) (< monotouch) (< net46) (>= netstandard1.3) (< xamarinios) (< xamarinmac) (< xamarintvos) (< xamarinwatchos)
    System.Security.Cryptography.ProtectedData (4.5) - restriction: && (< net45) (>= netstandard2.0)
      System.Memory (>= 4.5) - restriction: && (< net46) (< netcoreapp2.1) (>= netstandard2.0)
    System.Security.Cryptography.X509Certificates (4.3.2) - restriction: || (&& (== monoandroid8.1) (>= uap10.0)) (&& (== net471) (< netstandard1.4) (>= uap10.0)) (&& (== net471) (< netstandard1.5) (>= uap10.0)) (&& (== net471) (< netstandard1.6) (>= uap10.0)) (&& (== net471) (< netstandard2.0) (>= uap10.0)) (&& (== netcoreapp1.0) (>= uap10.0)) (== uap10.0) (&& (== xamarinios) (>= uap10.0)) (&& (== xamarinmac) (>= uap10.0))
      System.Runtime (>= 4.3) - restriction: || (&& (< monoandroid) (< monotouch) (< net46) (>= netstandard1.6) (< xamarinios) (< xamarinmac) (< xamarintvos) (< xamarinwatchos)) (&& (< monoandroid) (< net46) (>= netstandard1.3) (< netstandard1.4)) (&& (< monoandroid) (< net46) (>= netstandard1.4) (< netstandard1.6)) (&& (< monoandroid) (< netstandard1.3))
      System.Runtime.Handles (>= 4.3) - restriction: || (&& (< monoandroid) (< monotouch) (< net46) (>= netstandard1.6) (< xamarinios) (< xamarinmac) (< xamarintvos) (< xamarinwatchos)) (&& (< monoandroid) (< net46) (>= netstandard1.3) (< netstandard1.4)) (&& (< monoandroid) (< net46) (>= netstandard1.4) (< netstandard1.6)) (&& (< monoandroid) (< netstandard1.3))
      System.Security.Cryptography.Algorithms (>= 4.3) - restriction: || (&& (< monoandroid) (< monotouch) (< net46) (>= netstandard1.6) (< xamarinios) (< xamarinmac) (< xamarintvos) (< xamarinwatchos)) (&& (< monoandroid) (< net46) (>= netstandard1.3) (< netstandard1.4)) (&& (< monoandroid) (< net46) (>= netstandard1.4) (< netstandard1.6)) (&& (< monoandroid) (< netstandard1.3)) (&& (>= net46) (< netstandard1.4)) (>= net461)
      System.Security.Cryptography.Encoding (>= 4.3) - restriction: || (&& (< monoandroid) (< monotouch) (< net46) (>= netstandard1.6) (< xamarinios) (< xamarinmac) (< xamarintvos) (< xamarinwatchos)) (&& (< monoandroid) (< net46) (>= netstandard1.3) (< netstandard1.4)) (&& (< monoandroid) (< net46) (>= netstandard1.4) (< netstandard1.6)) (&& (< monoandroid) (< netstandard1.3)) (&& (>= net46) (< netstandard1.4)) (>= net461)
    System.Security.Permissions (4.5) - restriction: || (&& (>= monoandroid) (>= netstandard2.0)) (&& (>= monotouch) (>= netstandard2.0)) (&& (< net45) (>= netstandard2.0)) (&& (>= netstandard2.0) (>= xamarinios)) (&& (>= netstandard2.0) (>= xamarinmac)) (&& (>= netstandard2.0) (>= xamarintvos)) (&& (>= netstandard2.0) (>= xamarinwatchos))
      System.Security.AccessControl (>= 4.5) - restriction: || (>= net461) (>= netstandard2.0)
    System.Security.Principal (4.3) - restriction: || (&& (== monoandroid8.1) (>= uap10.0)) (&& (== monoandroid8.1) (>= uap10.1)) (&& (== net471) (< netstandard1.3) (>= uap10.0)) (&& (== net471) (< netstandard2.0) (>= uap10.0)) (&& (== net471) (>= uap10.1)) (&& (== netcoreapp1.0) (>= uap10.0)) (&& (== netcoreapp1.0) (>= uap10.1)) (== uap10.0) (&& (== xamarinios) (>= uap10.0)) (&& (== xamarinios) (>= uap10.1)) (&& (== xamarinmac) (>= uap10.0)) (&& (== xamarinmac) (>= uap10.1))
    System.Security.Principal.Windows (4.5) - restriction: || (&& (== monoandroid8.1) (>= uap10.0)) (&& (== monoandroid8.1) (>= uap10.1)) (&& (== net471) (< netstandard2.0) (>= uap10.0)) (&& (== net471) (>= uap10.1)) (&& (== netcoreapp1.0) (>= uap10.0)) (&& (== netcoreapp1.0) (>= uap10.1)) (== uap10.0) (&& (== xamarinios) (>= uap10.0)) (&& (== xamarinios) (>= uap10.1)) (&& (== xamarinmac) (>= uap10.0)) (&& (== xamarinmac) (>= uap10.1)) (&& (>= monoandroid) (>= netstandard2.0)) (&& (>= monotouch) (>= netstandard2.0)) (&& (< net45) (>= netstandard2.0)) (>= netcoreapp2.0) (&& (>= netstandard2.0) (>= xamarinios)) (&& (>= netstandard2.0) (>= xamarinmac)) (&& (>= netstandard2.0) (>= xamarintvos)) (&& (>= netstandard2.0) (>= xamarinwatchos))
      Microsoft.NETCore.Platforms (>= 2.0) - restriction: >= netcoreapp2.0
    System.ServiceModel.Duplex (4.5.3) - restriction: || (&& (== monoandroid8.1) (>= uap10.0)) (&& (== net471) (>= uap10.0)) (&& (== netcoreapp1.0) (>= uap10.0)) (== uap10.0) (&& (== xamarinios) (>= uap10.0)) (&& (== xamarinmac) (>= uap10.0))
      NETStandard.Library (>= 1.6.1) - restriction: || (&& (< monoandroid) (< monotouch) (< net45) (>= netstandard1.3) (< netstandard2.0) (< uap10.1) (< xamarinios) (< xamarinmac) (< xamarintvos) (< xamarinwatchos)) (&& (< monoandroid) (< net45) (>= netstandard1.1) (< netstandard1.3) (< win8)) (< portable-net45+win8)
      System.Private.ServiceModel (>= 4.5.3) - restriction: || (&& (< monoandroid) (< monotouch) (< net45) (>= netstandard1.3) (< netstandard2.0) (< xamarinios) (< xamarinmac) (< xamarintvos) (< xamarinwatchos)) (&& (< net45) (>= netstandard2.0)) (< portable-net45+win8) (>= uap10.1)
      System.ServiceModel.Primitives (>= 4.5.3) - restriction: || (&& (< monoandroid) (< monotouch) (< net45) (>= netstandard1.3) (< netstandard2.0) (< xamarinios) (< xamarinmac) (< xamarintvos) (< xamarinwatchos)) (&& (< monoandroid) (< net45) (>= netstandard1.1) (< netstandard1.3) (< win8)) (&& (< net45) (>= netstandard2.0)) (>= net461) (< portable-net45+win8) (>= uap10.1)
    System.ServiceModel.Http (4.5.3) - restriction: || (&& (== monoandroid8.1) (>= uap10.0)) (&& (== net471) (>= uap10.0)) (&& (== netcoreapp1.0) (>= uap10.0)) (== uap10.0) (&& (== xamarinios) (>= uap10.0)) (&& (== xamarinmac) (>= uap10.0))
      NETStandard.Library (>= 1.6.1) - restriction: || (&& (< monoandroid) (< monotouch) (< net45) (>= netstandard1.3) (< netstandard2.0) (< uap10.1) (< xamarinios) (< xamarinmac) (< xamarintvos) (< xamarinwatchos)) (&& (< monoandroid) (< net45) (>= netstandard1.1) (< netstandard1.3) (< win8)) (&& (< monoandroid) (>= netstandard1.0) (< netstandard1.1) (< win8) (< wp8)) (< portable-net45+win8+wp8)
      System.Net.WebHeaderCollection (>= 4.3) - restriction: || (&& (< monoandroid) (< monotouch) (< net45) (>= netstandard1.3) (< netstandard2.0) (< uap10.1) (< xamarinios) (< xamarinmac) (< xamarintvos) (< xamarinwatchos)) (< portable-net45+win8+wp8)
      System.Private.ServiceModel (>= 4.5.3) - restriction: || (&& (< monoandroid) (< monotouch) (< net45) (>= netstandard1.3) (< netstandard2.0) (< xamarinios) (< xamarinmac) (< xamarintvos) (< xamarinwatchos)) (&& (< net45) (>= netstandard2.0)) (< portable-net45+win8+wp8) (>= uap10.1)
      System.Runtime.Serialization.Xml (>= 4.3) - restriction: || (&& (< monoandroid) (< monotouch) (< net45) (>= netstandard1.3) (< netstandard2.0) (< uap10.1) (< xamarinios) (< xamarinmac) (< xamarintvos) (< xamarinwatchos)) (&& (< monoandroid) (< net45) (>= netstandard1.1) (< netstandard1.3) (< win8)) (< portable-net45+win8+wp8)
      System.ServiceModel.Primitives (>= 4.5.3) - restriction: || (&& (< monoandroid) (< monotouch) (< net45) (>= netstandard1.3) (< netstandard2.0) (< xamarinios) (< xamarinmac) (< xamarintvos) (< xamarinwatchos)) (&& (< monoandroid) (< net45) (>= netstandard1.1) (< netstandard1.3) (< win8)) (&& (< monoandroid) (>= netstandard1.0) (< netstandard1.1) (< win8) (< wp8)) (&& (< net45) (>= netstandard2.0)) (>= net461) (< portable-net45+win8+wp8) (>= uap10.1)
    System.ServiceModel.NetTcp (4.5.3) - restriction: || (&& (== monoandroid8.1) (>= uap10.0)) (&& (== net471) (>= uap10.0)) (&& (== netcoreapp1.0) (>= uap10.0)) (== uap10.0) (&& (== xamarinios) (>= uap10.0)) (&& (== xamarinmac) (>= uap10.0))
      NETStandard.Library (>= 1.6.1) - restriction: || (&& (< monoandroid) (< monotouch) (< net45) (>= netstandard1.3) (< netstandard2.0) (< uap10.1) (< xamarinios) (< xamarinmac) (< xamarintvos) (< xamarinwatchos)) (&& (< monoandroid) (< net45) (>= netstandard1.1) (< netstandard1.3) (< win8)) (< portable-net45+win8)
      System.Private.ServiceModel (>= 4.5.3) - restriction: || (&& (< monoandroid) (< monotouch) (< net45) (>= netstandard1.3) (< netstandard2.0) (< xamarinios) (< xamarinmac) (< xamarintvos) (< xamarinwatchos)) (&& (< net45) (>= netstandard2.0)) (< portable-net45+win8) (>= uap10.1)
      System.Runtime.Serialization.Xml (>= 4.3) - restriction: || (&& (< monoandroid) (< monotouch) (< net45) (>= netstandard1.3) (< netstandard2.0) (< uap10.1) (< xamarinios) (< xamarinmac) (< xamarintvos) (< xamarinwatchos)) (&& (< monoandroid) (< net45) (>= netstandard1.1) (< netstandard1.3) (< win8)) (< portable-net45+win8)
      System.ServiceModel.Primitives (>= 4.5.3) - restriction: || (&& (< monoandroid) (< monotouch) (< net45) (>= netstandard1.3) (< netstandard2.0) (< xamarinios) (< xamarinmac) (< xamarintvos) (< xamarinwatchos)) (&& (< monoandroid) (< net45) (>= netstandard1.1) (< netstandard1.3) (< win8)) (&& (< net45) (>= netstandard2.0)) (&& (>= net46) (< netstandard2.0)) (>= net461) (< portable-net45+win8) (>= uap10.1)
    System.ServiceModel.Primitives (4.5.3) - restriction: || (&& (== monoandroid8.1) (>= uap10.0)) (&& (== monoandroid8.1) (>= uap10.1)) (&& (== net471) (>= uap10.0)) (&& (== net471) (>= uap10.1)) (&& (== netcoreapp1.0) (>= uap10.0)) (&& (== netcoreapp1.0) (>= uap10.1)) (== uap10.0) (&& (== xamarinios) (>= uap10.0)) (&& (== xamarinios) (>= uap10.1)) (&& (== xamarinmac) (>= uap10.0)) (&& (== xamarinmac) (>= uap10.1))
      NETStandard.Library (>= 1.6.1) - restriction: || (&& (< monoandroid) (< monotouch) (< net45) (>= netstandard1.3) (< netstandard2.0) (< uap10.1) (< xamarinios) (< xamarinmac) (< xamarintvos) (< xamarinwatchos)) (&& (< monoandroid) (< net45) (>= netstandard1.1) (< netstandard1.3) (< win8)) (&& (< monoandroid) (>= netstandard1.0) (< netstandard1.1) (< win8) (< wp8)) (&& (>= net46) (< net461) (< netstandard2.0)) (< portable-net45+win8+wp8)
      System.ComponentModel.EventBasedAsync (>= 4.3) - restriction: || (&& (< monoandroid) (< monotouch) (< net45) (>= netstandard1.3) (< netstandard2.0) (< uap10.1) (< xamarinios) (< xamarinmac) (< xamarintvos) (< xamarinwatchos)) (&& (< monoandroid) (< net45) (>= netstandard1.1) (< netstandard1.3) (< win8)) (&& (< monoandroid) (>= netstandard1.0) (< netstandard1.1) (< win8) (< wp8)) (< portable-net45+win8+wp8)
      System.Private.ServiceModel (>= 4.5.3) - restriction: || (&& (< monoandroid) (< monotouch) (< net45) (>= netstandard1.3) (< netstandard2.0) (< xamarinios) (< xamarinmac) (< xamarintvos) (< xamarinwatchos)) (&& (< net45) (>= netstandard2.0)) (< portable-net45+win8+wp8) (>= uap10.1)
      System.Runtime.Serialization.Primitives (>= 4.3) - restriction: || (&& (< monoandroid) (< monotouch) (< net45) (>= netstandard1.3) (< netstandard2.0) (< uap10.1) (< xamarinios) (< xamarinmac) (< xamarintvos) (< xamarinwatchos)) (&& (< monoandroid) (< net45) (>= netstandard1.1) (< netstandard1.3) (< win8)) (&& (< monoandroid) (>= netstandard1.0) (< netstandard1.1) (< win8) (< wp8)) (< portable-net45+win8+wp8)
      System.Runtime.Serialization.Xml (>= 4.3) - restriction: || (&& (< monoandroid) (< monotouch) (< net45) (>= netstandard1.3) (< netstandard2.0) (< uap10.1) (< xamarinios) (< xamarinmac) (< xamarintvos) (< xamarinwatchos)) (&& (< monoandroid) (< net45) (>= netstandard1.1) (< netstandard1.3) (< win8)) (&& (< monoandroid) (>= netstandard1.0) (< netstandard1.1) (< win8) (< wp8)) (< portable-net45+win8+wp8)
      System.Security.Principal (>= 4.3) - restriction: || (&& (< monoandroid) (< monotouch) (< net45) (>= netstandard1.3) (< netstandard2.0) (< uap10.1) (< xamarinios) (< xamarinmac) (< xamarintvos) (< xamarinwatchos)) (&& (< monoandroid) (< net45) (>= netstandard1.1) (< netstandard1.3) (< win8)) (< portable-net45+win8+wp8)
    System.ServiceModel.Security (4.5.3) - restriction: || (&& (== monoandroid8.1) (>= uap10.0)) (&& (== net471) (>= uap10.0)) (&& (== netcoreapp1.0) (>= uap10.0)) (== uap10.0) (&& (== xamarinios) (>= uap10.0)) (&& (== xamarinmac) (>= uap10.0))
      NETStandard.Library (>= 1.6.1) - restriction: || (&& (< monoandroid) (< monotouch) (< net45) (>= netstandard1.3) (< netstandard2.0) (< uap10.1) (< xamarinios) (< xamarinmac) (< xamarintvos) (< xamarinwatchos)) (&& (< monoandroid) (< net45) (>= netstandard1.1) (< netstandard1.3) (< win8)) (&& (< monoandroid) (>= netstandard1.0) (< netstandard1.1) (< win8) (< wp8)) (< portable-net45+win8+wp8)
      System.Private.ServiceModel (>= 4.5.3) - restriction: || (&& (< monoandroid) (< monotouch) (< net45) (>= netstandard1.3) (< netstandard2.0) (< xamarinios) (< xamarinmac) (< xamarintvos) (< xamarinwatchos)) (&& (< net45) (>= netstandard2.0)) (< portable-net45+win8+wp8) (>= uap10.1)
      System.Runtime.Serialization.Xml (>= 4.3) - restriction: || (&& (< monoandroid) (< monotouch) (< net45) (>= netstandard1.3) (< netstandard2.0) (< uap10.1) (< xamarinios) (< xamarinmac) (< xamarintvos) (< xamarinwatchos)) (&& (< monoandroid) (< net45) (>= netstandard1.1) (< netstandard1.3) (< win8)) (< portable-net45+win8+wp8)
      System.ServiceModel.Primitives (>= 4.5.3) - restriction: || (&& (< monoandroid) (< monotouch) (< net45) (>= netstandard1.3) (< netstandard2.0) (< xamarinios) (< xamarinmac) (< xamarintvos) (< xamarinwatchos)) (&& (< monoandroid) (< net45) (>= netstandard1.1) (< netstandard1.3) (< win8)) (&& (< monoandroid) (>= netstandard1.0) (< netstandard1.1) (< win8) (< wp8)) (&& (< net45) (>= netstandard2.0)) (>= net461) (< portable-net45+win8+wp8) (>= uap10.1)
    System.Text.Encoding (4.3) - restriction: || (&& (== monoandroid8.1) (>= uap10.0)) (&& (== net471) (< netstandard1.2) (>= uap10.0)) (&& (== net471) (< netstandard1.3) (>= uap10.0)) (&& (== net471) (< netstandard1.4) (>= uap10.0)) (&& (== net471) (< netstandard1.5) (>= uap10.0)) (&& (== net471) (< netstandard1.6) (>= uap10.0)) (&& (== net471) (< netstandard2.0) (>= uap10.0)) (&& (== net471) (< portable-net45+win8+wpa81) (>= uap10.0)) (&& (== netcoreapp1.0) (>= uap10.0)) (== uap10.0) (&& (== xamarinios) (>= uap10.0)) (&& (== xamarinmac) (>= uap10.0)) (&& (< monoandroid) (< monotouch) (< net45) (>= netstandard1.6) (< netstandard2.0) (< win8) (< wpa81) (< xamarinios) (< xamarinmac) (< xamarintvos) (< xamarinwatchos)) (&& (< monoandroid) (< net45) (< netstandard1.3) (>= netstandard1.6) (< win8) (< wpa81)) (&& (< monoandroid) (< net45) (< netstandard1.5) (>= netstandard1.6) (< win8) (< wpa81)) (&& (>= netstandard1.6) (< portable-net45+win8+wp8+wpa81))
    System.Text.Encoding.CodePages (4.5) - restriction: || (&& (== monoandroid8.1) (>= uap10.0)) (&& (== net471) (>= uap10.0)) (&& (== netcoreapp1.0) (>= uap10.0)) (== uap10.0) (&& (== xamarinios) (>= uap10.0)) (&& (== xamarinmac) (>= uap10.0))
      NETStandard.Library (>= 1.6.1) - restriction: && (< monoandroid) (< monotouch) (< net46) (>= netstandard1.3) (< netstandard2.0) (< uap10.1) (< xamarinios) (< xamarinmac) (< xamarintvos) (< xamarinwatchos)
    System.Text.Encoding.Extensions (4.3) - restriction: || (&& (== monoandroid8.1) (>= uap10.0)) (&& (== net471) (< netstandard1.2) (>= uap10.0)) (&& (== net471) (< netstandard1.3) (>= uap10.0)) (&& (== net471) (< netstandard1.4) (>= uap10.0)) (&& (== net471) (< netstandard1.5) (>= uap10.0)) (&& (== net471) (< netstandard1.6) (>= uap10.0)) (&& (== net471) (< netstandard2.0) (>= uap10.0)) (&& (== net471) (< portable-net45+win8+wpa81) (>= uap10.0)) (&& (== netcoreapp1.0) (>= uap10.0)) (== uap10.0) (&& (== xamarinios) (>= uap10.0)) (&& (== xamarinmac) (>= uap10.0)) (&& (< net45) (>= netstandard2.0))
    System.Text.RegularExpressions (4.3) - restriction: || (&& (== monoandroid8.1) (>= uap10.0)) (&& (== net471) (< netstandard1.2) (>= uap10.0)) (&& (== net471) (< netstandard1.3) (>= uap10.0)) (&& (== net471) (< netstandard1.4) (>= uap10.0)) (&& (== net471) (< netstandard1.5) (>= uap10.0)) (&& (== net471) (< netstandard1.6) (>= uap10.0)) (&& (== net471) (< netstandard2.0) (>= uap10.0)) (&& (== net471) (< portable-net45+win8+wpa81) (>= uap10.0)) (&& (== netcoreapp1.0) (>= uap10.0)) (== uap10.0) (&& (== xamarinios) (>= uap10.0)) (&& (== xamarinmac) (>= uap10.0)) (&& (< net45) (>= netstandard1.6) (< netstandard2.0))
      System.Collections (>= 4.3) - restriction: || (&& (< monoandroid) (< monotouch) (< net45) (< netcoreapp1.1) (>= netstandard1.6) (< xamarinios) (< xamarinmac) (< xamarintvos) (< xamarinwatchos)) (< portable-net45+win8+wp8+wpa81)
      System.Globalization (>= 4.3) - restriction: || (&& (< monoandroid) (< monotouch) (< net45) (< netcoreapp1.1) (>= netstandard1.6) (< xamarinios) (< xamarinmac) (< xamarintvos) (< xamarinwatchos)) (< portable-net45+win8+wp8+wpa81)
      System.Resources.ResourceManager (>= 4.3) - restriction: || (&& (< monoandroid) (< monotouch) (< net45) (< netcoreapp1.1) (>= netstandard1.6) (< xamarinios) (< xamarinmac) (< xamarintvos) (< xamarinwatchos)) (< portable-net45+win8+wp8+wpa81)
      System.Runtime (>= 4.3) - restriction: || (&& (< monoandroid) (< monotouch) (< net45) (>= netstandard1.6) (< xamarinios) (< xamarinmac) (< xamarintvos) (< xamarinwatchos)) (&& (< monoandroid) (< net45) (>= netstandard1.0) (< netstandard1.3) (< win8) (< wp8) (< wpa81)) (&& (< monoandroid) (< net45) (>= netstandard1.3) (< netstandard1.6) (< win8) (< wpa81)) (>= netcoreapp1.1) (< portable-net45+win8+wp8+wpa81)
      System.Runtime.Extensions (>= 4.3) - restriction: || (&& (< monoandroid) (< monotouch) (< net45) (< netcoreapp1.1) (>= netstandard1.6) (< xamarinios) (< xamarinmac) (< xamarintvos) (< xamarinwatchos)) (< portable-net45+win8+wp8+wpa81)
      System.Threading (>= 4.3) - restriction: || (&& (< monoandroid) (< monotouch) (< net45) (< netcoreapp1.1) (>= netstandard1.6) (< xamarinios) (< xamarinmac) (< xamarintvos) (< xamarinwatchos)) (< portable-net45+win8+wp8+wpa81)
    System.Threading (4.3) - restriction: || (&& (== monoandroid8.1) (>= uap10.0)) (&& (== net471) (< netstandard1.2) (>= uap10.0)) (&& (== net471) (< netstandard1.3) (>= uap10.0)) (&& (== net471) (< netstandard1.4) (>= uap10.0)) (&& (== net471) (< netstandard1.5) (>= uap10.0)) (&& (== net471) (< netstandard1.6) (>= uap10.0)) (&& (== net471) (< netstandard2.0) (>= uap10.0)) (&& (== net471) (< portable-net45+win8+wpa81) (>= uap10.0)) (&& (== netcoreapp1.0) (>= uap10.0)) (== uap10.0) (&& (== xamarinios) (>= uap10.0)) (&& (== xamarinmac) (>= uap10.0)) (&& (< net45) (>= netstandard1.6) (< netstandard2.0)) (&& (< net45) (>= netstandard2.0)) (&& (>= netstandard1.6) (< portable-net45+win8+wp8+wpa81))
      System.Runtime (>= 4.3) - restriction: || (&& (< monoandroid) (< monotouch) (< net45) (>= netstandard1.3) (< win8) (< wpa81) (< xamarinios) (< xamarinmac) (< xamarintvos) (< xamarinwatchos)) (&& (< monoandroid) (< net45) (>= netstandard1.0) (< netstandard1.3) (< win8) (< wp8) (< wpa81)) (< portable-net45+win8+wp8+wpa81)
      System.Threading.Tasks (>= 4.3) - restriction: || (&& (< monoandroid) (< monotouch) (< net45) (>= netstandard1.3) (< win8) (< wpa81) (< xamarinios) (< xamarinmac) (< xamarintvos) (< xamarinwatchos)) (&& (< monoandroid) (< net45) (>= netstandard1.0) (< netstandard1.3) (< win8) (< wp8) (< wpa81)) (< portable-net45+win8+wp8+wpa81)
    System.Threading.Overlapped (4.3) - restriction: || (&& (== monoandroid8.1) (>= uap10.0)) (&& (== net471) (>= uap10.0)) (&& (== netcoreapp1.0) (>= uap10.0)) (== uap10.0) (&& (== xamarinios) (>= uap10.0)) (&& (== xamarinmac) (>= uap10.0))
      Microsoft.NETCore.Platforms (>= 1.1) - restriction: || (&& (< net46) (>= netstandard1.3)) (< netstandard1.3)
      System.Resources.ResourceManager (>= 4.3) - restriction: || (&& (< net46) (>= netstandard1.3)) (< netstandard1.3)
      System.Runtime (>= 4.3) - restriction: || (&& (< net46) (>= netstandard1.3)) (< netstandard1.3)
      System.Runtime.Handles (>= 4.3) - restriction: || (&& (< net46) (>= netstandard1.3)) (< netstandard1.3)
    System.Threading.Tasks (4.3) - restriction: || (&& (== monoandroid8.1) (>= uap10.0)) (&& (== net471) (< netstandard1.2) (>= uap10.0)) (&& (== net471) (< netstandard1.3) (>= uap10.0)) (&& (== net471) (< netstandard1.4) (>= uap10.0)) (&& (== net471) (< netstandard1.5) (>= uap10.0)) (&& (== net471) (< netstandard1.6) (>= uap10.0)) (&& (== net471) (< netstandard2.0) (>= uap10.0)) (&& (== net471) (< portable-net45+win8+wpa81) (>= uap10.0)) (&& (== netcoreapp1.0) (>= uap10.0)) (== uap10.0) (&& (== xamarinios) (>= uap10.0)) (&& (== xamarinmac) (>= uap10.0)) (&& (< monoandroid) (< net45) (< netstandard1.3) (>= netstandard1.6) (< win8) (< wpa81)) (&& (< monoandroid) (< net45) (< netstandard1.5) (>= netstandard1.6) (< win8) (< wpa81)) (&& (< net45) (>= netstandard1.6) (< netstandard2.0)) (&& (>= netstandard1.6) (< portable-net45+win8+wp8+wpa81))
      Microsoft.NETCore.Platforms (>= 1.1) - restriction: || (&& (< monoandroid) (< monotouch) (< net45) (>= netstandard1.3) (< win8) (< wpa81) (< xamarinios) (< xamarinmac) (< xamarintvos) (< xamarinwatchos)) (&& (< monoandroid) (< net45) (>= netstandard1.0) (< netstandard1.3) (< win8) (< wp8) (< wpa81)) (< portable-net45+win8+wp8+wpa81)
      Microsoft.NETCore.Targets (>= 1.1) - restriction: || (&& (< monoandroid) (< monotouch) (< net45) (>= netstandard1.3) (< win8) (< wpa81) (< xamarinios) (< xamarinmac) (< xamarintvos) (< xamarinwatchos)) (&& (< monoandroid) (< net45) (>= netstandard1.0) (< netstandard1.3) (< win8) (< wp8) (< wpa81)) (< portable-net45+win8+wp8+wpa81)
      System.Runtime (>= 4.3) - restriction: || (&& (< monoandroid) (< monotouch) (< net45) (>= netstandard1.3) (< win8) (< wpa81) (< xamarinios) (< xamarinmac) (< xamarintvos) (< xamarinwatchos)) (&& (< monoandroid) (< net45) (>= netstandard1.0) (< netstandard1.3) (< win8) (< wp8) (< wpa81)) (< portable-net45+win8+wp8+wpa81)
    System.Threading.Tasks.Dataflow (4.9) - restriction: || (&& (== monoandroid8.1) (>= uap10.0)) (&& (== net471) (>= uap10.0)) (&& (== netcoreapp1.0) (>= uap10.0)) (== uap10.0) (&& (== xamarinios) (>= uap10.0)) (&& (== xamarinmac) (>= uap10.0))
    System.Threading.Tasks.Parallel (4.3) - restriction: || (&& (== monoandroid8.1) (>= uap10.0)) (&& (== net471) (>= uap10.0)) (&& (== netcoreapp1.0) (>= uap10.0)) (== uap10.0) (&& (== xamarinios) (>= uap10.0)) (&& (== xamarinmac) (>= uap10.0)) (&& (< net45) (>= netstandard1.6) (< netstandard2.0))
      System.Collections.Concurrent (>= 4.3) - restriction: || (&& (< monoandroid) (< monotouch) (< net45) (>= netstandard1.3) (< win8) (< wpa81) (< xamarinios) (< xamarinmac) (< xamarintvos) (< xamarinwatchos)) (&& (< monoandroid) (< net45) (>= netstandard1.1) (< netstandard1.3) (< win8) (< wpa81)) (< portable-net45+win8+wpa81)
      System.Diagnostics.Debug (>= 4.3) - restriction: || (&& (< monoandroid) (< monotouch) (< net45) (>= netstandard1.3) (< win8) (< wpa81) (< xamarinios) (< xamarinmac) (< xamarintvos) (< xamarinwatchos)) (< portable-net45+win8+wpa81)
      System.Diagnostics.Tracing (>= 4.3) - restriction: || (&& (< monoandroid) (< monotouch) (< net45) (>= netstandard1.3) (< win8) (< wpa81) (< xamarinios) (< xamarinmac) (< xamarintvos) (< xamarinwatchos)) (< portable-net45+win8+wpa81)
      System.Resources.ResourceManager (>= 4.3) - restriction: || (&& (< monoandroid) (< monotouch) (< net45) (>= netstandard1.3) (< win8) (< wpa81) (< xamarinios) (< xamarinmac) (< xamarintvos) (< xamarinwatchos)) (< portable-net45+win8+wpa81)
      System.Runtime (>= 4.3) - restriction: || (&& (< monoandroid) (< monotouch) (< net45) (>= netstandard1.3) (< win8) (< wpa81) (< xamarinios) (< xamarinmac) (< xamarintvos) (< xamarinwatchos)) (&& (< monoandroid) (< net45) (>= netstandard1.1) (< netstandard1.3) (< win8) (< wpa81)) (< portable-net45+win8+wpa81)
      System.Runtime.Extensions (>= 4.3) - restriction: || (&& (< monoandroid) (< monotouch) (< net45) (>= netstandard1.3) (< win8) (< wpa81) (< xamarinios) (< xamarinmac) (< xamarintvos) (< xamarinwatchos)) (< portable-net45+win8+wpa81)
      System.Threading (>= 4.3) - restriction: || (&& (< monoandroid) (< monotouch) (< net45) (>= netstandard1.3) (< win8) (< wpa81) (< xamarinios) (< xamarinmac) (< xamarintvos) (< xamarinwatchos)) (< portable-net45+win8+wpa81)
      System.Threading.Tasks (>= 4.3) - restriction: || (&& (< monoandroid) (< monotouch) (< net45) (>= netstandard1.3) (< win8) (< wpa81) (< xamarinios) (< xamarinmac) (< xamarintvos) (< xamarinwatchos)) (&& (< monoandroid) (< net45) (>= netstandard1.1) (< netstandard1.3) (< win8) (< wpa81)) (< portable-net45+win8+wpa81)
    System.Threading.Thread (4.3) - restriction: && (< net45) (>= netstandard1.6) (< netstandard2.0)
      System.Runtime (>= 4.3) - restriction: && (< monoandroid) (< monotouch) (< net46) (>= netstandard1.3) (< xamarinios) (< xamarinmac) (< xamarintvos) (< xamarinwatchos)
    System.Threading.ThreadPool (4.3) - restriction: || (&& (== monoandroid8.1) (>= uap10.0)) (&& (== net471) (>= uap10.0)) (&& (== netcoreapp1.0) (>= uap10.0)) (== uap10.0) (&& (== xamarinios) (>= uap10.0)) (&& (== xamarinmac) (>= uap10.0)) (&& (< net45) (>= netstandard1.6) (< netstandard2.0))
      System.Runtime (>= 4.3) - restriction: && (< monoandroid) (< monotouch) (< net46) (>= netstandard1.3) (< xamarinios) (< xamarinmac) (< xamarintvos) (< xamarinwatchos)
      System.Runtime.Handles (>= 4.3) - restriction: && (< monoandroid) (< monotouch) (< net46) (>= netstandard1.3) (< xamarinios) (< xamarinmac) (< xamarintvos) (< xamarinwatchos)
    System.Threading.Timer (4.3) - restriction: || (&& (== monoandroid8.1) (>= uap10.0)) (&& (== net471) (< netstandard1.3) (>= uap10.0)) (&& (== net471) (< netstandard1.4) (>= uap10.0)) (&& (== net471) (< netstandard1.5) (>= uap10.0)) (&& (== net471) (< netstandard1.6) (>= uap10.0)) (&& (== net471) (< netstandard2.0) (>= uap10.0)) (&& (== netcoreapp1.0) (>= uap10.0)) (== uap10.0) (&& (== xamarinios) (>= uap10.0)) (&& (== xamarinmac) (>= uap10.0)) (&& (< net45) (>= netstandard1.6) (< netstandard2.0)) (&& (< net45) (>= netstandard2.0))
      Microsoft.NETCore.Platforms (>= 1.1) - restriction: || (&& (< monoandroid) (< monotouch) (< net451) (>= netstandard1.2) (< win81) (< wpa81) (< xamarinios) (< xamarinmac) (< xamarintvos) (< xamarinwatchos)) (< portable-net451+win81+wpa81)
      Microsoft.NETCore.Targets (>= 1.1) - restriction: || (&& (< monoandroid) (< monotouch) (< net451) (>= netstandard1.2) (< win81) (< wpa81) (< xamarinios) (< xamarinmac) (< xamarintvos) (< xamarinwatchos)) (< portable-net451+win81+wpa81)
      System.Runtime (>= 4.3) - restriction: || (&& (< monoandroid) (< monotouch) (< net451) (>= netstandard1.2) (< win81) (< wpa81) (< xamarinios) (< xamarinmac) (< xamarintvos) (< xamarinwatchos)) (< portable-net451+win81+wpa81)
    System.ValueTuple (4.5) - restriction: || (&& (>= net45) (< net46) (< netstandard1.6) (>= netstandard2.0)) (&& (< net45) (>= netstandard2.0)) (&& (>= net46) (< netstandard1.6) (>= netstandard2.0)) (&& (>= net47) (>= netstandard2.0))
    System.Xml.ReaderWriter (4.3.1) - restriction: || (&& (== monoandroid8.1) (>= uap10.0)) (&& (== net471) (< netstandard1.2) (>= uap10.0)) (&& (== net471) (< netstandard1.3) (>= uap10.0)) (&& (== net471) (< netstandard1.4) (>= uap10.0)) (&& (== net471) (< netstandard1.5) (>= uap10.0)) (&& (== net471) (< netstandard1.6) (>= uap10.0)) (&& (== net471) (< netstandard2.0) (>= uap10.0)) (&& (== net471) (< portable-net45+win8+wpa81) (>= uap10.0)) (&& (== netcoreapp1.0) (>= uap10.0)) (== uap10.0) (&& (== xamarinios) (>= uap10.0)) (&& (== xamarinmac) (>= uap10.0))
    System.Xml.XDocument (4.3) - restriction: || (&& (== monoandroid8.1) (>= uap10.0)) (&& (== net471) (< netstandard1.2) (>= uap10.0)) (&& (== net471) (< netstandard1.3) (>= uap10.0)) (&& (== net471) (< netstandard1.4) (>= uap10.0)) (&& (== net471) (< netstandard1.5) (>= uap10.0)) (&& (== net471) (< netstandard1.6) (>= uap10.0)) (&& (== net471) (< netstandard2.0) (>= uap10.0)) (&& (== net471) (< portable-net45+win8+wpa81) (>= uap10.0)) (&& (== netcoreapp1.0) (>= uap10.0)) (== uap10.0) (&& (== xamarinios) (>= uap10.0)) (&& (== xamarinmac) (>= uap10.0))
    System.Xml.XmlDocument (4.3) - restriction: || (&& (== monoandroid8.1) (>= uap10.0)) (&& (== monoandroid8.1) (>= uap10.1)) (&& (== net471) (>= uap10.0)) (&& (== net471) (>= uap10.1)) (&& (== netcoreapp1.0) (>= uap10.0)) (&& (== netcoreapp1.0) (>= uap10.1)) (== uap10.0) (&& (== xamarinios) (>= uap10.0)) (&& (== xamarinios) (>= uap10.1)) (&& (== xamarinmac) (>= uap10.0)) (&& (== xamarinmac) (>= uap10.1))
      System.Collections (>= 4.3) - restriction: && (< monoandroid) (< monotouch) (< net46) (>= netstandard1.3) (< xamarinios) (< xamarinmac) (< xamarintvos) (< xamarinwatchos)
      System.Diagnostics.Debug (>= 4.3) - restriction: && (< monoandroid) (< monotouch) (< net46) (>= netstandard1.3) (< xamarinios) (< xamarinmac) (< xamarintvos) (< xamarinwatchos)
      System.Globalization (>= 4.3) - restriction: && (< monoandroid) (< monotouch) (< net46) (>= netstandard1.3) (< xamarinios) (< xamarinmac) (< xamarintvos) (< xamarinwatchos)
      System.IO (>= 4.3) - restriction: && (< monoandroid) (< monotouch) (< net46) (>= netstandard1.3) (< xamarinios) (< xamarinmac) (< xamarintvos) (< xamarinwatchos)
      System.Resources.ResourceManager (>= 4.3) - restriction: && (< monoandroid) (< monotouch) (< net46) (>= netstandard1.3) (< xamarinios) (< xamarinmac) (< xamarintvos) (< xamarinwatchos)
      System.Runtime (>= 4.3) - restriction: && (< monoandroid) (< monotouch) (< net46) (>= netstandard1.3) (< xamarinios) (< xamarinmac) (< xamarintvos) (< xamarinwatchos)
      System.Runtime.Extensions (>= 4.3) - restriction: && (< monoandroid) (< monotouch) (< net46) (>= netstandard1.3) (< xamarinios) (< xamarinmac) (< xamarintvos) (< xamarinwatchos)
      System.Text.Encoding (>= 4.3) - restriction: && (< monoandroid) (< monotouch) (< net46) (>= netstandard1.3) (< xamarinios) (< xamarinmac) (< xamarintvos) (< xamarinwatchos)
      System.Threading (>= 4.3) - restriction: && (< monoandroid) (< monotouch) (< net46) (>= netstandard1.3) (< xamarinios) (< xamarinmac) (< xamarintvos) (< xamarinwatchos)
      System.Xml.ReaderWriter (>= 4.3) - restriction: && (< monoandroid) (< monotouch) (< net46) (>= netstandard1.3) (< xamarinios) (< xamarinmac) (< xamarintvos) (< xamarinwatchos)
    System.Xml.XmlSerializer (4.3) - restriction: || (&& (== monoandroid8.1) (>= uap10.0)) (&& (== monoandroid8.1) (>= uap10.1)) (&& (== net471) (>= uap10.0)) (&& (== net471) (>= uap10.1)) (&& (== netcoreapp1.0) (>= uap10.0)) (&& (== netcoreapp1.0) (>= uap10.1)) (== uap10.0) (&& (== xamarinios) (>= uap10.0)) (&& (== xamarinios) (>= uap10.1)) (&& (== xamarinmac) (>= uap10.0)) (&& (== xamarinmac) (>= uap10.1))
    TaskBuilder.fs (2.0) - restriction: >= netstandard2.0
      FSharp.Core (>= 4.1.17) - restriction: || (&& (>= net45) (< net46) (< netstandard1.6)) (&& (< net45) (>= netstandard1.6)) (&& (>= net46) (< netstandard1.6)) (>= net47)
      NETStandard.Library (>= 1.6.1) - restriction: && (< net45) (>= netstandard1.6)
      System.ValueTuple (>= 4.3.1) - restriction: || (&& (>= net45) (< net46) (< netstandard1.6)) (&& (< net45) (>= netstandard1.6)) (&& (>= net46) (< netstandard1.6)) (>= net47)
    Thoth.Json.Net (1.1) - restriction: >= netstandard2.0
      FSharp.Core (>= 4.3.4) - restriction: || (>= net46) (>= netstandard2.0)
      Newtonsoft.Json (>= 11.0.1) - restriction: || (>= net46) (>= netstandard2.0)
    Xamarin.Android.Arch.Core.Common (1.0.0.1) - restriction: || (== monoandroid8.1) (&& (== net471) (>= monoandroid8.1)) (&& (== netcoreapp1.0) (>= monoandroid8.1)) (&& (== uap10.0) (>= monoandroid8.1)) (&& (== xamarinios) (>= monoandroid8.1)) (&& (== xamarinmac) (>= monoandroid8.1))
      Xamarin.Android.Support.Annotations (>= 27.0.2.1) - restriction: >= monoandroid8.0
    Xamarin.Android.Arch.Lifecycle.Common (1.0.3.1) - restriction: || (== monoandroid8.1) (&& (== net471) (>= monoandroid8.1)) (&& (== netcoreapp1.0) (>= monoandroid8.1)) (&& (== uap10.0) (>= monoandroid8.1)) (&& (== xamarinios) (>= monoandroid8.1)) (&& (== xamarinmac) (>= monoandroid8.1))
      Xamarin.Android.Support.Annotations (>= 27.0.2.1) - restriction: >= monoandroid8.0
    Xamarin.Android.Arch.Lifecycle.Runtime (1.0.3.1) - restriction: || (== monoandroid8.1) (&& (== net471) (>= monoandroid8.1)) (&& (== netcoreapp1.0) (>= monoandroid8.1)) (&& (== uap10.0) (>= monoandroid8.1)) (&& (== xamarinios) (>= monoandroid8.1)) (&& (== xamarinmac) (>= monoandroid8.1))
      Xamarin.Android.Arch.Core.Common (>= 1.0.0.1) - restriction: >= monoandroid8.0
      Xamarin.Android.Arch.Lifecycle.Common (>= 1.0.3.1) - restriction: >= monoandroid8.0
      Xamarin.Android.Support.Annotations (>= 27.0.2.1) - restriction: >= monoandroid8.0
    Xamarin.Android.FSharp.ResourceProvider (1.0.0.25) - restriction: == monoandroid8.1
    Xamarin.Android.Support.Animated.Vector.Drawable (27.0.2.1) - restriction: || (== monoandroid8.1) (&& (== net471) (>= monoandroid8.1)) (&& (== netcoreapp1.0) (>= monoandroid8.1)) (&& (== uap10.0) (>= monoandroid8.1)) (&& (== xamarinios) (>= monoandroid8.1)) (&& (== xamarinmac) (>= monoandroid8.1))
      Xamarin.Android.Support.Vector.Drawable (27.0.2.1) - restriction: >= monoandroid8.1
    Xamarin.Android.Support.Annotations (27.0.2.1) - restriction: || (== monoandroid8.1) (&& (== net471) (>= monoandroid8.1)) (&& (== netcoreapp1.0) (>= monoandroid8.1)) (&& (== uap10.0) (>= monoandroid8.1)) (&& (== xamarinios) (>= monoandroid8.1)) (&& (== xamarinmac) (>= monoandroid8.1))
    Xamarin.Android.Support.Compat (27.0.2.1) - restriction: || (== monoandroid8.1) (&& (== net471) (>= monoandroid8.1)) (&& (== netcoreapp1.0) (>= monoandroid8.1)) (&& (== uap10.0) (>= monoandroid8.1)) (&& (== xamarinios) (>= monoandroid8.1)) (&& (== xamarinmac) (>= monoandroid8.1))
      Xamarin.Android.Arch.Lifecycle.Runtime (>= 1.0.3.1) - restriction: >= monoandroid8.1
      Xamarin.Android.Support.Annotations (27.0.2.1) - restriction: >= monoandroid8.1
    Xamarin.Android.Support.Core.UI (27.0.2.1) - restriction: || (== monoandroid8.1) (&& (== net471) (>= monoandroid8.1)) (&& (== netcoreapp1.0) (>= monoandroid8.1)) (&& (== uap10.0) (>= monoandroid8.1)) (&& (== xamarinios) (>= monoandroid8.1)) (&& (== xamarinmac) (>= monoandroid8.1))
      Xamarin.Android.Support.Compat (27.0.2.1) - restriction: >= monoandroid8.1
    Xamarin.Android.Support.Core.Utils (27.0.2.1) - restriction: || (== monoandroid8.1) (&& (== net471) (>= monoandroid8.1)) (&& (== netcoreapp1.0) (>= monoandroid8.1)) (&& (== uap10.0) (>= monoandroid8.1)) (&& (== xamarinios) (>= monoandroid8.1)) (&& (== xamarinmac) (>= monoandroid8.1))
      Xamarin.Android.Support.Compat (27.0.2.1) - restriction: >= monoandroid8.1
    Xamarin.Android.Support.CustomTabs (27.0.2.1) - restriction: || (== monoandroid8.1) (&& (== net471) (>= monoandroid8.1)) (&& (== netcoreapp1.0) (>= monoandroid8.1)) (&& (== uap10.0) (>= monoandroid8.1)) (&& (== xamarinios) (>= monoandroid8.1)) (&& (== xamarinmac) (>= monoandroid8.1))
      Xamarin.Android.Support.Compat (27.0.2.1) - restriction: >= monoandroid8.1
    Xamarin.Android.Support.Design (27.0.2.1) - restriction: || (== monoandroid8.1) (&& (== net471) (>= monoandroid7.1)) (&& (== netcoreapp1.0) (>= monoandroid7.1)) (&& (== uap10.0) (>= monoandroid7.1)) (&& (== xamarinios) (>= monoandroid7.1)) (&& (== xamarinmac) (>= monoandroid7.1))
      Xamarin.Android.Support.Compat (27.0.2.1) - restriction: >= monoandroid8.1
      Xamarin.Android.Support.Core.UI (27.0.2.1) - restriction: >= monoandroid8.1
      Xamarin.Android.Support.Core.Utils (27.0.2.1) - restriction: >= monoandroid8.1
      Xamarin.Android.Support.Fragment (27.0.2.1) - restriction: >= monoandroid8.1
      Xamarin.Android.Support.Media.Compat (27.0.2.1) - restriction: >= monoandroid8.1
      Xamarin.Android.Support.Transition (27.0.2.1) - restriction: >= monoandroid8.1
      Xamarin.Android.Support.v7.AppCompat (27.0.2.1) - restriction: >= monoandroid8.1
      Xamarin.Android.Support.v7.RecyclerView (27.0.2.1) - restriction: >= monoandroid8.1
    Xamarin.Android.Support.Fragment (27.0.2.1) - restriction: || (== monoandroid8.1) (&& (== net471) (>= monoandroid8.1)) (&& (== netcoreapp1.0) (>= monoandroid8.1)) (&& (== uap10.0) (>= monoandroid8.1)) (&& (== xamarinios) (>= monoandroid8.1)) (&& (== xamarinmac) (>= monoandroid8.1))
      Xamarin.Android.Support.Compat (27.0.2.1) - restriction: >= monoandroid8.1
      Xamarin.Android.Support.Core.UI (27.0.2.1) - restriction: >= monoandroid8.1
      Xamarin.Android.Support.Core.Utils (27.0.2.1) - restriction: >= monoandroid8.1
    Xamarin.Android.Support.Media.Compat (27.0.2.1) - restriction: || (== monoandroid8.1) (&& (== net471) (>= monoandroid8.1)) (&& (== netcoreapp1.0) (>= monoandroid8.1)) (&& (== uap10.0) (>= monoandroid8.1)) (&& (== xamarinios) (>= monoandroid8.1)) (&& (== xamarinmac) (>= monoandroid8.1))
      Xamarin.Android.Support.Compat (27.0.2.1) - restriction: >= monoandroid8.1
    Xamarin.Android.Support.Transition (27.0.2.1) - restriction: || (== monoandroid8.1) (&& (== net471) (>= monoandroid8.1)) (&& (== netcoreapp1.0) (>= monoandroid8.1)) (&& (== uap10.0) (>= monoandroid8.1)) (&& (== xamarinios) (>= monoandroid8.1)) (&& (== xamarinmac) (>= monoandroid8.1))
      Xamarin.Android.Support.Compat (27.0.2.1) - restriction: >= monoandroid8.1
      Xamarin.Android.Support.Core.UI (27.0.2.1) - restriction: >= monoandroid8.1
      Xamarin.Android.Support.Core.Utils (27.0.2.1) - restriction: >= monoandroid8.1
      Xamarin.Android.Support.Fragment (27.0.2.1) - restriction: >= monoandroid8.1
      Xamarin.Android.Support.Media.Compat (27.0.2.1) - restriction: >= monoandroid8.1
    Xamarin.Android.Support.v4 (27.0.2.1) - restriction: || (== monoandroid8.1) (&& (== net471) (>= monoandroid7.1)) (&& (== netcoreapp1.0) (>= monoandroid7.1)) (&& (== uap10.0) (>= monoandroid7.1)) (&& (== xamarinios) (>= monoandroid7.1)) (&& (== xamarinmac) (>= monoandroid7.1))
      Xamarin.Android.Support.Compat (27.0.2.1) - restriction: >= monoandroid8.1
      Xamarin.Android.Support.Core.UI (27.0.2.1) - restriction: >= monoandroid8.1
      Xamarin.Android.Support.Core.Utils (27.0.2.1) - restriction: >= monoandroid8.1
      Xamarin.Android.Support.Fragment (27.0.2.1) - restriction: >= monoandroid8.1
      Xamarin.Android.Support.Media.Compat (27.0.2.1) - restriction: >= monoandroid8.1
    Xamarin.Android.Support.v7.AppCompat (27.0.2.1) - restriction: || (== monoandroid8.1) (&& (== net471) (>= monoandroid8.1)) (&& (== netcoreapp1.0) (>= monoandroid8.1)) (&& (== uap10.0) (>= monoandroid8.1)) (&& (== xamarinios) (>= monoandroid8.1)) (&& (== xamarinmac) (>= monoandroid8.1))
      Xamarin.Android.Support.Animated.Vector.Drawable (27.0.2.1) - restriction: >= monoandroid8.1
      Xamarin.Android.Support.Compat (27.0.2.1) - restriction: >= monoandroid8.1
      Xamarin.Android.Support.Core.UI (27.0.2.1) - restriction: >= monoandroid8.1
      Xamarin.Android.Support.Core.Utils (27.0.2.1) - restriction: >= monoandroid8.1
      Xamarin.Android.Support.Fragment (27.0.2.1) - restriction: >= monoandroid8.1
      Xamarin.Android.Support.Media.Compat (27.0.2.1) - restriction: >= monoandroid8.1
      Xamarin.Android.Support.Vector.Drawable (27.0.2.1) - restriction: >= monoandroid8.1
    Xamarin.Android.Support.v7.CardView (27.0.2.1) - restriction: || (== monoandroid8.1) (&& (== net471) (>= monoandroid7.1)) (&& (== netcoreapp1.0) (>= monoandroid7.1)) (&& (== uap10.0) (>= monoandroid7.1)) (&& (== xamarinios) (>= monoandroid7.1)) (&& (== xamarinmac) (>= monoandroid7.1))
      Xamarin.Android.Support.Annotations (27.0.2.1) - restriction: >= monoandroid8.1
    Xamarin.Android.Support.v7.MediaRouter (27.0.2.1) - restriction: || (== monoandroid8.1) (&& (== net471) (>= monoandroid7.1)) (&& (== netcoreapp1.0) (>= monoandroid7.1)) (&& (== uap10.0) (>= monoandroid7.1)) (&& (== xamarinios) (>= monoandroid7.1)) (&& (== xamarinmac) (>= monoandroid7.1))
      Xamarin.Android.Support.v7.AppCompat (27.0.2.1) - restriction: >= monoandroid8.1
      Xamarin.Android.Support.v7.Palette (27.0.2.1) - restriction: >= monoandroid8.1
    Xamarin.Android.Support.v7.Palette (27.0.2.1) - restriction: || (== monoandroid8.1) (&& (== net471) (>= monoandroid8.1)) (&& (== netcoreapp1.0) (>= monoandroid8.1)) (&& (== uap10.0) (>= monoandroid8.1)) (&& (== xamarinios) (>= monoandroid8.1)) (&& (== xamarinmac) (>= monoandroid8.1))
      Xamarin.Android.Support.Compat (27.0.2.1) - restriction: >= monoandroid8.1
      Xamarin.Android.Support.Core.Utils (27.0.2.1) - restriction: >= monoandroid8.1
    Xamarin.Android.Support.v7.RecyclerView (27.0.2.1) - restriction: || (== monoandroid8.1) (&& (== net471) (>= monoandroid8.1)) (&& (== netcoreapp1.0) (>= monoandroid8.1)) (&& (== uap10.0) (>= monoandroid8.1)) (&& (== xamarinios) (>= monoandroid8.1)) (&& (== xamarinmac) (>= monoandroid8.1))
      Xamarin.Android.Support.Compat (27.0.2.1) - restriction: >= monoandroid8.1
      Xamarin.Android.Support.Core.UI (27.0.2.1) - restriction: >= monoandroid8.1
    Xamarin.Android.Support.Vector.Drawable (27.0.2.1) - restriction: || (== monoandroid8.1) (&& (== net471) (>= monoandroid8.1)) (&& (== netcoreapp1.0) (>= monoandroid8.1)) (&& (== uap10.0) (>= monoandroid8.1)) (&& (== xamarinios) (>= monoandroid8.1)) (&& (== xamarinmac) (>= monoandroid8.1))
      Xamarin.Android.Support.Compat (27.0.2.1) - restriction: >= monoandroid8.1
    Xamarin.Essentials (0.9.1-preview) - restriction: || (== monoandroid8.1) (== net471) (== netcoreapp1.0) (== uap10.0) (== xamarinios) (== xamarinmac)
      NETStandard.Library (>= 1.6.1) - restriction: && (< monoandroid7.1) (>= netstandard1.0) (< netstandard2.0) (< uap10.1) (< xamarinios)
      System.Numerics.Vectors (>= 4.5) - restriction: >= netstandard1.0
      Xamarin.Android.Support.Core.Utils (>= 27.0.2) - restriction: >= monoandroid8.1
      Xamarin.Android.Support.CustomTabs (>= 27.0.2) - restriction: >= monoandroid8.1
    Xamarin.Forms (3.1.0.637273)
      Microsoft.NETCore.UniversalWindowsPlatform (>= 6.0.1) - restriction: >= uap10.0
      NETStandard.Library (>= 2.0.1) - restriction: >= uap10.0
      Xamarin.Android.Support.Design (>= 25.4.0.2) - restriction: >= monoandroid7.1
      Xamarin.Android.Support.v4 (>= 25.4.0.2) - restriction: >= monoandroid7.1
      Xamarin.Android.Support.v7.AppCompat (>= 25.4.0.2) - restriction: >= monoandroid7.1
      Xamarin.Android.Support.v7.CardView (>= 25.4.0.2) - restriction: >= monoandroid7.1
      Xamarin.Android.Support.v7.MediaRouter (>= 25.4.0.2) - restriction: >= monoandroid7.1
    Xamarin.Forms.Platform.GTK (3.1.0.637273) - restriction: == net471
      Xamarin.Forms (>= 3.1.0.637273)
    Xamarin.Plugins.Clipboard (2.2.1)
  remote: https://nuget.yjpark.org/nuget/dap
    Dap.Archive (0.6.0) - restriction: >= netstandard2.0
      Dap.Platform (>= 0.6.4) - restriction: >= netstandard2.0
      Dap.Remote (>= 0.6) - restriction: >= netstandard2.0
      FSharp.Core (>= 4.5) - restriction: >= netstandard2.0
    Dap.Forms (0.6.0)
      Dap.Archive (>= 0.6) - restriction: >= netstandard2.0
      Elmish.XamarinForms (>= 0.15.2) - restriction: >= netstandard2.0
    Dap.Platform (0.6.4) - restriction: >= netstandard2.0
      Dap.Prelude (>= 0.6) - restriction: >= netstandard2.0
      Elmish (>= 1.0.3) - restriction: >= netstandard2.0
      NodaTime (>= 2.3) - restriction: >= netstandard2.0
      TaskBuilder.fs (>= 2.0) - restriction: >= netstandard2.0
    Dap.Prelude (0.6.0) - restriction: >= netstandard2.0
      FSharp.Core (>= 4.5) - restriction: >= netstandard2.0
      Serilog (>= 2.7.1) - restriction: >= netstandard2.0
      Serilog.Enrichers.Thread (>= 3.0) - restriction: >= netstandard2.0
      Serilog.Formatting.Compact (>= 1.0) - restriction: >= netstandard2.0
      Serilog.Sinks.Console (>= 3.1.1) - restriction: >= netstandard2.0
      Serilog.Sinks.File (>= 4.0) - restriction: >= netstandard2.0
      Serilog.Sinks.Seq (>= 4.0) - restriction: >= netstandard2.0
    Dap.Remote (0.6.0) - restriction: >= netstandard2.0
      Dap.Platform (>= 0.6.4) - restriction: >= netstandard2.0
      Dap.WebSocket (>= 0.6) - restriction: >= netstandard2.0
      Fable.JsonConverter (>= 1.0.8) - restriction: >= netstandard2.0
      Thoth.Json.Net (>= 1.0) - restriction: >= netstandard2.0
    Dap.Remote.FSharpData (0.6.0)
      Dap.Remote (>= 0.6) - restriction: >= netstandard2.0
      FSharp.Data (>= 3.0.0-beta3) - restriction: >= netstandard2.0
    Dap.WebSocket (0.6.0) - restriction: >= netstandard2.0
      Dap.Platform (>= 0.6.4) - restriction: >= netstandard2.0
      FSharp.Core (>= 4.5) - restriction: >= netstandard2.0

GROUP Build
STORAGE: NONE
RESTRICTION: == netstandard2.0
NUGET
  remote: https://nuget.yjpark.org/nuget/dap
    Dap.Build (0.6.3)
      Fake.Core.Process (>= 5.1)
      Fake.Core.ReleaseNotes (>= 5.1)
      Fake.Core.String (>= 5.1)
      Fake.Core.Target (>= 5.1)
      Fake.DotNet.Cli (>= 5.1)
      Fake.DotNet.NuGet (>= 5.1)
      Fake.IO.FileSystem (>= 5.1)
      Fake.IO.Zip (>= 5.1)
      Fake.Net.Http (>= 5.1)
      Fake.Tools.Git (>= 5.1)
      FSharp.Core (>= 4.5)
  remote: https://www.nuget.org/api/v2
    dotnet-sourcelink (2.8.3) - clitool: true
    Fake.Core.CommandLineParsing (5.2)
      FParsec (>= 1.0.3)
      FSharp.Core (>= 4.3.4)
    Fake.Core.Context (5.2)
      FSharp.Core (>= 4.3.4)
    Fake.Core.Environment (5.2)
      FSharp.Core (>= 4.3.4)
    Fake.Core.FakeVar (5.2)
      Fake.Core.Context (>= 5.2)
      FSharp.Core (>= 4.3.4)
    Fake.Core.Process (5.2)
      Fake.Core.Environment (>= 5.2)
      Fake.Core.FakeVar (>= 5.2)
      Fake.Core.String (>= 5.2)
      Fake.Core.Trace (>= 5.2)
      Fake.IO.FileSystem (>= 5.2)
      FSharp.Core (>= 4.3.4)
      System.Diagnostics.Process (>= 4.3)
    Fake.Core.ReleaseNotes (5.2)
      Fake.Core.SemVer (>= 5.2)
      Fake.Core.String (>= 5.2)
      FSharp.Core (>= 4.3.4)
    Fake.Core.SemVer (5.2)
      FSharp.Core (>= 4.3.4)
      System.Runtime.Numerics (>= 4.3)
    Fake.Core.String (5.2)
      FSharp.Core (>= 4.3.4)
    Fake.Core.Target (5.2)
      Fake.Core.CommandLineParsing (>= 5.2)
      Fake.Core.Context (>= 5.2)
      Fake.Core.Environment (>= 5.2)
      Fake.Core.FakeVar (>= 5.2)
      Fake.Core.Process (>= 5.2)
      Fake.Core.String (>= 5.2)
      Fake.Core.Trace (>= 5.2)
      FSharp.Control.Reactive (>= 4.1)
      FSharp.Core (>= 4.3.4)
      System.Reactive.Compatibility (>= 4.0)
    Fake.Core.Tasks (5.2)
      Fake.Core.Trace (>= 5.2)
      FSharp.Core (>= 4.3.4)
    Fake.Core.Trace (5.2)
      Fake.Core.Environment (>= 5.2)
      Fake.Core.FakeVar (>= 5.2)
      FSharp.Core (>= 4.3.4)
    Fake.Core.Xml (5.2)
      Fake.Core.String (>= 5.2)
      FSharp.Core (>= 4.3.4)
      System.Xml.ReaderWriter (>= 4.3.1)
      System.Xml.XDocument (>= 4.3)
      System.Xml.XPath (>= 4.3)
      System.Xml.XPath.XDocument (>= 4.3)
      System.Xml.XPath.XmlDocument (>= 4.3)
    Fake.DotNet.Cli (5.2)
      Fake.Core.Environment (>= 5.2)
      Fake.Core.Process (>= 5.2)
      Fake.Core.String (>= 5.2)
      Fake.Core.Trace (>= 5.2)
      Fake.IO.FileSystem (>= 5.2)
      FSharp.Core (>= 4.3.4)
      Newtonsoft.Json (>= 11.0.2)
    Fake.DotNet.NuGet (5.2)
      Fake.Core.Environment (>= 5.2)
      Fake.Core.Process (>= 5.2)
      Fake.Core.SemVer (>= 5.2)
      Fake.Core.String (>= 5.2)
      Fake.Core.Tasks (>= 5.2)
      Fake.Core.Trace (>= 5.2)
      Fake.Core.Xml (>= 5.2)
      Fake.IO.FileSystem (>= 5.2)
      FSharp.Core (>= 4.3.4)
      Newtonsoft.Json (>= 11.0.2)
    Fake.IO.FileSystem (5.2)
      Fake.Core.String (>= 5.2)
      FSharp.Core (>= 4.3.4)
      System.Diagnostics.FileVersionInfo (>= 4.3)
      System.IO.FileSystem.Watcher (>= 4.3)
    Fake.IO.Zip (5.2)
      Fake.Core.String (>= 5.2)
      Fake.IO.FileSystem (>= 5.2)
      FSharp.Core (>= 4.3.4)
      System.IO.Compression (>= 4.3)
      System.IO.Compression.ZipFile (>= 4.3)
    Fake.Net.Http (5.2)
      Fake.Core.Trace (>= 5.2)
      FSharp.Core (>= 4.3.4)
    Fake.Tools.Git (5.2)
      Fake.Core.Environment (>= 5.2)
      Fake.Core.Process (>= 5.2)
      Fake.Core.SemVer (>= 5.2)
      Fake.Core.String (>= 5.2)
      Fake.Core.Trace (>= 5.2)
      Fake.IO.FileSystem (>= 5.2)
      FSharp.Core (>= 4.3.4)
    FParsec (1.0.3)
      FSharp.Core (>= 4.2.3)
      NETStandard.Library (>= 1.6.1)
    FSharp.Control.Reactive (4.1)
      FSharp.Core (>= 4.2.3)
      System.Reactive (>= 4.0)
    FSharp.Core (4.5.1)
    Microsoft.Build.Tasks.Git (1.0.0-beta-62925-02)
    Microsoft.NETCore.Platforms (2.1)
    Microsoft.NETCore.Targets (2.1)
    Microsoft.SourceLink.Common (1.0.0-beta-62925-02)
    Microsoft.SourceLink.GitHub (1.0.0-beta-62925-02)
      Microsoft.Build.Tasks.Git (>= 1.0.0-beta-62925-02)
      Microsoft.SourceLink.Common (>= 1.0.0-beta-62925-02)
    Microsoft.Win32.Primitives (4.3)
      Microsoft.NETCore.Platforms (>= 1.1)
      Microsoft.NETCore.Targets (>= 1.1)
      System.Runtime (>= 4.3)
    Microsoft.Win32.Registry (4.5)
      System.Buffers (>= 4.4)
      System.Memory (>= 4.5)
      System.Security.AccessControl (>= 4.5)
      System.Security.Principal.Windows (>= 4.5)
    NETStandard.Library (2.0.3)
      Microsoft.NETCore.Platforms (>= 1.1)
    Newtonsoft.Json (11.0.2)
    runtime.native.System (4.3.1)
      Microsoft.NETCore.Platforms (>= 1.1.1)
      Microsoft.NETCore.Targets (>= 1.1.3)
    runtime.native.System.IO.Compression (4.3.2)
      Microsoft.NETCore.Platforms (>= 1.1.1)
      Microsoft.NETCore.Targets (>= 1.1.3)
    System.Buffers (4.5)
    System.Collections (4.3)
      Microsoft.NETCore.Platforms (>= 1.1)
      Microsoft.NETCore.Targets (>= 1.1)
      System.Runtime (>= 4.3)
    System.Collections.Immutable (1.5)
    System.Diagnostics.Debug (4.3)
      Microsoft.NETCore.Platforms (>= 1.1)
      Microsoft.NETCore.Targets (>= 1.1)
      System.Runtime (>= 4.3)
    System.Diagnostics.FileVersionInfo (4.3)
      Microsoft.NETCore.Platforms (>= 1.1)
      System.Globalization (>= 4.3)
      System.IO (>= 4.3)
      System.IO.FileSystem (>= 4.3)
      System.IO.FileSystem.Primitives (>= 4.3)
      System.Reflection.Metadata (>= 1.4.1)
      System.Runtime (>= 4.3)
      System.Runtime.Extensions (>= 4.3)
      System.Runtime.InteropServices (>= 4.3)
    System.Diagnostics.Process (4.3)
      Microsoft.NETCore.Platforms (>= 1.1)
      Microsoft.Win32.Primitives (>= 4.3)
      Microsoft.Win32.Registry (>= 4.3)
      runtime.native.System (>= 4.3)
      System.Collections (>= 4.3)
      System.Diagnostics.Debug (>= 4.3)
      System.Globalization (>= 4.3)
      System.IO (>= 4.3)
      System.IO.FileSystem (>= 4.3)
      System.IO.FileSystem.Primitives (>= 4.3)
      System.Resources.ResourceManager (>= 4.3)
      System.Runtime (>= 4.3)
      System.Runtime.Extensions (>= 4.3)
      System.Runtime.Handles (>= 4.3)
      System.Runtime.InteropServices (>= 4.3)
      System.Text.Encoding (>= 4.3)
      System.Text.Encoding.Extensions (>= 4.3)
      System.Threading (>= 4.3)
      System.Threading.Tasks (>= 4.3)
      System.Threading.Thread (>= 4.3)
      System.Threading.ThreadPool (>= 4.3)
    System.Diagnostics.Tools (4.3)
      Microsoft.NETCore.Platforms (>= 1.1)
      Microsoft.NETCore.Targets (>= 1.1)
      System.Runtime (>= 4.3)
    System.Globalization (4.3)
      Microsoft.NETCore.Platforms (>= 1.1)
      Microsoft.NETCore.Targets (>= 1.1)
      System.Runtime (>= 4.3)
    System.IO (4.3)
      Microsoft.NETCore.Platforms (>= 1.1)
      Microsoft.NETCore.Targets (>= 1.1)
      System.Runtime (>= 4.3)
      System.Text.Encoding (>= 4.3)
      System.Threading.Tasks (>= 4.3)
    System.IO.Compression (4.3)
      Microsoft.NETCore.Platforms (>= 1.1)
      runtime.native.System (>= 4.3)
      runtime.native.System.IO.Compression (>= 4.3)
      System.Buffers (>= 4.3)
      System.Collections (>= 4.3)
      System.Diagnostics.Debug (>= 4.3)
      System.IO (>= 4.3)
      System.Resources.ResourceManager (>= 4.3)
      System.Runtime (>= 4.3)
      System.Runtime.Extensions (>= 4.3)
      System.Runtime.Handles (>= 4.3)
      System.Runtime.InteropServices (>= 4.3)
      System.Text.Encoding (>= 4.3)
      System.Threading (>= 4.3)
      System.Threading.Tasks (>= 4.3)
    System.IO.Compression.ZipFile (4.3)
      System.Buffers (>= 4.3)
      System.IO (>= 4.3)
      System.IO.Compression (>= 4.3)
      System.IO.FileSystem (>= 4.3)
      System.IO.FileSystem.Primitives (>= 4.3)
      System.Resources.ResourceManager (>= 4.3)
      System.Runtime (>= 4.3)
      System.Runtime.Extensions (>= 4.3)
      System.Text.Encoding (>= 4.3)
    System.IO.FileSystem (4.3)
      Microsoft.NETCore.Platforms (>= 1.1)
      Microsoft.NETCore.Targets (>= 1.1)
      System.IO (>= 4.3)
      System.IO.FileSystem.Primitives (>= 4.3)
      System.Runtime (>= 4.3)
      System.Runtime.Handles (>= 4.3)
      System.Text.Encoding (>= 4.3)
      System.Threading.Tasks (>= 4.3)
    System.IO.FileSystem.Primitives (4.3)
      System.Runtime (>= 4.3)
    System.IO.FileSystem.Watcher (4.3)
      Microsoft.NETCore.Platforms (>= 1.1)
      Microsoft.Win32.Primitives (>= 4.3)
      runtime.native.System (>= 4.3)
      System.Collections (>= 4.3)
      System.IO.FileSystem (>= 4.3)
      System.IO.FileSystem.Primitives (>= 4.3)
      System.Resources.ResourceManager (>= 4.3)
      System.Runtime (>= 4.3)
      System.Runtime.Extensions (>= 4.3)
      System.Runtime.Handles (>= 4.3)
      System.Runtime.InteropServices (>= 4.3)
      System.Text.Encoding (>= 4.3)
      System.Threading (>= 4.3)
      System.Threading.Overlapped (>= 4.3)
      System.Threading.Tasks (>= 4.3)
      System.Threading.Thread (>= 4.3)
    System.Linq (4.3)
      System.Collections (>= 4.3)
      System.Diagnostics.Debug (>= 4.3)
      System.Resources.ResourceManager (>= 4.3)
      System.Runtime (>= 4.3)
      System.Runtime.Extensions (>= 4.3)
    System.Memory (4.5.1)
      System.Buffers (>= 4.4)
      System.Numerics.Vectors (>= 4.4)
      System.Runtime.CompilerServices.Unsafe (>= 4.5)
    System.Numerics.Vectors (4.5)
    System.Reactive (4.0)
      System.Runtime.InteropServices.WindowsRuntime (>= 4.3)
    System.Reactive.Compatibility (4.0)
      System.Reactive.Core (>= 4.0)
      System.Reactive.Interfaces (>= 4.0)
      System.Reactive.Linq (>= 4.0)
      System.Reactive.PlatformServices (>= 4.0)
      System.Reactive.Providers (>= 4.0)
    System.Reactive.Core (4.0)
      System.Reactive (>= 4.0)
    System.Reactive.Interfaces (4.0)
      System.Reactive (>= 4.0)
    System.Reactive.Linq (4.0)
      System.Reactive (>= 4.0)
    System.Reactive.PlatformServices (4.0)
      System.Reactive (>= 4.0)
    System.Reactive.Providers (4.0)
      System.Reactive (>= 4.0)
    System.Reflection (4.3)
      Microsoft.NETCore.Platforms (>= 1.1)
      Microsoft.NETCore.Targets (>= 1.1)
      System.IO (>= 4.3)
      System.Reflection.Primitives (>= 4.3)
      System.Runtime (>= 4.3)
    System.Reflection.Metadata (1.6)
      System.Collections.Immutable (>= 1.5)
    System.Reflection.Primitives (4.3)
      Microsoft.NETCore.Platforms (>= 1.1)
      Microsoft.NETCore.Targets (>= 1.1)
      System.Runtime (>= 4.3)
    System.Resources.ResourceManager (4.3)
      Microsoft.NETCore.Platforms (>= 1.1)
      Microsoft.NETCore.Targets (>= 1.1)
      System.Globalization (>= 4.3)
      System.Reflection (>= 4.3)
      System.Runtime (>= 4.3)
    System.Runtime (4.3)
      Microsoft.NETCore.Platforms (>= 1.1)
      Microsoft.NETCore.Targets (>= 1.1)
    System.Runtime.CompilerServices.Unsafe (4.5.1)
    System.Runtime.Extensions (4.3)
      Microsoft.NETCore.Platforms (>= 1.1)
      Microsoft.NETCore.Targets (>= 1.1)
      System.Runtime (>= 4.3)
    System.Runtime.Handles (4.3)
      Microsoft.NETCore.Platforms (>= 1.1)
      Microsoft.NETCore.Targets (>= 1.1)
      System.Runtime (>= 4.3)
    System.Runtime.InteropServices (4.3)
      Microsoft.NETCore.Platforms (>= 1.1)
      Microsoft.NETCore.Targets (>= 1.1)
      System.Reflection (>= 4.3)
      System.Reflection.Primitives (>= 4.3)
      System.Runtime (>= 4.3)
      System.Runtime.Handles (>= 4.3)
    System.Runtime.InteropServices.WindowsRuntime (4.3)
      System.Runtime (>= 4.3)
    System.Runtime.Numerics (4.3)
      System.Globalization (>= 4.3)
      System.Resources.ResourceManager (>= 4.3)
      System.Runtime (>= 4.3)
      System.Runtime.Extensions (>= 4.3)
    System.Security.AccessControl (4.5)
      System.Security.Principal.Windows (>= 4.5)
    System.Security.Principal.Windows (4.5)
    System.Text.Encoding (4.3)
      Microsoft.NETCore.Platforms (>= 1.1)
      Microsoft.NETCore.Targets (>= 1.1)
      System.Runtime (>= 4.3)
    System.Text.Encoding.Extensions (4.3)
      Microsoft.NETCore.Platforms (>= 1.1)
      Microsoft.NETCore.Targets (>= 1.1)
      System.Runtime (>= 4.3)
      System.Text.Encoding (>= 4.3)
    System.Text.RegularExpressions (4.3)
      System.Collections (>= 4.3)
      System.Globalization (>= 4.3)
      System.Resources.ResourceManager (>= 4.3)
      System.Runtime (>= 4.3)
      System.Runtime.Extensions (>= 4.3)
      System.Threading (>= 4.3)
    System.Threading (4.3)
      System.Runtime (>= 4.3)
      System.Threading.Tasks (>= 4.3)
    System.Threading.Overlapped (4.3)
      Microsoft.NETCore.Platforms (>= 1.1)
      System.Resources.ResourceManager (>= 4.3)
      System.Runtime (>= 4.3)
      System.Runtime.Handles (>= 4.3)
    System.Threading.Tasks (4.3)
      Microsoft.NETCore.Platforms (>= 1.1)
      Microsoft.NETCore.Targets (>= 1.1)
      System.Runtime (>= 4.3)
    System.Threading.Tasks.Extensions (4.5.1)
      System.Runtime.CompilerServices.Unsafe (>= 4.5)
    System.Threading.Thread (4.3)
      System.Runtime (>= 4.3)
    System.Threading.ThreadPool (4.3)
      System.Runtime (>= 4.3)
      System.Runtime.Handles (>= 4.3)
    System.Xml.ReaderWriter (4.3.1)
      System.Collections (>= 4.3)
      System.Diagnostics.Debug (>= 4.3)
      System.Globalization (>= 4.3)
      System.IO (>= 4.3)
      System.IO.FileSystem (>= 4.3)
      System.IO.FileSystem.Primitives (>= 4.3)
      System.Resources.ResourceManager (>= 4.3)
      System.Runtime (>= 4.3)
      System.Runtime.Extensions (>= 4.3)
      System.Runtime.InteropServices (>= 4.3)
      System.Text.Encoding (>= 4.3)
      System.Text.Encoding.Extensions (>= 4.3)
      System.Text.RegularExpressions (>= 4.3)
      System.Threading.Tasks (>= 4.3)
      System.Threading.Tasks.Extensions (>= 4.3)
    System.Xml.XDocument (4.3)
      System.Collections (>= 4.3)
      System.Diagnostics.Debug (>= 4.3)
      System.Diagnostics.Tools (>= 4.3)
      System.Globalization (>= 4.3)
      System.IO (>= 4.3)
      System.Reflection (>= 4.3)
      System.Resources.ResourceManager (>= 4.3)
      System.Runtime (>= 4.3)
      System.Runtime.Extensions (>= 4.3)
      System.Text.Encoding (>= 4.3)
      System.Threading (>= 4.3)
      System.Xml.ReaderWriter (>= 4.3)
    System.Xml.XmlDocument (4.3)
      System.Collections (>= 4.3)
      System.Diagnostics.Debug (>= 4.3)
      System.Globalization (>= 4.3)
      System.IO (>= 4.3)
      System.Resources.ResourceManager (>= 4.3)
      System.Runtime (>= 4.3)
      System.Runtime.Extensions (>= 4.3)
      System.Text.Encoding (>= 4.3)
      System.Threading (>= 4.3)
      System.Xml.ReaderWriter (>= 4.3)
    System.Xml.XPath (4.3)
      System.Collections (>= 4.3)
      System.Diagnostics.Debug (>= 4.3)
      System.Globalization (>= 4.3)
      System.IO (>= 4.3)
      System.Resources.ResourceManager (>= 4.3)
      System.Runtime (>= 4.3)
      System.Runtime.Extensions (>= 4.3)
      System.Threading (>= 4.3)
      System.Xml.ReaderWriter (>= 4.3)
    System.Xml.XPath.XDocument (4.3)
      System.Diagnostics.Debug (>= 4.3)
      System.Linq (>= 4.3)
      System.Resources.ResourceManager (>= 4.3)
      System.Runtime (>= 4.3)
      System.Runtime.Extensions (>= 4.3)
      System.Threading (>= 4.3)
      System.Xml.ReaderWriter (>= 4.3)
      System.Xml.XDocument (>= 4.3)
      System.Xml.XPath (>= 4.3)
    System.Xml.XPath.XmlDocument (4.3)
      System.Collections (>= 4.3)
      System.Globalization (>= 4.3)
      System.IO (>= 4.3)
      System.Resources.ResourceManager (>= 4.3)
      System.Runtime (>= 4.3)
      System.Runtime.Extensions (>= 4.3)
      System.Threading (>= 4.3)
      System.Xml.ReaderWriter (>= 4.3)
      System.Xml.XmlDocument (>= 4.3)
      System.Xml.XPath (>= 4.3)
